{
  "AcquisitionMatrixPE": 256,
  "AcquisitionNumber": 1,
  "AcquisitionTime": "08:37:2.000000",
  "BodyPartExamined": "BRAIN",
  "CoilString": "32Ch_Head",
  "ConversionSoftware": "dcm2niix",
  "ConversionSoftwareVersion": "v1.0.20190410  GCC6.3.0",
  "DeviceSerialNumber": "000301496MR3T6MR",
  "EchoTime": 0.015288,
  "EchoTrainLength": 2,
  "FlipAngle": 111,
  "ImageOrientationPatientDICOM": [0, 1, 0, 0, 0, -1],
  "ImageType": [
    "ORIGINAL",
    "PRIMARY",
    "OTHER"
],
  "ImagingFrequency": 127.698,
  "InPlanePhaseEncodingDirectionDICOM": "ROW",
  "InstitutionName": "NIH_FMRIF",
  "MRAcquisitionType": "2D",
  "MagneticFieldStrength": 3,
  "Manufacturer": "GE",
  "ManufacturersModelName": "DISCOVERY_MR750",
  "Modality": "MR",
  "PartialFourier": 0.0078125,
  "PatientPosition": "HFS",
  "PercentPhaseFOV": 100,
  "PhaseEncodingAxis": "i",
  "PixelBandwidth": 97.6562,
  "ProcedureStepDescription": "MRI_Brain",
  "ProtocolName": "Sag_T1_FSE",
  "ReconMatrixPE": 512,
  "RepetitionTime": 0.663,
  "SAR": 0.5383,
  "ScanOptions": "FAST_GEMS_EDR_GEMS_TRF_GEMS_FILTERED_GEMS_FSS_GEMS",
  "ScanningSequence": "SE",
  "SequenceVariant": "SK",
  "SeriesDescription": "Sag_T1_FSE",
  "SeriesNumber": 2,
  "SliceThickness": 5,
  "SoftwareVersions": "27_LX_MR_Software_release:DV26.0_EB_1707.b",
  "SpacingBetweenSlices": 5,
  "StationName": "fmrif3tb",
  "dcmmeta_affine": [
    [0.0, 0.0, 5.0, -78.05280303955078],
    [-0.46880000829696655, 0.0, 0.0, 156.16700744628906],
    [0.0, 0.46880000829696655, 0.0, -129.25979614257812],
    [0.0, 0.0, 0.0, 1.0]
],
  "dcmmeta_reorient_transform": [
    [0.0, -1.0, 0.0, 511.0],
    [1.0, 0.0, 0.0, 0.0],
    [0.0, 0.0, -1.0, 31.0],
    [0.0, 0.0, 0.0, 1.0]
],
  "dcmmeta_shape": [512, 512, 32],
  "dcmmeta_slice_dim": 2,
  "dcmmeta_version": 0.6,
  "global": {
    "const": {
      "AccessionNumber": "MR5000513882",
      "AcquisitionMatrix": [0, 512, 256, 0],
      "AcquisitionNumber": 1,
      "AcquisitionTime": "083702",
      "AnatomicRegionSequence": [
        {
          "CodeMeaning": "Brain",
          "CodeValue": "T-A0100",
          "CodingSchemeDesignator": "SRT",
          "GroupLength": 42}
],
      "AngioFlag": "N",
      "BeatRejectionFlag": "Y",
      "BitsAllocated": 16,
      "BitsStored": 16,
      "BodyPartExamined": "BRAIN",
      "CardiacNumberOfImages": 0,
      "Columns": 512,
      "ContentTime": "083702",
      "EchoNumbers": 1,
      "EchoTime": 15.288,
      "EchoTrainLength": 2,
      "FlipAngle": 111.0,
      "GroupLength_0X10_0X0": 118,
      "GroupLength_0X18_0X0": 518,
      "GroupLength_0X28_0X0": 156,
      "GroupLength_0X40_0X0": 300,
      "GroupLength_0X7FE0_0X0": 524300,
      "GroupLength_0X8_0X0": 1026,
      "HeartRate": 0,
      "HighBit": 15,
      "ImageOrientationPatient": [-0.0, 1.0, 0.0, -0.0, -0.0, -1.0],
      "ImageType": [
        "ORIGINAL",
        "PRIMARY",
        "OTHER"
],
      "ImagedNucleus": "1H",
      "ImagesInAcquisition": 32,
      "ImagingFrequency": 127.697587,
      "InPlanePhaseEncodingDirection": "ROW",
      "MRAcquisitionType": "2D",
      "MagneticFieldStrength": 3.0,
      "Manufacturer": "GE MEDICAL SYSTEMS",
      "ManufacturerModelName": "DISCOVERY MR750",
      "Modality": "MR",
      "NumberOfAverages": 1.0,
      "PercentPhaseFieldOfView": 100.0,
      "PercentSampling": 100.0,
      "PerformedLocation": "FMRI",
      "PerformedProcedureStepStartTime": "082918",
      "PhotometricInterpretation": "MONOCHROME2",
      "PixelBandwidth": 97.6562,
      "PixelRepresentation": 1,
      "PixelSpacing": [0.4688, 0.4688],
      "ProtocolName": "FMRIF - Clinical 32Ch Br",
      "ReceiveCoilName": "32Ch Head",
      "ReconstructionDiameter": 240.0,
      "ReferencedPerformedProcedureStepSequence": [
        {
          "GroupLength": 100,
          "ReferencedSOPClassUID": "1.2.840.10008.3.1.2.3.3",
          "ReferencedSOPInstanceUID": "1.2.840.113619.6.408.229737281803187592856071546278997160342"}
],
      "ReferencedStudySequence": [
        {
          "GroupLength": 86,
          "ReferencedSOPClassUID": "1.2.840.10008.3.1.2.3.1",
          "ReferencedSOPInstanceUID": "1.2.840.113564.9.1.2787814059.53.2.5000513882"}
],
      "RepetitionTime": 663.0,
      "RequestAttributesSequence": [
        {
          "GroupLength_0X32_0X0": 18,
          "GroupLength_0X40_0X0": 140,
          "RequestedProcedureDescription": "MRI Brain",
          "RequestedProcedureID": "4000547482",
          "ScheduledProcedureStepDescription": "MRI Brain",
          "ScheduledProcedureStepID": "5000513882",
          "ScheduledProtocolCodeSequence": [
            {
              "CodeMeaning": "MRI Brain",
              "CodeValue": "MI01417",
              "CodingSchemeDesignator": "USA Standard",
              "GroupLength": 54}
]
        }
],
      "Rows": 512,
      "SAR": 0.5383,
      "SamplesPerPixel": 1,
      "ScanOptions": [
        "FAST_GEMS",
        "EDR_GEMS",
        "TRF_GEMS",
        "FILTERED_GEMS",
        "FSS_GEMS"
],
      "ScanningSequence": "SE",
      "SequenceVariant": "SK",
      "SeriesDescription": "Sag T1 FSE",
      "SeriesNumber": 2,
      "SeriesTime": "083702",
      "SliceThickness": 5.0,
      "SmallestImagePixelValue": 0,
      "SoftwareVersions": [
 "27",
        "LX",
        "MR Software release:DV26.0_EB_1707.b"
],
      "SpacingBetweenSlices": 5.0,
      "SpecificCharacterSet": "ISO_IR 100",
      "StackID": "1",
      "StudyID": "25574",
      "StudyTime": "083435",
      "TriggerWindow": 0,
      "VariableFlipAngleFlag": "N"
    },
    "slices": {
      "GroupLength_0X20_0X0": [354, 354, 354, 354, 354, 354, 354, 354, 354, 354, 354, 354, 354, 354, 354, 354, 356, 356, 356, 356, 356, 356, 356, 356, 356, 356, 356, 356, 356, 356, 356, 356],
      "ImagePositionPatient": [
        [78.0528, -156.167, 110.297],
        [73.0528, -156.167, 110.297],
        [68.0528, -156.167, 110.297],
        [63.0528, -156.167, 110.297],
        [58.0528, -156.167, 110.297],
        [53.0528, -156.167, 110.297],
        [48.0528, -156.167, 110.297],
        [43.0528, -156.167, 110.297],
        [38.0528, -156.167, 110.297],
        [33.0528, -156.167, 110.297],
        [28.0528, -156.167, 110.297],
        [23.0528, -156.167, 110.297],
        [18.0528, -156.167, 110.297],
        [13.0528, -156.167, 110.297],
        [8.05285, -156.167, 110.297],
        [3.05285, -156.167, 110.297],
        [-1.94715, -156.167, 110.297],
        [-6.94715, -156.167, 110.297],
        [-11.9472, -156.167, 110.297],
        [-16.9472, -156.167, 110.297],
        [-21.9472, -156.167, 110.297],
        [-26.9472, -156.167, 110.297],
        [-31.9472, -156.167, 110.297],
        [-36.9472, -156.167, 110.297],
        [-41.9472, -156.167, 110.297],
        [-46.9472, -156.167, 110.297],
        [-51.9472, -156.167, 110.297],
        [-56.9472, -156.167, 110.297],
        [-61.9472, -156.167, 110.297],
        [-66.9472, -156.167, 110.297],
        [-71.9472, -156.167, 110.297],
        [-76.9472, -156.167, 110.297]
],
      "InStackPositionNumber": [32, 31, 30, 29, 28, 27, 26, 25, 24, 23, 22, 21, 20, 19, 18, 17, 16, 15, 14, 13, 12, 11, 10, 9, 8, 7, 6, 5, 4, 3, 2, 1],
      "InstanceNumber": [32, 31, 30, 29, 28, 27, 26, 25, 24, 23, 22, 21, 20, 19, 18, 17, 16, 15, 14, 13, 12, 11, 10, 9, 8, 7, 6, 5, 4, 3, 2, 1],
      "LargestImagePixelValue": [336, 1271, 1684, 1777, 1509, 1571, 1823, 1940, 2049, 1864, 2066, 2086, 2156, 2378, 2922, 2662, 2299, 2236, 2015, 1923, 1884, 1873, 1851, 1921, 1822, 1604, 1754, 1946, 1751, 1648, 1313, 259],
      "SliceLocation": [-78.05284882, -73.05284882, -68.05284882, -63.05284882, -58.05284882, -53.05284882, -48.05284882, -43.05284882, -38.05284882, -33.05284882, -28.05284882, -23.05284882, -18.05284882, -13.05284882, -8.052848816, -3.052848816, 1.947151184, 6.947151184, 11.94715118, 16.94715118, 21.94715118, 26.94715118, 31.94715118, 36.94715118, 41.94715118, 46.94715118, 51.94715118, 56.94715118, 61.94715118, 66.94715118, 71.94715118, 76.94715118],
      "WindowCenter": [168.0, 635.0, 842.0, 888.0, 754.0, 785.0, 911.0, 970.0, 1024.0, 932.0, 1033.0, 1043.0, 1078.0, 1189.0, 1461.0, 1331.0, 1149.0, 1118.0, 1007.0, 961.0, 942.0, 936.0, 925.0, 960.0, 911.0, 802.0, 877.0, 973.0, 875.0, 824.0, 656.0, 129.0],
      "WindowWidth": [336.0, 1271.0, 1684.0, 1777.0, 1509.0, 1571.0, 1823.0, 1940.0, 2049.0, 1864.0, 2066.0, 2086.0, 2156.0, 2378.0, 2922.0, 2662.0, 2299.0, 2236.0, 2015.0, 1923.0, 1884.0, 1873.0, 1851.0, 1921.0, 1822.0, 1604.0, 1754.0, 1946.0, 1751.0, 1648.0, 1313.0, 259.0]
    }
  }
}