{
  "AcquisitionMatrixPE": 256,
  "AcquisitionNumber": 1,
  "AcquisitionTime": "08:47:3.000000",
  "BodyPartExamined": "BRAIN",
  "CoilString": "32Ch_Head",
  "ConversionSoftware": "dcm2niix",
  "ConversionSoftwareVersion": "v1.0.20190410  GCC6.3.0",
  "DeviceSerialNumber": "000301496MR3T6MR",
  "EchoTime": 0.09688,
  "EchoTrainLength": 24,
  "FlipAngle": 111,
  "ImageOrientationPatientDICOM": [0.999471, 0, 0.0325107, 0.00226765, 0.997564, -0.0697145],
  "ImageType": [
    "ORIGINAL",
    "PRIMARY",
    "OTHER"
],
  "ImagingFrequency": 127.698,
  "InPlanePhaseEncodingDirectionDICOM": "ROW",
  "InstitutionName": "NIH_FMRIF",
  "MRAcquisitionType": "2D",
  "MagneticFieldStrength": 3,
  "Manufacturer": "GE",
  "ManufacturersModelName": "DISCOVERY_MR750",
  "Modality": "MR",
  "NumberOfAverages": 2,
  "PartialFourier": 0.09375,
  "PatientPosition": "HFS",
  "PercentPhaseFOV": 80,
  "PhaseEncodingAxis": "i",
  "PixelBandwidth": 244.141,
  "ProcedureStepDescription": "MRI_Brain",
  "ProtocolName": "Ax_T2_FRFSE",
  "ReconMatrixPE": 512,
  "RepetitionTime": 5.738,
  "SAR": 0.8105,
  "ScanOptions": "FAST_GEMS_EDR_GEMS_TRF_GEMS_FILTERED_GEMS_FSA_GEMS_FR_GEMS",
  "ScanningSequence": "SE",
  "SequenceVariant": "SK",
  "SeriesDescription": "Ax_T2_FRFSE",
  "SeriesNumber": 5,
  "SliceThickness": 5,
  "SoftwareVersions": "27_LX_MR_Software_release:DV26.0_EB_1707.b",
  "SpacingBetweenSlices": 5,
  "StationName": "fmrif3tb",
  "dcmmeta_affine": [
    [-0.46855199337005615, 0.001063074334524572, 0.16200000047683716, 116.82476806640625],
    [0.0, 0.46765801310539246, -0.3490000069141388, -82.60723876953125],
    [0.015241015702486038, 0.032682158052921295, 4.985099792480469, -83.65528106689453],
    [0.0, 0.0, 0.0, 1.0]
],
  "dcmmeta_reorient_transform": [
    [0.0, -1.0, 0.0, 511.0],
    [1.0, 0.0, 0.0, 0.0],
    [0.0, 0.0, -1.0, 31.0],
    [0.0, 0.0, 0.0, 1.0]
],
  "dcmmeta_shape": [512, 512, 32],
  "dcmmeta_slice_dim": 2,
  "dcmmeta_version": 0.6,
  "global": {
    "const": {
      "AccessionNumber": "MR5000513882",
      "AcquisitionMatrix": [0, 320, 256, 0],
      "AcquisitionNumber": 1,
      "AcquisitionTime": "084703",
      "AnatomicRegionSequence": [
        {
          "CodeMeaning": "Brain",
          "CodeValue": "T-A0100",
          "CodingSchemeDesignator": "SRT",
          "GroupLength": 42}
],
      "AngioFlag": "N",
      "BeatRejectionFlag": "Y",
      "BitsAllocated": 16,
      "BitsStored": 16,
      "BodyPartExamined": "BRAIN",
      "CardiacNumberOfImages": 0,
      "Columns": 512,
      "ContentTime": "084703",
      "EchoNumbers": 1,
      "EchoTime": 96.88,
      "EchoTrainLength": 24,
      "FlipAngle": 111.0,
      "GroupLength_0X10_0X0": 118,
      "GroupLength_0X18_0X0": 524,
      "GroupLength_0X28_0X0": 156,
      "GroupLength_0X40_0X0": 300,
      "GroupLength_0X7FE0_0X0": 524300,
      "GroupLength_0X8_0X0": 1148,
      "HeartRate": 0,
      "HighBit": 15,
      "ImageOrientationPatient": [0.999471, -0.0, 0.0325107, 0.00226765, 0.997564, -0.0697145],
      "ImageType": [
        "ORIGINAL",
        "PRIMARY",
        "OTHER"
],
      "ImagedNucleus": "1H",
      "ImagesInAcquisition": 32,
      "ImagingFrequency": 127.697587,
      "InPlanePhaseEncodingDirection": "ROW",
      "MRAcquisitionType": "2D",
      "MagneticFieldStrength": 3.0,
      "Manufacturer": "GE MEDICAL SYSTEMS",
      "ManufacturerModelName": "DISCOVERY MR750",
      "Modality": "MR",
      "NumberOfAverages": 2.0,
      "PercentPhaseFieldOfView": 80.0,
      "PercentSampling": 100.0,
      "PerformedLocation": "FMRI",
      "PerformedProcedureStepStartTime": "082918",
      "PhotometricInterpretation": "MONOCHROME2",
      "PixelBandwidth": 244.141,
      "PixelRepresentation": 1,
      "PixelSpacing": [0.4688, 0.4688],
      "ProtocolName": "FMRIF - Clinical 32Ch Br",
      "ReceiveCoilName": "32Ch Head",
      "ReconstructionDiameter": 240.0,
      "ReferencedPerformedProcedureStepSequence": [
        {
          "GroupLength": 100,
          "ReferencedSOPClassUID": "1.2.840.10008.3.1.2.3.3",
          "ReferencedSOPInstanceUID": "1.2.840.113619.6.408.229737281803187592856071546278997160342"}
],
      "ReferencedStudySequence": [
        {
          "GroupLength": 86,
          "ReferencedSOPClassUID": "1.2.840.10008.3.1.2.3.1",
          "ReferencedSOPInstanceUID": "1.2.840.113564.9.1.2787814059.53.2.5000513882"}
],
      "RepetitionTime": 5738.0,
      "RequestAttributesSequence": [
        {
          "GroupLength_0X32_0X0": 18,
          "GroupLength_0X40_0X0": 140,
          "RequestedProcedureDescription": "MRI Brain",
          "RequestedProcedureID": "4000547482",
          "ScheduledProcedureStepDescription": "MRI Brain",
          "ScheduledProcedureStepID": "5000513882",
          "ScheduledProtocolCodeSequence": [
            {
              "CodeMeaning": "MRI Brain",
              "CodeValue": "MI01417",
              "CodingSchemeDesignator": "USA Standard",
              "GroupLength": 54}
]
        }
],
      "Rows": 512,
      "SAR": 0.8105,
      "SamplesPerPixel": 1,
      "ScanOptions": [
        "FAST_GEMS",
        "EDR_GEMS",
        "TRF_GEMS",
        "FILTERED_GEMS",
        "FSA_GEMS",
        "FR_GEMS"
],
      "ScanningSequence": "SE",
      "SequenceVariant": "SK",
      "SeriesDescription": "Ax T2 FRFSE",
      "SeriesNumber": 5,
      "SeriesTime": "084703",
      "SliceThickness": 5.0,
      "SmallestImagePixelValue": 0,
      "SoftwareVersions": [
 "27",
        "LX",
        "MR Software release:DV26.0_EB_1707.b"
],
      "SpacingBetweenSlices": 5.0,
      "SpecificCharacterSet": "ISO_IR 100",
      "StackID": "1",
      "StudyID": "25574",
      "StudyTime": "083435",
      "TriggerWindow": 0,
      "VariableFlipAngleFlag": "N"
    },
    "slices": {
      "GroupLength_0X20_0X0": [392, 392, 392, 392, 392, 392, 392, 392, 392, 392, 392, 392, 392, 392, 392, 392, 392, 392, 388, 392, 392, 392, 390, 390, 392, 392, 392, 392, 392, 392, 392, 390],
      "ImagePositionPatient": [
        [-117.363, -156.358, -66.9573],
        [-117.525, -156.009, -61.9721],
        [-117.687, -155.661, -56.9869],
        [-117.849, -155.312, -52.0017],
        [-118.011, -154.963, -47.0165],
        [-118.174, -154.614, -42.0313],
        [-118.336, -154.266, -37.0462],
        [-118.498, -153.917, -32.061],
        [-118.66, -153.568, -27.0758],
        [-118.822, -153.219, -22.0906],
        [-118.984, -152.871, -17.1054],
        [-119.147, -152.522, -12.1202],
        [-119.309, -152.173, -7.13506],
        [-119.471, -151.824, -2.14987],
        [-119.633, -151.476, 2.83531],
        [-119.795, -151.127, 7.82049],
        [-119.957, -150.778, 12.8057],
        [-120.119, -150.429, 17.7909],
        [-120.282, -150.081, 22.776],
        [-120.444, -149.732, 27.7612],
        [-120.606, -149.383, 32.7464],
        [-120.768, -149.034, 37.7316],
        [-120.93, -148.686, 42.7168],
        [-121.092, -148.337, 47.702],
        [-121.255, -147.988, 52.6871],
        [-121.417, -147.639, 57.6723],
        [-121.579, -147.291, 62.6575],
        [-121.741, -146.942, 67.6427],
        [-121.903, -146.593, 72.6279],
        [-122.065, -146.244, 77.6131],
        [-122.228, -145.896, 82.5983],
        [-122.39, -145.547, 87.5834]
],
      "InStackPositionNumber": [1, 2, 3, 4, 5, 6, 7, 8, 9, 10, 11, 12, 13, 14, 15, 16, 17, 18, 19, 20, 21, 22, 23, 24, 25, 26, 27, 28, 29, 30, 31, 32],
      "InstanceNumber": [1, 2, 3, 4, 5, 6, 7, 8, 9, 10, 11, 12, 13, 14, 15, 16, 17, 18, 19, 20, 21, 22, 23, 24, 25, 26, 27, 28, 29, 30, 31, 32],
      "LargestImagePixelValue": [1512, 1435, 1653, 1632, 1675, 1700, 1819, 1998, 2227, 2217, 2442, 2458, 2592, 2791, 2671, 2640, 2697, 2630, 2683, 2498, 2213, 2341, 2202, 2014, 1912, 1756, 1729, 1630, 1502, 1208, 445, 234],
      "SliceLocation": [-71.41299438, -66.42781067, -61.44262695, -56.45744324, -51.47225952, -46.48707581, -41.50189209, -36.51670837, -31.53152466, -26.54634094, -21.56115723, -16.57597351, -11.59078979, -6.605606079, -1.620422482, 3.364761114, 8.349945068, 13.33512878, 18.3203125, 23.30549622, 28.29067993, 33.27586365, 38.26104736, 43.24623108, 48.23141479, 53.21659851, 58.20178223, 63.18696594, 68.17214966, 73.15733337, 78.14251709, 83.12770081],
      "WindowCenter": [756.0, 717.0, 826.0, 816.0, 837.0, 850.0, 909.0, 999.0, 1113.0, 1108.0, 1221.0, 1229.0, 1296.0, 1395.0, 1335.0, 1320.0, 1348.0, 1315.0, 1341.0, 1249.0, 1106.0, 1170.0, 1101.0, 1007.0, 956.0, 878.0, 864.0, 815.0, 751.0, 604.0, 222.0, 117.0],
      "WindowWidth": [1512.0, 1435.0, 1653.0, 1632.0, 1675.0, 1700.0, 1819.0, 1998.0, 2227.0, 2217.0, 2442.0, 2458.0, 2592.0, 2791.0, 2671.0, 2640.0, 2697.0, 2630.0, 2683.0, 2498.0, 2213.0, 2341.0, 2202.0, 2014.0, 1912.0, 1756.0, 1729.0, 1630.0, 1502.0, 1208.0, 445.0, 234.0]
    }
  }
}