{
  "AcquisitionMatrixPE": 256,
  "AcquisitionNumber": 1,
  "AcquisitionTime": "08:40:46.000000",
  "BodyPartExamined": "BRAIN",
  "CoilString": "32Ch_Head",
  "ConversionSoftware": "dcm2niix",
  "ConversionSoftwareVersion": "v1.0.20190410  GCC6.3.0",
  "DeviceSerialNumber": "000301496MR3T6MR",
  "EchoTime": 0.003476,
  "FlipAngle": 7,
  "ImageOrientationPatientDICOM": [0, 1, 0, 0, 0, -1],
  "ImageType": [
    "ORIGINAL",
    "PRIMARY",
    "OTHER"
],
  "ImagingFrequency": 127.698,
  "InPlanePhaseEncodingDirectionDICOM": "ROW",
  "InstitutionName": "NIH_FMRIF",
  "InversionTime": 0.9,
  "MRAcquisitionType": "3D",
  "MagneticFieldStrength": 3,
  "Manufacturer": "GE",
  "ManufacturersModelName": "DISCOVERY_MR750",
  "Modality": "MR",
  "PatientPosition": "HFS",
  "PercentPhaseFOV": 100,
  "PixelBandwidth": 195.312,
  "ProcedureStepDescription": "MRI_Brain",
  "ProtocolName": "PURE_MP-RAGE_1mm",
  "ReconMatrixPE": 256,
  "RepetitionTime": 0.00766,
  "SAR": 0.0836039,
  "ScanOptions": "EDR_GEMS_FILTERED_GEMS_ACC_GEMS_IR_GEMS",
  "ScanningSequence": "RM",
  "SequenceVariant": "NONE",
  "SeriesDescription": "PURE_MP-RAGE_1mm",
  "SeriesNumber": 4,
  "SliceThickness": 1,
  "SoftwareVersions": "27_LX_MR_Software_release:DV26.0_EB_1707.b",
  "SpacingBetweenSlices": 1,
  "StationName": "fmrif3tb",
  "dcmmeta_affine": [
    [1.0, 0.0, 0.0, -84.41210174560547],
    [0.0, 1.0, 0.0, -96.8740005493164],
    [0.0, 0.0, 1.0, -150.4759979248047],
    [0.0, 0.0, 0.0, 1.0]
],
  "dcmmeta_reorient_transform": [
    [0.0, 0.0, -1.0, 255.0],
    [0.0, -1.0, 0.0, 255.0],
    [-1.0, 0.0, 0.0, 171.0],
    [0.0, 0.0, 0.0, 1.0]
],
  "dcmmeta_shape": [172, 256, 256],
  "dcmmeta_slice_dim": 0,
  "dcmmeta_version": 0.6,
  "global": {
    "const": {
      "AccessionNumber": "MR5000513882",
      "AcquisitionMatrix": [0, 256, 256, 0],
      "AcquisitionNumber": 1,
      "AcquisitionTime": "084046",
      "AnatomicRegionSequence": [
        {
          "CodeMeaning": "Brain",
          "CodeValue": "T-A0100",
          "CodingSchemeDesignator": "SRT",
          "GroupLength": 42}
],
      "AngioFlag": "N",
      "BeatRejectionFlag": "N",
      "BitsAllocated": 16,
      "BitsStored": 16,
      "BodyPartExamined": "BRAIN",
      "CardiacNumberOfImages": 0,
      "Columns": 256,
      "ContentTime": "084046",
      "EchoNumbers": 1,
      "EchoTime": 3.476,
      "EchoTrainLength": 1,
      "FlipAngle": 7.0,
      "GroupLength_0X10_0X0": 118,
      "GroupLength_0X18_0X0": 524,
      "GroupLength_0X40_0X0": 300,
      "GroupLength_0X7FE0_0X0": 131084,
      "HeartRate": 0,
      "HighBit": 15,
      "ImageOrientationPatient": [-0.0, 1.0, 0.0, -0.0, -0.0, -1.0],
      "ImageType": [
        "ORIGINAL",
        "PRIMARY",
        "OTHER"
],
      "ImagedNucleus": "1H",
      "ImagesInAcquisition": 172,
      "ImagingFrequency": 127.697587,
      "InPlanePhaseEncodingDirection": "ROW",
      "InversionTime": 900.0,
      "MRAcquisitionType": "3D",
      "MagneticFieldStrength": 3.0,
      "Manufacturer": "GE MEDICAL SYSTEMS",
      "ManufacturerModelName": "DISCOVERY MR750",
      "Modality": "MR",
      "NumberOfAverages": 1.0,
      "PercentPhaseFieldOfView": 100.0,
      "PercentSampling": 100.0,
      "PerformedLocation": "FMRI",
      "PerformedProcedureStepStartTime": "082918",
      "PhotometricInterpretation": "MONOCHROME2",
      "PixelBandwidth": 195.312,
      "PixelRepresentation": 1,
      "PixelSpacing": [1.0, 1.0],
      "ProtocolName": "FMRIF - Clinical 32Ch Br",
      "ReceiveCoilName": "32Ch Head",
      "ReconstructionDiameter": 256.0,
      "ReferencedPerformedProcedureStepSequence": [
        {
          "GroupLength": 100,
          "ReferencedSOPClassUID": "1.2.840.10008.3.1.2.3.3",
          "ReferencedSOPInstanceUID": "1.2.840.113619.6.408.229737281803187592856071546278997160342"}
],
      "ReferencedStudySequence": [
        {
          "GroupLength": 86,
          "ReferencedSOPClassUID": "1.2.840.10008.3.1.2.3.1",
          "ReferencedSOPInstanceUID": "1.2.840.113564.9.1.2787814059.53.2.5000513882"}
],
      "RepetitionTime": 7.66,
      "RequestAttributesSequence": [
        {
          "GroupLength_0X32_0X0": 18,
          "GroupLength_0X40_0X0": 140,
          "RequestedProcedureDescription": "MRI Brain",
          "RequestedProcedureID": "4000547482",
          "ScheduledProcedureStepDescription": "MRI Brain",
          "ScheduledProcedureStepID": "5000513882",
          "ScheduledProtocolCodeSequence": [
            {
              "CodeMeaning": "MRI Brain",
              "CodeValue": "MI01417",
              "CodingSchemeDesignator": "USA Standard",
              "GroupLength": 54}
]
        }
],
      "Rows": 256,
      "SAR": 0.0836039,
      "SamplesPerPixel": 1,
      "ScanOptions": [
        "EDR_GEMS",
        "FILTERED_GEMS",
        "ACC_GEMS",
        "IR_GEMS"
],
      "ScanningSequence": "RM",
      "SequenceVariant": "NONE",
      "SeriesDescription": "PURE MP-RAGE 1mm",
      "SeriesNumber": 4,
      "SeriesTime": "084046",
      "SliceThickness": 1.0,
      "SmallestImagePixelValue": 0,
      "SoftwareVersions": [
 "27",
        "LX",
        "MR Software release:DV26.0_EB_1707.b"
],
      "SpacingBetweenSlices": 1.0,
      "SpecificCharacterSet": "ISO_IR 100",
      "StackID": "1",
      "StudyID": "25574",
      "StudyTime": "083435",
      "TriggerWindow": 0,
      "VariableFlipAngleFlag": "N"
    },
