{
  "AcquisitionMatrixPE": 72,
  "AcquisitionNumber": 1,
  "AcquisitionTime": "10:28:41.000000",
  "BodyPartExamined": "BRAIN",
  "CoilString": "32Ch_Head",
  "ConversionSoftware": "dcm2niix",
  "ConversionSoftwareVersion": "v1.0.20190410  GCC6.3.0",
  "DeviceSerialNumber": "000301496MR3T6MR",
  "EchoTime": 0.03,
  "EffectiveEchoSpacing": 0.00052,
  "FlipAngle": 75,
  "ImageOrientationPatientDICOM": [1, 0, 0, 0, 1, 0],
  "ImageType": [
    "ORIGINAL",
    "PRIMARY",
    "EPI",
    "NONE"
],
  "ImagingFrequency": 127.697,
  "InPlanePhaseEncodingDirectionDICOM": "COL",
  "InstitutionName": "NIH_FMRIF",
  "MRAcquisitionType": "2D",
  "MagneticFieldStrength": 3,
  "Manufacturer": "GE",
  "ManufacturersModelName": "DISCOVERY_MR750",
  "Modality": "MR",
  "PatientPosition": "HFS",
  "PercentPhaseFOV": 100,
  "PhaseEncodingDirection": "j-",
  "PhaseEncodingPolarityGE": "Unflipped",
  "PixelBandwidth": 6944.44,
  "ProcedureStepDescription": "MRI_Procedure_Limited",
  "ProtocolName": "ReverseBlip",
  "ReconMatrixPE": 72,
  "RepetitionTime": 2.5,
  "SAR": 0.0880397,
  "ScanOptions": "SAT_GEMS_EPI_GEMS_ACC_GEMS_PFF_FS",
  "ScanningSequence": "EP_RM",
  "SequenceVariant": "NONE",
  "SeriesDescription": "ReverseBlip",
  "SeriesNumber": 12,
  "SliceThickness": 3,
  "SoftwareVersions": "27_LX_MR_Software_release:DV26.0_EB_1707.b",
  "SpacingBetweenSlices": 3,
  "StationName": "fmrif3tb",
  "TaskName": "rest",
  "TotalReadoutTime": 0.03692,
  "dcmmeta_affine": [
    [-2.5833001136779785, 0.0, 0.0, 97.56780242919922],
    [0.0, 2.5833001136779785, 0.0, -77.060302734375],
    [0.0, 0.0, 3.0, -40.01839828491211],
    [0.0, 0.0, 0.0, 1.0]
],
  "dcmmeta_reorient_transform": [
    [0.0, -1.0, 0.0, 71.0],
    [1.0, 0.0, 0.0, 0.0],
    [0.0, 0.0, -1.0, 41.0],
    [0.0, 0.0, 0.0, 1.0]
],
  "dcmmeta_shape": [72, 72, 42, 10],
  "dcmmeta_slice_dim": 2,
  "dcmmeta_version": 0.6,
  "global": {
    "const": {
      "AccessionNumber": "MR5000518173",
      "AcquisitionMatrix": [72, 0, 0, 72],
      "AcquisitionNumber": 1,
      "AcquisitionTime": "102841",
      "AnatomicRegionSequence": [
        {
          "CodeMeaning": "Brain",
          "CodeValue": "T-A0100",
          "CodingSchemeDesignator": "SRT",
          "GroupLength": 42}
],
      "AngioFlag": "N",
      "BeatRejectionFlag": "Y",
      "BitsAllocated": 16,
      "BitsStored": 16,
      "BodyPartExamined": "BRAIN",
      "CardiacNumberOfImages": 0,
      "Columns": 72,
      "ContentTime": "102841",
      "EchoNumbers": 1,
      "EchoTime": 30.0,
      "EchoTrainLength": 1,
      "FlipAngle": 75.0,
      "GroupLength_0X10_0X0": 114,
      "GroupLength_0X18_0X0": 500,
      "GroupLength_0X28_0X0": 156,
      "GroupLength_0X40_0X0": 348,
      "GroupLength_0X7FE0_0X0": 10380,
      "GroupLength_0X8_0X0": 1034,
      "HeartRate": 0,
      "HighBit": 15,
      "ImageOrientationPatient": [1.0, -0.0, 0.0, -0.0, 1.0, 0.0],
      "ImageType": [
        "ORIGINAL",
        "PRIMARY",
        "EPI",
        "NONE"
],
      "ImagedNucleus": "1H",
      "ImagesInAcquisition": 42,
      "ImagingFrequency": 127.697339,
      "InPlanePhaseEncodingDirection": "COL",
      "MRAcquisitionType": "2D",
      "MagneticFieldStrength": 3.0,
      "Manufacturer": "GE MEDICAL SYSTEMS",
      "ManufacturerModelName": "DISCOVERY MR750",
      "Modality": "MR",
      "NumberOfAverages": 1.0,
      "NumberOfTemporalPositions": 10,
      "PercentPhaseFieldOfView": 100.0,
      "PercentSampling": 100.0,
      "PerformedLocation": "FMRI",
      "PerformedProcedureStepStartTime": "092823",
      "PhotometricInterpretation": "MONOCHROME2",
      "PixelBandwidth": 6944.44,
      "PixelRepresentation": 1,
      "PixelSpacing": [2.5833, 2.5833],
      "ProtocolName": "FIM somatosensory",
      "ReceiveCoilName": "32Ch Head",
      "ReconstructionDiameter": 186.0,
      "ReferencedPerformedProcedureStepSequence": [
        {
          "GroupLength": 100,
          "ReferencedSOPClassUID": "1.2.840.10008.3.1.2.3.3",
          "ReferencedSOPInstanceUID": "1.2.840.113619.6.408.235198373021385663080192856974536869098"}
],
      "ReferencedStudySequence": [
        {
          "GroupLength": 86,
          "ReferencedSOPClassUID": "1.2.840.10008.3.1.2.3.1",
          "ReferencedSOPInstanceUID": "1.2.840.113564.9.1.2787814059.53.2.5000518173"}
],
      "RepetitionTime": 2500.0,
      "RequestAttributesSequence": [
        {
          "GroupLength_0X32_0X0": 30,
          "GroupLength_0X40_0X0": 164,
          "RequestedProcedureDescription": "MRI Procedure Limited",
          "RequestedProcedureID": "4000551774",
          "ScheduledProcedureStepDescription": "MRI Procedure Limited",
          "ScheduledProcedureStepID": "5000518173",
          "ScheduledProtocolCodeSequence": [
            {
              "CodeMeaning": "MRI Procedure Limited",
              "CodeValue": "MI01491",
              "CodingSchemeDesignator": "USA Standard",
              "GroupLength": 66}
]
        }
],
      "Rows": 72,
      "SAR": 0.0880397,
      "SamplesPerPixel": 1,
      "ScanOptions": [
        "SAT_GEMS",
        "EPI_GEMS",
        "ACC_GEMS",
        "PFF",
        "FS"
],
      "ScanningSequence": [
        "EP",
        "RM"
],
      "SequenceVariant": "NONE",
      "SeriesDescription": "ReverseBlip",
      "SeriesNumber": 12,
      "SeriesTime": "102841",
      "SliceThickness": 3.0,
      "SmallestImagePixelValue": 0,
      "SoftwareVersions": [
 "27",
        "LX",
        "MR Software release:DV26.0_EB_1707.b"
],
      "SpacingBetweenSlices": 3.0,
      "SpecificCharacterSet": "ISO_IR 100",
      "StackID": "1",
      "StudyID": "25710",
      "StudyTime": "092829",
      "TriggerWindow": 0,
      "VariableFlipAngleFlag": "N"
    },
