{
  "AcquisitionMatrixPE": 128,
  "AcquisitionNumber": 1,
  "AcquisitionTime": "11:43:2.000000",
  "BodyPartExamined": "BRAIN",
  "CoilString": "32Ch_Head",
  "ConversionSoftware": "dcm2niix",
  "ConversionSoftwareVersion": "v1.0.20190410  GCC6.3.0",
  "DeviceSerialNumber": "000301496MR3T6MR",
  "EchoTime": 0.097984,
  "EchoTrainLength": 24,
  "FlipAngle": 111,
  "ImageOrientationPatientDICOM": [1, 0, 0, 0, 1, 0],
  "ImageType": [
    "ORIGINAL",
    "PRIMARY",
    "OTHER"
],
  "ImagingFrequency": 127.698,
  "InPlanePhaseEncodingDirectionDICOM": "ROW",
  "InstitutionName": "NIH_FMRIF",
  "MRAcquisitionType": "2D",
  "MagneticFieldStrength": 3,
  "Manufacturer": "GE",
  "ManufacturersModelName": "DISCOVERY_MR750",
  "Modality": "MR",
  "PartialFourier": 0.1875,
  "PatientPosition": "HFS",
  "PercentPhaseFOV": 80,
  "PhaseEncodingAxis": "i",
  "PixelBandwidth": 488.281,
  "ProcedureStepDescription": "MRI_Procedure_Limited",
  "ProtocolName": "T2fatsat_18mm_24fov",
  "ReconMatrixPE": 256,
  "RepetitionTime": 8.947,
  "SAR": 0.7719,
  "ScanOptions": "FAST_GEMS_SAT_GEMS_TRF_GEMS_FS_FSA_GEMS_FR_GEMS",
  "ScanningSequence": "SE",
  "SequenceVariant": "SK",
  "SeriesDescription": "T2fatsat_18mm_24fov",
  "SeriesNumber": 13,
  "SliceThickness": 1.8,
  "SoftwareVersions": "27_LX_MR_Software_release:DV26.0_EB_1707.b",
  "SpacingBetweenSlices": 1.8,
  "StationName": "fmrif3tb",
  "dcmmeta_affine": [
    [-0.9375, 0.0, 0.0, 117.33100128173828],
    [0.0, 0.9375, 0.0, -96.82550048828125],
    [0.0, 0.0, 1.7999999523162842, -97.16000366210938],
    [0.0, 0.0, 0.0, 1.0]
],
  "dcmmeta_reorient_transform": [
    [0.0, -1.0, 0.0, 255.0],
    [1.0, 0.0, 0.0, 0.0],
    [0.0, 0.0, -1.0, 99.0],
    [0.0, 0.0, 0.0, 1.0]
],
  "dcmmeta_shape": [256, 256, 100],
  "dcmmeta_slice_dim": 2,
  "dcmmeta_version": 0.6,
  "global": {
    "const": {
      "AccessionNumber": "MR5000513858",
      "AcquisitionMatrix": [0, 128, 128, 0],
      "AcquisitionNumber": 1,
      "AcquisitionTime": "114302",
      "AnatomicRegionSequence": [
        {
          "CodeMeaning": "Brain",
          "CodeValue": "T-A0100",
          "CodingSchemeDesignator": "SRT",
          "GroupLength": 42}
],
      "AngioFlag": "N",
      "BeatRejectionFlag": "Y",
      "BitsAllocated": 16,
      "BitsStored": 16,
      "BodyPartExamined": "BRAIN",
      "CardiacNumberOfImages": 0,
      "Columns": 256,
      "ContentTime": "114302",
      "EchoNumbers": 1,
      "EchoTime": 97.984,
      "EchoTrainLength": 24,
      "FlipAngle": 111.0,
      "GroupLength_0X10_0X0": 114,
      "GroupLength_0X18_0X0": 512,
      "GroupLength_0X40_0X0": 350,
      "GroupLength_0X7FE0_0X0": 131084,
      "GroupLength_0X8_0X0": 1038,
      "HeartRate": 0,
      "HighBit": 15,
      "ImageOrientationPatient": [1.0, -0.0, 0.0, -0.0, 1.0, 0.0],
      "ImageType": [
        "ORIGINAL",
        "PRIMARY",
        "OTHER"
],
      "ImagedNucleus": "1H",
      "ImagesInAcquisition": 100,
      "ImagingFrequency": 127.697586,
      "InPlanePhaseEncodingDirection": "ROW",
      "MRAcquisitionType": "2D",
      "MagneticFieldStrength": 3.0,
      "Manufacturer": "GE MEDICAL SYSTEMS",
      "ManufacturerModelName": "DISCOVERY MR750",
      "Modality": "MR",
      "NumberOfAverages": 1.0,
      "PercentPhaseFieldOfView": 80.0,
      "PercentSampling": 100.0,
      "PerformedLocation": "FMRI",
      "PerformedProcedureStepStartTime": "102254",
      "PhotometricInterpretation": "MONOCHROME2",
      "PixelBandwidth": 488.281,
      "PixelRepresentation": 1,
      "PixelSpacing": [0.9375, 0.9375],
      "ProtocolName": "FIM somatosensory",
      "ReceiveCoilName": "32Ch Head",
      "ReconstructionDiameter": 240.0,
      "ReferencedPerformedProcedureStepSequence": [
        {
          "GroupLength": 100,
          "ReferencedSOPClassUID": "1.2.840.10008.3.1.2.3.3",
          "ReferencedSOPInstanceUID": "1.2.840.113619.6.408.235000690892224898964751820391456680950"}
],
      "ReferencedStudySequence": [
        {
          "GroupLength": 86,
          "ReferencedSOPClassUID": "1.2.840.10008.3.1.2.3.1",
          "ReferencedSOPInstanceUID": "1.2.840.113564.9.1.2787814059.53.2.5000513858"}
],
      "RepetitionTime": 8947.0,
      "RequestAttributesSequence": [
        {
          "GroupLength_0X32_0X0": 30,
          "GroupLength_0X40_0X0": 164,
          "RequestedProcedureDescription": "MRI Procedure Limited",
          "RequestedProcedureID": "4000547458",
          "ScheduledProcedureStepDescription": "MRI Procedure Limited",
          "ScheduledProcedureStepID": "5000513858",
          "ScheduledProtocolCodeSequence": [
            {
              "CodeMeaning": "MRI Procedure Limited",
              "CodeValue": "MI01491",
              "CodingSchemeDesignator": "USA Standard",
              "GroupLength": 66}
]
        }
],
      "Rows": 256,
      "SAR": 0.7719,
      "SamplesPerPixel": 1,
      "ScanOptions": [
        "FAST_GEMS",
        "SAT_GEMS",
        "TRF_GEMS",
        "FS",
        "FSA_GEMS",
        "FR_GEMS"
],
      "ScanningSequence": "SE",
      "SequenceVariant": "SK",
      "SeriesDescription": "T2fatsat_18mm_24fov",
      "SeriesNumber": 13,
      "SeriesTime": "114301",
      "SliceThickness": 1.8,
      "SmallestImagePixelValue": 0,
      "SoftwareVersions": [
 "27",
        "LX",
        "MR Software release:DV26.0_EB_1707.b"
],
      "SpacingBetweenSlices": 1.8,
      "SpecificCharacterSet": "ISO_IR 100",
      "StackID": "1",
      "StudyID": "25569",
      "StudyTime": "103546",
      "TriggerWindow": 0,
      "VariableFlipAngleFlag": "N"
    },
