{
  "AcquisitionMatrixPE": 256,
  "AcquisitionNumber": 1,
  "AcquisitionTime": "09:55:47.000000",
  "BodyPartExamined": "BRAIN",
  "CoilString": "32Ch_Head",
  "ConversionSoftware": "dcm2niix",
  "ConversionSoftwareVersion": "v1.0.20190410  GCC6.3.0",
  "DeviceSerialNumber": "000301496MR3T6MR",
  "EchoTime": 0.096656,
  "EchoTrainLength": 24,
  "FlipAngle": 111,
  "ImageOrientationPatientDICOM": [0.994537, -0.0706792, 0.0768135, 0.0709696, 0.997478, -0.00105511],
  "ImageType": [
    "ORIGINAL",
    "PRIMARY",
    "OTHER"
],
  "ImagingFrequency": 127.698,
  "InPlanePhaseEncodingDirectionDICOM": "ROW",
  "InstitutionName": "NIH_FMRIF",
  "MRAcquisitionType": "2D",
  "MagneticFieldStrength": 3,
  "Manufacturer": "GE",
  "ManufacturersModelName": "DISCOVERY_MR750",
  "Modality": "MR",
  "NumberOfAverages": 2,
  "PartialFourier": 0.09375,
  "PatientPosition": "HFS",
  "PercentPhaseFOV": 80,
  "PhaseEncodingAxis": "i",
  "PixelBandwidth": 244.141,
  "ProcedureStepDescription": "MRI_Brain",
  "ProtocolName": "Ax_T2_FRFSE",
  "ReconMatrixPE": 512,
  "RepetitionTime": 5.725,
  "SAR": 0.9801,
  "ScanOptions": "FAST_GEMS_EDR_GEMS_TRF_GEMS_FILTERED_GEMS_FSA_GEMS_FR_GEMS",
  "ScanningSequence": "SE",
  "SequenceVariant": "SK",
  "SeriesDescription": "Ax_T2_FRFSE",
  "SeriesNumber": 5,
  "SliceThickness": 5,
  "SoftwareVersions": "27_LX_MR_Software_release:DV26.0_EB_1707.b",
  "SpacingBetweenSlices": 5,
  "StationName": "fmrif3tb",
  "dcmmeta_affine": [
    [-0.46623894572257996, 0.03327054902911186, 0.38199999928474426, 107.75875091552734],
    [0.03313440829515457, 0.4676176905632019, -0.03200000151991844, -86.5316390991211],
    [0.03601016849279404, 0.0004946355475112796, 4.985199928283691, -84.40935516357422],
    [0.0, 0.0, 0.0, 1.0]
],
  "dcmmeta_reorient_transform": [
    [0.0, -1.0, 0.0, 511.0],
    [1.0, 0.0, 0.0, 0.0],
    [0.0, 0.0, -1.0, 31.0],
    [0.0, 0.0, 0.0, 1.0]
],
  "dcmmeta_shape": [512, 512, 32],
  "dcmmeta_slice_dim": 2,
  "dcmmeta_version": 0.6,
  "global": {
    "const": {
      "AccessionNumber": "MR5000504726",
      "AcquisitionMatrix": [0, 320, 256, 0],
      "AcquisitionNumber": 1,
      "AcquisitionTime": "095547",
      "AnatomicRegionSequence": [
        {
          "CodeMeaning": "Brain",
          "CodeValue": "T-A0100",
          "CodingSchemeDesignator": "SRT",
          "GroupLength": 42}
],
      "AngioFlag": "N",
      "BeatRejectionFlag": "Y",
      "BitsAllocated": 16,
      "BitsStored": 16,
      "BodyPartExamined": "BRAIN",
      "CardiacNumberOfImages": 0,
      "Columns": 512,
      "ContentTime": "095547",
      "EchoNumbers": 1,
      "EchoTime": 96.656,
      "EchoTrainLength": 24,
      "FlipAngle": 111.0,
      "GroupLength_0X10_0X0": 120,
      "GroupLength_0X18_0X0": 524,
      "GroupLength_0X28_0X0": 156,
      "GroupLength_0X40_0X0": 302,
      "GroupLength_0X7FE0_0X0": 524300,
      "GroupLength_0X8_0X0": 1146,
      "HeartRate": 0,
      "HighBit": 15,
      "ImageType": [
        "ORIGINAL",
        "PRIMARY",
        "OTHER"
],
      "ImagedNucleus": "1H",
      "ImagesInAcquisition": 32,
      "ImagingFrequency": 127.697549,
      "InPlanePhaseEncodingDirection": "ROW",
      "MRAcquisitionType": "2D",
      "MagneticFieldStrength": 3.0,
      "Manufacturer": "GE MEDICAL SYSTEMS",
      "ManufacturerModelName": "DISCOVERY MR750",
      "Modality": "MR",
      "NumberOfAverages": 2.0,
      "PercentPhaseFieldOfView": 80.0,
      "PercentSampling": 100.0,
      "PerformedLocation": "FMRI",
      "PerformedProcedureStepStartTime": "094223",
      "PhotometricInterpretation": "MONOCHROME2",
      "PixelBandwidth": 244.141,
      "PixelRepresentation": 1,
      "PixelSpacing": [0.4688, 0.4688],
      "ProtocolName": "FMRIF - Clinical 32Ch Br",
      "ReceiveCoilName": "32Ch Head",
      "ReconstructionDiameter": 240.0,
      "ReferencedPerformedProcedureStepSequence": [
        {
          "GroupLength": 100,
          "ReferencedSOPClassUID": "1.2.840.10008.3.1.2.3.3",
          "ReferencedSOPInstanceUID": "1.2.840.113619.6.408.135822712011522082958474684948956556158"}
],
      "ReferencedStudySequence": [
        {
          "GroupLength": 86,
          "ReferencedSOPClassUID": "1.2.840.10008.3.1.2.3.1",
          "ReferencedSOPInstanceUID": "1.2.840.113564.9.1.2787814059.53.2.5000504726"}
],
      "RepetitionTime": 5725.0,
      "RequestAttributesSequence": [
        {
          "GroupLength_0X32_0X0": 18,
          "GroupLength_0X40_0X0": 140,
          "RequestedProcedureDescription": "MRI Brain",
          "RequestedProcedureID": "4000538517",
          "ScheduledProcedureStepDescription": "MRI Brain",
          "ScheduledProcedureStepID": "5000504726",
          "ScheduledProtocolCodeSequence": [
            {
              "CodeMeaning": "MRI Brain",
              "CodeValue": "MI01417",
              "CodingSchemeDesignator": "USA Standard",
              "GroupLength": 54}
]
        }
],
      "Rows": 512,
      "SAR": 0.9801,
      "SamplesPerPixel": 1,
      "ScanOptions": [
        "FAST_GEMS",
        "EDR_GEMS",
        "TRF_GEMS",
        "FILTERED_GEMS",
        "FSA_GEMS",
        "FR_GEMS"
],
      "ScanningSequence": "SE",
      "SequenceVariant": "SK",
      "SeriesDescription": "Ax T2 FRFSE",
      "SeriesNumber": 5,
      "SeriesTime": "095547",
      "SliceThickness": 5.0,
      "SmallestImagePixelValue": 0,
      "SoftwareVersions": [
 "27",
        "LX",
        "MR Software release:DV26.0_EB_1707.b"
],
      "SpacingBetweenSlices": 5.0,
      "SpecificCharacterSet": "ISO_IR 100",
      "StackID": "1",
      "StudyID": "25474",
      "StudyTime": "094244",
      "TriggerWindow": 0,
      "VariableFlipAngleFlag": "N"
    },
    "slices": {
      "GroupLength_0X20_0X0": [400, 400, 400, 400, 400, 400, 400, 400, 398, 400, 400, 400, 400, 400, 400, 402, 400, 400, 400, 398, 400, 398, 400, 400, 400, 400, 400, 400, 400, 398, 398, 400],
      "ImageOrientationPatient": [
        [0.994537, -0.0706792, 0.0768135, 0.0709696, 0.997478, -0.00105511],
        [0.994537, -0.0706791, 0.0768135, 0.0709696, 0.997478, -0.00105511],
        [0.994537, -0.0706791, 0.0768135, 0.0709696, 0.997478, -0.00105511],
        [0.994537, -0.0706791, 0.0768135, 0.0709696, 0.997478, -0.00105511],
        [0.994537, -0.0706792, 0.0768135, 0.0709696, 0.997478, -0.00105511],
        [0.994537, -0.0706792, 0.0768135, 0.0709697, 0.997478, -0.00105511],
        [0.994537, -0.0706791, 0.0768135, 0.0709696, 0.997478, -0.00105511],
        [0.994537, -0.0706792, 0.0768135, 0.0709696, 0.997478, -0.00105511],
        [0.994537, -0.0706792, 0.0768135, 0.0709696, 0.997478, -0.00105511],
        [0.994537, -0.0706791, 0.0768135, 0.0709696, 0.997478, -0.00105511],
        [0.994537, -0.0706791, 0.0768135, 0.0709696, 0.997478, -0.00105511],
        [0.994537, -0.0706791, 0.0768135, 0.0709696, 0.997478, -0.00105511],
        [0.994537, -0.0706792, 0.0768135, 0.0709696, 0.997478, -0.00105511],
        [0.994537, -0.0706792, 0.0768135, 0.0709696, 0.997478, -0.00105511],
        [0.994537, -0.0706791, 0.0768135, 0.0709696, 0.997478, -0.00105511],
        [0.994537, -0.0706792, 0.0768135, 0.0709696, 0.997478, -0.00105511],
        [0.994537, -0.0706792, 0.0768135, 0.0709696, 0.997478, -0.00105511],
        [0.994537, -0.0706791, 0.0768135, 0.0709696, 0.997478, -0.00105511],
        [0.994537, -0.0706791, 0.0768135, 0.0709696, 0.997478, -0.00105511],
        [0.994537, -0.0706791, 0.0768135, 0.0709696, 0.997478, -0.00105511],
        [0.994537, -0.0706792, 0.0768135, 0.0709696, 0.997478, -0.00105511],
        [0.994537, -0.0706792, 0.0768135, 0.0709696, 0.997478, -0.00105511],
        [0.994537, -0.0706791, 0.0768135, 0.0709696, 0.997478, -0.00105511],
        [0.994537, -0.0706792, 0.0768135, 0.0709696, 0.997478, -0.00105511],
        [0.994537, -0.0706792, 0.0768135, 0.0709696, 0.997478, -0.00105511],
        [0.994537, -0.0706791, 0.0768135, 0.0709696, 0.997478, -0.00105511],
        [0.994537, -0.0706791, 0.0768135, 0.0709696, 0.997478, -0.00105511],
        [0.994537, -0.0706791, 0.0768135, 0.0709696, 0.997478, -0.00105511],
        [0.994537, -0.0706792, 0.0768135, 0.0709696, 0.997478, -0.00105511],
        [0.994537, -0.0706792, 0.0768135, 0.0709696, 0.997478, -0.00105511],
        [0.994537, -0.0706791, 0.0768135, 0.0709696, 0.997478, -0.00105511],
        [0.994537, -0.0706792, 0.0768135, 0.0709696, 0.997478, -0.00105511]
],
      "ImagePositionPatient": [
        [-124.738, -152.436, -84.1573],
        [-125.121, -152.404, -79.1721],
        [-125.503, -152.371, -74.1868],
        [-125.886, -152.339, -69.2016],
        [-126.269, -152.306, -64.2164],
        [-126.652, -152.274, -59.2312],
        [-127.034, -152.241, -54.2459],
        [-127.417, -152.209, -49.2607],
        [-127.8, -152.176, -44.2755],
        [-128.182, -152.144, -39.2903],
        [-128.565, -152.111, -34.3051],
        [-128.948, -152.079, -29.3198],
        [-129.331, -152.046, -24.3346],
        [-129.713, -152.014, -19.3494],
        [-130.096, -151.981, -14.3642],
        [-130.479, -151.949, -9.37894],
        [-130.862, -151.916, -4.39372],
        [-131.244, -151.884, 0.591503],
        [-131.627, -151.851, 5.57673],
        [-132.01, -151.819, 10.5619],
        [-132.392, -151.786, 15.5472],
        [-132.775, -151.754, 20.5324],
        [-133.158, -151.721, 25.5176],
        [-133.541, -151.689, 30.5028],
        [-133.923, -151.656, 35.4881],
        [-134.306, -151.624, 40.4733],
        [-134.689, -151.591, 45.4585],
        [-135.072, -151.559, 50.4437],
        [-135.454, -151.526, 55.4289],
        [-135.837, -151.494, 60.4142],
        [-136.22, -151.461, 65.3994],
        [-136.602, -151.429, 70.3846]
],
      "InStackPositionNumber": [1, 2, 3, 4, 5, 6, 7, 8, 9, 10, 11, 12, 13, 14, 15, 16, 17, 18, 19, 20, 21, 22, 23, 24, 25, 26, 27, 28, 29, 30, 31, 32],
      "InstanceNumber": [1, 2, 3, 4, 5, 6, 7, 8, 9, 10, 11, 12, 13, 14, 15, 16, 17, 18, 19, 20, 21, 22, 23, 24, 25, 26, 27, 28, 29, 30, 31, 32],
      "LargestImagePixelValue": [1273, 1483, 1507, 1555, 2813, 1873, 2304, 2357, 2245, 2365, 2578, 2740, 3007, 3189, 2780, 2377, 2173, 2182, 2127, 2111, 2242, 2248, 2128, 2062, 1935, 2032, 1940, 2036, 2117, 1783, 1042, 381],
      "SliceLocation": [-75.08403015, -70.09880829, -65.11358643, -60.12836456, -55.1431427, -50.15792084, -45.17269897, -40.18747711, -35.20225525, -30.21703339, -25.23181152, -20.24658966, -15.26136684, -10.27614403, -5.290921211, -0.3056984544, 4.679524422, 9.664747238, 14.64997005, 19.63519287, 24.62041473, 29.6056366, 34.59085846, 39.57608032, 44.56130219, 49.54652405, 54.53174591, 59.51696777, 64.50218964, 69.4874115, 74.47263336, 79.45785522],
      "WindowCenter": [636.0, 741.0, 753.0, 777.0, 1406.0, 936.0, 1152.0, 1178.0, 1122.0, 1182.0, 1289.0, 1370.0, 1503.0, 1594.0, 1390.0, 1188.0, 1086.0, 1091.0, 1063.0, 1055.0, 1121.0, 1124.0, 1064.0, 1031.0, 967.0, 1016.0, 970.0, 1018.0, 1058.0, 891.0, 521.0, 190.0],
      "WindowWidth": [1273.0, 1483.0, 1507.0, 1555.0, 2813.0, 1873.0, 2304.0, 2357.0, 2245.0, 2365.0, 2578.0, 2740.0, 3007.0, 3189.0, 2780.0, 2377.0, 2173.0, 2182.0, 2127.0, 2111.0, 2242.0, 2248.0, 2128.0, 2062.0, 1935.0, 2032.0, 1940.0, 2036.0, 2117.0, 1783.0, 1042.0, 381.0]
    }
  }
}