{
  "AcquisitionMatrixPE": 256,
  "AcquisitionNumber": 1,
  "AcquisitionTime": "09:46:12.000000",
  "BodyPartExamined": "BRAIN",
  "CoilString": "32Ch_Head",
  "ConversionSoftware": "dcm2niix",
  "ConversionSoftwareVersion": "v1.0.20190410  GCC6.3.0",
  "DeviceSerialNumber": "000301496MR3T6MR",
  "EchoTime": 0.015256,
  "EchoTrainLength": 2,
  "FlipAngle": 111,
  "ImageOrientationPatientDICOM": [0.0615347, 0.998093, 0.00489152, 0.0792425, 0, -0.996855],
  "ImageType": [
    "ORIGINAL",
    "PRIMARY",
    "OTHER"
],
  "ImagingFrequency": 127.698,
  "InPlanePhaseEncodingDirectionDICOM": "ROW",
  "InstitutionName": "NIH_FMRIF",
  "MRAcquisitionType": "2D",
  "MagneticFieldStrength": 3,
  "Manufacturer": "GE",
  "ManufacturersModelName": "DISCOVERY_MR750",
  "Modality": "MR",
  "PartialFourier": 0.0078125,
  "PatientPosition": "HFS",
  "PercentPhaseFOV": 100,
  "PhaseEncodingAxis": "i",
  "PixelBandwidth": 97.6562,
  "ProcedureStepDescription": "MRI_Brain",
  "ProtocolName": "Sag_T1_FSE",
  "ReconMatrixPE": 512,
  "RepetitionTime": 0.662,
  "SAR": 0.6373,
  "ScanOptions": "FAST_GEMS_EDR_GEMS_TRF_GEMS_FILTERED_GEMS_FSS_GEMS",
  "ScanningSequence": "SE",
  "SequenceVariant": "SK",
  "SeriesDescription": "Sag_T1_FSE",
  "SeriesNumber": 2,
  "SliceThickness": 5,
  "SoftwareVersions": "27_LX_MR_Software_release:DV26.0_EB_1707.b",
  "SpacingBetweenSlices": 5,
  "StationName": "fmrif3tb",
  "dcmmeta_affine": [
    [-0.02884746715426445, 0.03714888542890549, 4.974800109863281, -80.3373794555664],
    [-0.46790599822998047, 0.0, -0.3089999854564667, 161.82699584960938],
    [0.0022931445855647326, 0.4673256278038025, -0.39500001072883606, -120.7553939819336],
    [0.0, 0.0, 0.0, 1.0]
],
  "dcmmeta_reorient_transform": [
    [0.0, -1.0, 0.0, 511.0],
    [1.0, 0.0, 0.0, 0.0],
    [0.0, 0.0, -1.0, 31.0],
    [0.0, 0.0, 0.0, 1.0]
],
  "dcmmeta_shape": [512, 512, 32],
  "dcmmeta_slice_dim": 2,
  "dcmmeta_version": 0.6,
  "global": {
    "const": {
      "AccessionNumber": "MR5000504726",
      "AcquisitionMatrix": [0, 512, 256, 0],
      "AcquisitionNumber": 1,
      "AcquisitionTime": "094612",
      "AnatomicRegionSequence": [
        {
          "CodeMeaning": "Brain",
          "CodeValue": "T-A0100",
          "CodingSchemeDesignator": "SRT",
          "GroupLength": 42}
],
      "AngioFlag": "N",
      "BeatRejectionFlag": "Y",
      "BitsAllocated": 16,
      "BitsStored": 16,
      "BodyPartExamined": "BRAIN",
      "CardiacNumberOfImages": 0,
      "Columns": 512,
      "ContentTime": "094612",
      "EchoNumbers": 1,
      "EchoTime": 15.256,
      "EchoTrainLength": 2,
      "FlipAngle": 111.0,
      "GroupLength_0X10_0X0": 120,
      "GroupLength_0X18_0X0": 518,
      "GroupLength_0X28_0X0": 156,
      "GroupLength_0X40_0X0": 302,
      "GroupLength_0X7FE0_0X0": 524300,
      "GroupLength_0X8_0X0": 1024,
      "HeartRate": 0,
      "HighBit": 15,
      "ImageOrientationPatient": [0.0615347, 0.998093, 0.00489152, 0.0792425, -0.0, -0.996855],
      "ImageType": [
        "ORIGINAL",
        "PRIMARY",
        "OTHER"
],
      "ImagedNucleus": "1H",
      "ImagesInAcquisition": 32,
      "ImagingFrequency": 127.697549,
      "InPlanePhaseEncodingDirection": "ROW",
      "MRAcquisitionType": "2D",
      "MagneticFieldStrength": 3.0,
      "Manufacturer": "GE MEDICAL SYSTEMS",
      "ManufacturerModelName": "DISCOVERY MR750",
      "Modality": "MR",
      "NumberOfAverages": 1.0,
      "PercentPhaseFieldOfView": 100.0,
      "PercentSampling": 100.0,
      "PerformedLocation": "FMRI",
      "PerformedProcedureStepStartTime": "094223",
      "PhotometricInterpretation": "MONOCHROME2",
      "PixelBandwidth": 97.6562,
      "PixelRepresentation": 1,
      "PixelSpacing": [0.4688, 0.4688],
      "ProtocolName": "FMRIF - Clinical 32Ch Br",
      "ReceiveCoilName": "32Ch Head",
      "ReconstructionDiameter": 240.0,
      "ReferencedPerformedProcedureStepSequence": [
        {
          "GroupLength": 100,
          "ReferencedSOPClassUID": "1.2.840.10008.3.1.2.3.3",
          "ReferencedSOPInstanceUID": "1.2.840.113619.6.408.135822712011522082958474684948956556158"}
],
      "ReferencedStudySequence": [
        {
          "GroupLength": 86,
          "ReferencedSOPClassUID": "1.2.840.10008.3.1.2.3.1",
          "ReferencedSOPInstanceUID": "1.2.840.113564.9.1.2787814059.53.2.5000504726"}
],
      "RepetitionTime": 662.0,
      "RequestAttributesSequence": [
        {
          "GroupLength_0X32_0X0": 18,
          "GroupLength_0X40_0X0": 140,
          "RequestedProcedureDescription": "MRI Brain",
          "RequestedProcedureID": "4000538517",
          "ScheduledProcedureStepDescription": "MRI Brain",
          "ScheduledProcedureStepID": "5000504726",
          "ScheduledProtocolCodeSequence": [
            {
              "CodeMeaning": "MRI Brain",
              "CodeValue": "MI01417",
              "CodingSchemeDesignator": "USA Standard",
              "GroupLength": 54}
]
        }
],
      "Rows": 512,
      "SAR": 0.6373,
      "SamplesPerPixel": 1,
      "ScanOptions": [
        "FAST_GEMS",
        "EDR_GEMS",
        "TRF_GEMS",
        "FILTERED_GEMS",
        "FSS_GEMS"
],
      "ScanningSequence": "SE",
      "SequenceVariant": "SK",
      "SeriesDescription": "Sag T1 FSE",
      "SeriesNumber": 2,
      "SeriesTime": "094612",
      "SliceThickness": 5.0,
      "SmallestImagePixelValue": 0,
      "SoftwareVersions": [
 "27",
        "LX",
        "MR Software release:DV26.0_EB_1707.b"
],
      "SpacingBetweenSlices": 5.0,
      "SpecificCharacterSet": "ISO_IR 100",
      "StackID": "1",
      "StudyID": "25474",
      "StudyTime": "094244",
      "TriggerWindow": 0,
      "VariableFlipAngleFlag": "N"
    },
    "slices": {
      "GroupLength_0X20_0X0": [390, 390, 390, 390, 390, 390, 390, 390, 390, 390, 390, 390, 390, 392, 392, 390, 392, 392, 390, 392, 390, 392, 392, 392, 392, 390, 390, 392, 392, 392, 392, 392],
      "ImagePositionPatient": [
        [61.3535, -161.816, 118.062],
        [56.3787, -161.507, 117.666],
        [51.4039, -161.199, 117.271],
        [46.4292, -160.89, 116.875],
        [41.4544, -160.581, 116.48],
        [36.4796, -160.273, 116.084],
        [31.5048, -159.964, 115.689],
        [26.5301, -159.656, 115.294],
        [21.5553, -159.347, 114.898],
        [16.5805, -159.038, 114.503],
        [11.6058, -158.73, 114.107],
        [6.63098, -158.421, 113.712],
        [1.65621, -158.112, 113.316],
        [-3.31856, -157.804, 112.921],
        [-8.29334, -157.495, 112.525],
        [-13.2681, -157.186, 112.13],
        [-18.2429, -156.878, 111.734],
        [-23.2176, -156.569, 111.339],
        [-28.1924, -156.26, 110.944],
        [-33.1672, -155.952, 110.548],
        [-38.142, -155.643, 110.153],
        [-43.1167, -155.335, 109.757],
        [-48.0915, -155.026, 109.362],
        [-53.0663, -154.717, 108.966],
        [-58.0411, -154.409, 108.571],
        [-63.0158, -154.1, 108.175],
        [-67.9906, -153.791, 107.78],
        [-72.9654, -153.483, 107.384],
        [-77.9401, -153.174, 106.989],
        [-82.9149, -152.865, 106.593],
        [-87.8897, -152.557, 106.198],
        [-92.8645, -152.248, 105.803]
],
      "InStackPositionNumber": [1, 2, 3, 4, 5, 6, 7, 8, 9, 10, 11, 12, 13, 14, 15, 16, 17, 18, 19, 20, 21, 22, 23, 24, 25, 26, 27, 28, 29, 30, 31, 32],
      "InstanceNumber": [1, 2, 3, 4, 5, 6, 7, 8, 9, 10, 11, 12, 13, 14, 15, 16, 17, 18, 19, 20, 21, 22, 23, 24, 25, 26, 27, 28, 29, 30, 31, 32],
      "LargestImagePixelValue": [321, 1422, 1740, 1619, 1634, 1610, 1772, 1663, 1856, 1657, 1668, 1598, 1719, 1835, 1624, 1832, 2093, 1880, 1596, 2033, 1662, 1927, 1983, 2654, 1858, 1728, 1833, 1503, 1294, 1189, 1136, 695],
      "SliceLocation": [-78.21374512, -73.23897552, -68.26420593, -63.28943253, -58.31465912, -53.33988571, -48.3651123, -43.3903389, -38.41556549, -33.44079208, -28.46602058, -23.49124908, -18.51647758, -13.54170609, -8.566934586, -3.592163086, 1.382608533, 6.357379913, 11.33215141, 16.30692291, 21.28169441, 26.25646591, 31.23123741, 36.20600891, 41.18078232, 46.15555573, 51.13032913, 56.10510254, 61.07987595, 66.05464935, 71.02941895, 76.00418854],
      "WindowCenter": [160.0, 711.0, 870.0, 809.0, 817.0, 805.0, 886.0, 831.0, 928.0, 828.0, 834.0, 799.0, 859.0, 917.0, 812.0, 916.0, 1046.0, 940.0, 798.0, 1016.0, 831.0, 963.0, 991.0, 1327.0, 929.0, 864.0, 916.0, 751.0, 647.0, 594.0, 568.0, 347.0],
      "WindowWidth": [321.0, 1422.0, 1740.0, 1619.0, 1634.0, 1610.0, 1772.0, 1663.0, 1856.0, 1657.0, 1668.0, 1598.0, 1719.0, 1835.0, 1624.0, 1832.0, 2093.0, 1880.0, 1596.0, 2033.0, 1662.0, 1927.0, 1983.0, 2654.0, 1858.0, 1728.0, 1833.0, 1503.0, 1294.0, 1189.0, 1136.0, 695.0]
    }
  }
}