{
	"AcquisitionMatrixPE": 72,
	"AcquisitionNumber": 1,
	"AcquisitionTime": "11:22:35.000000",
	"BodyPartExamined": "BRAIN",
	"CoilString": "32Ch_Head",
	"ConversionSoftware": "dcm2niix",
	"ConversionSoftwareVersion": "v1.0.20190410  GCC6.3.0",
	"DeviceSerialNumber": "000301496MR3T6MR",
	"EchoTime": 0.03,
	"EffectiveEchoSpacing": 0.00052,
	"FlipAngle": 75,
	"ImageOrientationPatientDICOM": [
		1,
		0,
		0,
		0,
		1,
		0
	],
	"ImageType": [
		"ORIGINAL",
		"PRIMARY",
		"EPI",
		"NONE"
	],
	"ImagingFrequency": 127.697,
	"InPlanePhaseEncodingDirectionDICOM": "COL",
	"InstitutionName": "NIH_FMRIF",
	"MRAcquisitionType": "2D",
	"MagneticFieldStrength": 3,
	"Manufacturer": "GE",
	"ManufacturersModelName": "DISCOVERY_MR750",
	"Modality": "MR",
	"PatientPosition": "HFS",
	"PercentPhaseFOV": 100,
	"PhaseEncodingDirection": "j",
	"PhaseEncodingPolarityGE": "Flipped",
	"PixelBandwidth": 6944.44,
	"ProcedureStepDescription": "MRI_Procedure_Limited",
	"ProtocolName": "MotorEPI",
	"ReconMatrixPE": 72,
	"RepetitionTime": 2.5,
	"SAR": 0.10432,
	"ScanOptions": "SAT_GEMS_EPI_GEMS_ACC_GEMS_FS",
	"ScanningSequence": "EP_RM",
	"SequenceVariant": "NONE",
	"SeriesDescription": "MotorEPI",
	"SeriesNumber": 7,
	"SliceThickness": 3,
	"SoftwareVersions": "27_LX_MR_Software_release:DV26.0_EB_1707.b",
	"SpacingBetweenSlices": 3,
	"StationName": "fmrif3tb",
	"TaskName": "motor",
	"TotalReadoutTime": 0.03692,
	"dcmmeta_affine": [
		[
			-2.5833001136779785,
			0.0,
			0.0,
			78.03289794921875
		],
		[
			0.0,
			2.5833001136779785,
			0.0,
			-66.31430053710938
		],
		[
			0.0,
			0.0,
			3.0,
			-74.19879913330078
		],
		[
			0.0,
			0.0,
			0.0,
			1.0
		]
	],
	"dcmmeta_reorient_transform": [
		[
			0.0,
			-1.0,
			0.0,
			71.0
		],
		[
			1.0,
			0.0,
			0.0,
			0.0
		],
		[
			0.0,
			0.0,
			-1.0,
			41.0
		],
		[
			0.0,
			0.0,
			0.0,
			1.0
		]
	],
	"dcmmeta_shape": [
		72,
		72,
		42,
		4
	],
	"dcmmeta_slice_dim": 2,
	"dcmmeta_version": 0.6,
	"global": {
		"const": {
			"AccessionNumber": "MR5000512331",
			"AcquisitionMatrix": [
				72,
				0,
				0,
				72
			],
			"AcquisitionNumber": 1,
			"AcquisitionTime": "112235",
			"AnatomicRegionSequence": [
				{
					"CodeMeaning": "Brain",
					"CodeValue": "T-A0100",
					"CodingSchemeDesignator": "SRT",
					"GroupLength": 42
				}
			],
			"AngioFlag": "N",
			"BeatRejectionFlag": "Y",
			"BitsAllocated": 16,
			"BitsStored": 16,
			"BodyPartExamined": "BRAIN",
			"CardiacNumberOfImages": 0,
			"Columns": 72,
			"ContentTime": "112235",
			"EchoNumbers": 1,
			"EchoTime": 30.0,
			"EchoTrainLength": 1,
			"FlipAngle": 75.0,
			"GroupLength_0X10_0X0": 112,
			"GroupLength_0X18_0X0": 494,
			"GroupLength_0X28_0X0": 156,
			"GroupLength_0X40_0X0": 348,
			"GroupLength_0X7FE0_0X0": 10380,
			"GroupLength_0X8_0X0": 1030,
			"HeartRate": 0,
			"HighBit": 15,
			"ImageOrientationPatient": [
				1.0,
				-0.0,
				0.0,
				-0.0,
				1.0,
				0.0
			],
			"ImageType": [
				"ORIGINAL",
				"PRIMARY",
				"EPI",
				"NONE"
			],
			"ImagedNucleus": "1H",
			"ImagesInAcquisition": 42,
			"ImagingFrequency": 127.697313,
			"InPlanePhaseEncodingDirection": "COL",
			"MRAcquisitionType": "2D",
			"MagneticFieldStrength": 3.0,
			"Manufacturer": "GE MEDICAL SYSTEMS",
			"ManufacturerModelName": "DISCOVERY MR750",
			"Modality": "MR",
			"NumberOfAverages": 1.0,
			"NumberOfTemporalPositions": 265,
			"PercentPhaseFieldOfView": 100.0,
			"PercentSampling": 100.0,
			"PerformedLocation": "FMRI",
			"PerformedProcedureStepStartTime": "103722",
			"PhotometricInterpretation": "MONOCHROME2",
			"PixelBandwidth": 6944.44,
			"PixelRepresentation": 1,
			"PixelSpacing": [
				2.5833,
				2.5833
			],
			"ProtocolName": "FIM somatosensory",
			"ReceiveCoilName": "32Ch Head",
			"ReconstructionDiameter": 186.0,
			"ReferencedPerformedProcedureStepSequence": [
				{
					"GroupLength": 100,
					"ReferencedSOPClassUID": "1.2.840.10008.3.1.2.3.3",
					"ReferencedSOPInstanceUID": "1.2.840.113619.6.408.48989906994725961407843026085070503393"
				}
			],
			"ReferencedStudySequence": [
				{
					"GroupLength": 86,
					"ReferencedSOPClassUID": "1.2.840.10008.3.1.2.3.1",
					"ReferencedSOPInstanceUID": "1.2.840.113564.9.1.2787814059.53.2.5000512331"
				}
			],
			"RepetitionTime": 2500.0,
			"RequestAttributesSequence": [
				{
					"GroupLength_0X32_0X0": 30,
					"GroupLength_0X40_0X0": 164,
					"RequestedProcedureDescription": "MRI Procedure Limited",
					"RequestedProcedureID": "4000545931",
					"ScheduledProcedureStepDescription": "MRI Procedure Limited",
					"ScheduledProcedureStepID": "5000512331",
					"ScheduledProtocolCodeSequence": [
						{
							"CodeMeaning": "MRI Procedure Limited",
							"CodeValue": "MI01491",
							"CodingSchemeDesignator": "USA Standard",
							"GroupLength": 66
						}
					]
				}
			],
			"Rows": 72,
			"SAR": 0.10432,
			"SamplesPerPixel": 1,
			"ScanOptions": [
				"SAT_GEMS",
				"EPI_GEMS",
				"ACC_GEMS",
				"FS"
			],
			"ScanningSequence": [
				"EP",
				"RM"
			],
			"SequenceVariant": "NONE",
			"SeriesDescription": "MotorEPI",
			"SeriesNumber": 7,
			"SeriesTime": "112235",
			"SliceThickness": 3.0,
			"SmallestImagePixelValue": 0,
			"SoftwareVersions": [
				"27",
				"LX",
				"MR Software release:DV26.0_EB_1707.b"
			],
			"SpacingBetweenSlices": 3.0,
			"SpecificCharacterSet": "ISO_IR 100",
			"StackID": "1",
			"StudyID": "25547",
			"StudyTime": "105958",
			"TriggerWindow": 0,
			"VariableFlipAngleFlag": "N"
		},
