{
  "AcquisitionMatrixPE": 256,
  "AcquisitionNumber": 1,
  "AcquisitionTime": "11:21:52.000000",
  "BodyPartExamined": "BRAIN",
  "CoilString": "32Ch_Head",
  "ConversionSoftware": "dcm2niix",
  "ConversionSoftwareVersion": "v1.0.20190410  GCC6.3.0",
  "DeviceSerialNumber": "000301496MR3T6MR",
  "EchoTime": 0.015288,
  "EchoTrainLength": 2,
  "FlipAngle": 111,
  "ImageOrientationPatientDICOM": [0, 1, 0, 0, 0, -1],
  "ImageType": [
    "ORIGINAL",
    "PRIMARY",
    "OTHER"
],
  "ImagingFrequency": 127.698,
  "InPlanePhaseEncodingDirectionDICOM": "ROW",
  "InstitutionName": "NIH_FMRIF",
  "MRAcquisitionType": "2D",
  "MagneticFieldStrength": 3,
  "Manufacturer": "GE",
  "ManufacturersModelName": "DISCOVERY_MR750",
  "Modality": "MR",
  "PartialFourier": 0.0078125,
  "PatientPosition": "HFS",
  "PercentPhaseFOV": 100,
  "PhaseEncodingAxis": "i",
  "PixelBandwidth": 97.6562,
  "ProcedureStepDescription": "MRI_Brain",
  "ProtocolName": "Sag_T1_FSE",
  "ReconMatrixPE": 512,
  "RepetitionTime": 0.663,
  "SAR": 0.6347,
  "ScanOptions": "FAST_GEMS_EDR_GEMS_TRF_GEMS_FILTERED_GEMS_FSS_GEMS",
  "ScanningSequence": "SE",
  "SequenceVariant": "SK",
  "SeriesDescription": "Sag_T1_FSE",
  "SeriesNumber": 3,
  "SliceThickness": 5,
  "SoftwareVersions": "27_LX_MR_Software_release:DV26.0_EB_1707.b",
  "SpacingBetweenSlices": 5,
  "StationName": "fmrif3tb",
  "dcmmeta_affine": [
    [0.0, 0.0, 5.0, -81.33429718017578],
    [-0.46880000829696655, 0.0, 0.0, 160.54200744628906],
    [0.0, 0.46880000829696655, 0.0, -135.8227996826172],
    [0.0, 0.0, 0.0, 1.0]
],
  "dcmmeta_reorient_transform": [
    [0.0, -1.0, 0.0, 511.0],
    [1.0, 0.0, 0.0, 0.0],
    [0.0, 0.0, -1.0, 31.0],
    [0.0, 0.0, 0.0, 1.0]
],
  "dcmmeta_shape": [512, 512, 32],
  "dcmmeta_slice_dim": 2,
  "dcmmeta_version": 0.6,
  "global": {
    "const": {
      "AccessionNumber": "MR5000518077",
      "AcquisitionMatrix": [0, 512, 256, 0],
      "AcquisitionNumber": 1,
      "AcquisitionTime": "112152",
      "AnatomicRegionSequence": [
        {
          "CodeMeaning": "Brain",
          "CodeValue": "T-A0100",
          "CodingSchemeDesignator": "SRT",
          "GroupLength": 42}
],
      "AngioFlag": "N",
      "BeatRejectionFlag": "Y",
      "BitsAllocated": 16,
      "BitsStored": 16,
      "BodyPartExamined": "BRAIN",
      "CardiacNumberOfImages": 0,
      "Columns": 512,
      "ContentTime": "112152",
      "EchoNumbers": 1,
      "EchoTime": 15.288,
      "EchoTrainLength": 2,
      "FlipAngle": 111.0,
      "GroupLength_0X10_0X0": 116,
      "GroupLength_0X18_0X0": 512,
      "GroupLength_0X28_0X0": 156,
      "GroupLength_0X40_0X0": 300,
      "GroupLength_0X7FE0_0X0": 524300,
      "GroupLength_0X8_0X0": 1016,
      "HeartRate": 0,
      "HighBit": 15,
      "ImageOrientationPatient": [-0.0, 1.0, 0.0, -0.0, -0.0, -1.0],
      "ImageType": [
        "ORIGINAL",
        "PRIMARY",
        "OTHER"
],
      "ImagedNucleus": "1H",
      "ImagesInAcquisition": 32,
      "ImagingFrequency": 127.697527,
      "InPlanePhaseEncodingDirection": "ROW",
      "MRAcquisitionType": "2D",
      "MagneticFieldStrength": 3.0,
      "Manufacturer": "GE MEDICAL SYSTEMS",
      "ManufacturerModelName": "DISCOVERY MR750",
      "Modality": "MR",
      "NumberOfAverages": 1.0,
      "PercentPhaseFieldOfView": 100.0,
      "PercentSampling": 100.0,
      "PerformedLocation": "FMRI",
      "PerformedProcedureStepStartTime": "111142",
      "PhotometricInterpretation": "MONOCHROME2",
      "PixelBandwidth": 97.6562,
      "PixelRepresentation": 1,
      "PixelSpacing": [0.4688, 0.4688],
      "ProtocolName": "FIM somatosensory",
      "ReceiveCoilName": "32Ch Head",
      "ReconstructionDiameter": 240.0,
      "ReferencedPerformedProcedureStepSequence": [
        {
          "GroupLength": 100,
          "ReferencedSOPClassUID": "1.2.840.10008.3.1.2.3.3",
          "ReferencedSOPInstanceUID": "1.2.840.113619.6.408.267324386992470371576193595854906486045"}
],
      "ReferencedStudySequence": [
        {
          "GroupLength": 86,
          "ReferencedSOPClassUID": "1.2.840.10008.3.1.2.3.1",
          "ReferencedSOPInstanceUID": "1.2.840.113564.9.1.2787814059.53.2.5000518077"}
],
      "RepetitionTime": 663.0,
      "RequestAttributesSequence": [
        {
          "GroupLength_0X32_0X0": 18,
          "GroupLength_0X40_0X0": 140,
          "RequestedProcedureDescription": "MRI Brain",
          "RequestedProcedureID": "4000551678",
          "ScheduledProcedureStepDescription": "MRI Brain",
          "ScheduledProcedureStepID": "5000518077",
          "ScheduledProtocolCodeSequence": [
            {
              "CodeMeaning": "MRI Brain",
              "CodeValue": "MI01417",
              "CodingSchemeDesignator": "USA Standard",
              "GroupLength": 54}
]
        }
],
      "Rows": 512,
      "SAR": 0.6347,
      "SamplesPerPixel": 1,
      "ScanOptions": [
        "FAST_GEMS",
        "EDR_GEMS",
        "TRF_GEMS",
        "FILTERED_GEMS",
        "FSS_GEMS"
],
      "ScanningSequence": "SE",
      "SequenceVariant": "SK",
      "SeriesDescription": "Sag T1 FSE",
      "SeriesNumber": 3,
      "SeriesTime": "112152",
      "SliceThickness": 5.0,
      "SmallestImagePixelValue": 0,
      "SoftwareVersions": [
 "27",
        "LX",
        "MR Software release:DV26.0_EB_1707.b"
],
      "SpacingBetweenSlices": 5.0,
      "SpecificCharacterSet": "ISO_IR 100",
      "StackID": "1",
      "StudyID": "25628",
      "StudyTime": "111852",
      "TriggerWindow": 0,
      "VariableFlipAngleFlag": "N"
    },
    "slices": {
      "GroupLength_0X20_0X0": [354, 354, 354, 354, 354, 354, 354, 354, 354, 354, 354, 354, 354, 354, 354, 354, 354, 356, 356, 354, 354, 354, 354, 354, 354, 354, 354, 354, 354, 354, 354, 354],
      "ImagePositionPatient": [
        [81.3343, -160.542, 103.734],
        [76.3343, -160.542, 103.734],
        [71.3343, -160.542, 103.734],
        [66.3343, -160.542, 103.734],
        [61.3343, -160.542, 103.734],
        [56.3343, -160.542, 103.734],
        [51.3343, -160.542, 103.734],
        [46.3343, -160.542, 103.734],
        [41.3343, -160.542, 103.734],
        [36.3343, -160.542, 103.734],
        [31.3343, -160.542, 103.734],
        [26.3343, -160.542, 103.734],
        [21.3343, -160.542, 103.734],
        [16.3343, -160.542, 103.734],
        [11.3343, -160.542, 103.734],
        [6.33425, -160.542, 103.734],
        [1.33425, -160.542, 103.734],
        [-3.66575, -160.542, 103.734],
        [-8.66575, -160.542, 103.734],
        [-13.6657, -160.542, 103.734],
        [-18.6657, -160.542, 103.734],
        [-23.6657, -160.542, 103.734],
        [-28.6657, -160.542, 103.734],
        [-33.6657, -160.542, 103.734],
        [-38.6657, -160.542, 103.734],
        [-43.6657, -160.542, 103.734],
        [-48.6657, -160.542, 103.734],
        [-53.6657, -160.542, 103.734],
        [-58.6657, -160.542, 103.734],
        [-63.6657, -160.542, 103.734],
        [-68.6657, -160.542, 103.734],
        [-73.6657, -160.542, 103.734]
],
      "InStackPositionNumber": [32, 31, 30, 29, 28, 27, 26, 25, 24, 23, 22, 21, 20, 19, 18, 17, 16, 15, 14, 13, 12, 11, 10, 9, 8, 7, 6, 5, 4, 3, 2, 1],
      "InstanceNumber": [32, 31, 30, 29, 28, 27, 26, 25, 24, 23, 22, 21, 20, 19, 18, 17, 16, 15, 14, 13, 12, 11, 10, 9, 8, 7, 6, 5, 4, 3, 2, 1],
      "LargestImagePixelValue": [531, 1883, 1735, 1814, 1747, 1635, 2191, 2574, 2431, 2107, 2157, 2309, 2236, 2248, 1979, 2073, 2577, 2090, 2174, 2041, 2131, 2433, 2517, 2035, 1894, 1835, 1722, 1775, 1662, 1406, 1758, 362],
      "SliceLocation": [-81.3342514, -76.3342514, -71.3342514, -66.3342514, -61.3342514, -56.3342514, -51.3342514, -46.3342514, -41.3342514, -36.3342514, -31.3342514, -26.3342514, -21.3342514, -16.3342514, -11.3342514, -6.334251404, -1.334251404, 3.665748596, 8.665748596, 13.6657486, 18.6657486, 23.6657486, 28.6657486, 33.6657486, 38.6657486, 43.6657486, 48.6657486, 53.6657486, 58.6657486, 63.6657486, 68.6657486, 73.6657486],
      "WindowCenter": [265.0, 941.0, 867.0, 907.0, 873.0, 817.0, 1095.0, 1287.0, 1215.0, 1053.0, 1078.0, 1154.0, 1118.0, 1124.0, 989.0, 1036.0, 1288.0, 1045.0, 1087.0, 1020.0, 1065.0, 1216.0, 1258.0, 1017.0, 947.0, 917.0, 861.0, 887.0, 831.0, 703.0, 879.0, 181.0],
      "WindowWidth": [531.0, 1883.0, 1735.0, 1814.0, 1747.0, 1635.0, 2191.0, 2574.0, 2431.0, 2107.0, 2157.0, 2309.0, 2236.0, 2248.0, 1979.0, 2073.0, 2577.0, 2090.0, 2174.0, 2041.0, 2131.0, 2433.0, 2517.0, 2035.0, 1894.0, 1835.0, 1722.0, 1775.0, 1662.0, 1406.0, 1758.0, 362.0]
    }
  }
}