{
  "AcquisitionMatrixPE": 256,
  "AcquisitionNumber": 1,
  "AcquisitionTime": "11:31:43.000000",
  "BodyPartExamined": "BRAIN",
  "CoilString": "32Ch_Head",
  "ConversionSoftware": "dcm2niix",
  "ConversionSoftwareVersion": "v1.0.20190410  GCC6.3.0",
  "DeviceSerialNumber": "000301496MR3T6MR",
  "EchoTime": 0.09688,
  "EchoTrainLength": 24,
  "FlipAngle": 111,
  "ImageOrientationPatientDICOM": [0.998394, 0, -0.0566573, 0.00633462, 0.99373, 0.111626],
  "ImageType": [
    "ORIGINAL",
    "PRIMARY",
    "OTHER"
],
  "ImagingFrequency": 127.698,
  "InPlanePhaseEncodingDirectionDICOM": "ROW",
  "InstitutionName": "NIH_FMRIF",
  "MRAcquisitionType": "2D",
  "MagneticFieldStrength": 3,
  "Manufacturer": "GE",
  "ManufacturersModelName": "DISCOVERY_MR750",
  "Modality": "MR",
  "NumberOfAverages": 2,
  "PartialFourier": 0.09375,
  "PatientPosition": "HFS",
  "PercentPhaseFOV": 80,
  "PhaseEncodingAxis": "i",
  "PixelBandwidth": 244.141,
  "ProcedureStepDescription": "MRI_Brain",
  "ProtocolName": "Ax_T2_FRFSE",
  "ReconMatrixPE": 512,
  "RepetitionTime": 5.738,
  "SAR": 0.9559,
  "ScanOptions": "FAST_GEMS_EDR_GEMS_TRF_GEMS_FILTERED_GEMS_FSA_GEMS_FR_GEMS",
  "ScanningSequence": "SE",
  "SequenceVariant": "SK",
  "SeriesDescription": "Ax_T2_FRFSE",
  "SeriesNumber": 5,
  "SliceThickness": 5,
  "SoftwareVersions": "27_LX_MR_Software_release:DV26.0_EB_1707.b",
  "SpacingBetweenSlices": 5,
  "StationName": "fmrif3tb",
  "dcmmeta_affine": [
    [-0.4680471122264862, 0.0029696698766201735, -0.28200000524520874, 123.26349639892578],
    [0.0, 0.46586063504219055, 0.5590000152587891, -89.66278076171875],
    [-0.026560941711068153, -0.052330270409584045, 4.960700035095215, -57.82683181762695],
    [0.0, 0.0, 0.0, 1.0]
],
  "dcmmeta_reorient_transform": [
    [0.0, -1.0, 0.0, 511.0],
    [1.0, 0.0, 0.0, 0.0],
    [0.0, 0.0, -1.0, 31.0],
    [0.0, 0.0, 0.0, 1.0]
],
  "dcmmeta_shape": [512, 512, 32],
  "dcmmeta_slice_dim": 2,
  "dcmmeta_version": 0.6,
  "global": {
    "const": {
      "AccessionNumber": "MR5000518077",
      "AcquisitionMatrix": [0, 320, 256, 0],
      "AcquisitionNumber": 1,
      "AcquisitionTime": "113143",
      "AnatomicRegionSequence": [
        {
          "CodeMeaning": "Brain",
          "CodeValue": "T-A0100",
          "CodingSchemeDesignator": "SRT",
          "GroupLength": 42}
],
      "AngioFlag": "N",
      "BeatRejectionFlag": "Y",
      "BitsAllocated": 16,
      "BitsStored": 16,
      "BodyPartExamined": "BRAIN",
      "CardiacNumberOfImages": 0,
      "Columns": 512,
      "ContentTime": "113143",
      "EchoNumbers": 1,
      "EchoTime": 96.88,
      "EchoTrainLength": 24,
      "FlipAngle": 111.0,
      "GroupLength_0X10_0X0": 116,
      "GroupLength_0X18_0X0": 518,
      "GroupLength_0X28_0X0": 156,
      "GroupLength_0X40_0X0": 300,
      "GroupLength_0X7FE0_0X0": 524300,
      "GroupLength_0X8_0X0": 1018,
      "HeartRate": 0,
      "HighBit": 15,
      "ImageOrientationPatient": [0.998394, -0.0, -0.0566573, 0.00633462, 0.99373, 0.111626],
      "ImageType": [
        "ORIGINAL",
        "PRIMARY",
        "OTHER"
],
      "ImagedNucleus": "1H",
      "ImagesInAcquisition": 32,
      "ImagingFrequency": 127.697527,
      "InPlanePhaseEncodingDirection": "ROW",
      "MRAcquisitionType": "2D",
      "MagneticFieldStrength": 3.0,
      "Manufacturer": "GE MEDICAL SYSTEMS",
      "ManufacturerModelName": "DISCOVERY MR750",
      "Modality": "MR",
      "NumberOfAverages": 2.0,
      "PercentPhaseFieldOfView": 80.0,
      "PercentSampling": 100.0,
      "PerformedLocation": "FMRI",
      "PerformedProcedureStepStartTime": "111142",
      "PhotometricInterpretation": "MONOCHROME2",
      "PixelBandwidth": 244.141,
      "PixelRepresentation": 1,
      "PixelSpacing": [0.4688, 0.4688],
      "ProtocolName": "FIM somatosensory",
      "ReceiveCoilName": "32Ch Head",
      "ReconstructionDiameter": 240.0,
      "ReferencedPerformedProcedureStepSequence": [
        {
          "GroupLength": 100,
          "ReferencedSOPClassUID": "1.2.840.10008.3.1.2.3.3",
          "ReferencedSOPInstanceUID": "1.2.840.113619.6.408.267324386992470371576193595854906486045"}
],
      "ReferencedStudySequence": [
        {
          "GroupLength": 86,
          "ReferencedSOPClassUID": "1.2.840.10008.3.1.2.3.1",
          "ReferencedSOPInstanceUID": "1.2.840.113564.9.1.2787814059.53.2.5000518077"}
],
      "RepetitionTime": 5738.0,
      "RequestAttributesSequence": [
        {
          "GroupLength_0X32_0X0": 18,
          "GroupLength_0X40_0X0": 140,
          "RequestedProcedureDescription": "MRI Brain",
          "RequestedProcedureID": "4000551678",
          "ScheduledProcedureStepDescription": "MRI Brain",
          "ScheduledProcedureStepID": "5000518077",
          "ScheduledProtocolCodeSequence": [
            {
              "CodeMeaning": "MRI Brain",
              "CodeValue": "MI01417",
              "CodingSchemeDesignator": "USA Standard",
              "GroupLength": 54}
]
        }
],
      "Rows": 512,
      "SAR": 0.9559,
      "SamplesPerPixel": 1,
      "ScanOptions": [
        "FAST_GEMS",
        "EDR_GEMS",
        "TRF_GEMS",
        "FILTERED_GEMS",
        "FSA_GEMS",
        "FR_GEMS"
],
      "ScanningSequence": "SE",
      "SequenceVariant": "SK",
      "SeriesDescription": "Ax T2 FRFSE",
      "SeriesNumber": 5,
      "SeriesTime": "113143",
      "SliceThickness": 5.0,
      "SmallestImagePixelValue": 0,
      "SoftwareVersions": [
 "27",
        "LX",
        "MR Software release:DV26.0_EB_1707.b"
],
      "SpacingBetweenSlices": 5.0,
      "SpecificCharacterSet": "ISO_IR 100",
      "StackID": "1",
      "StudyID": "25628",
      "StudyTime": "111852",
      "TriggerWindow": 0,
      "VariableFlipAngleFlag": "N"
    },
    "slices": {
      "GroupLength_0X20_0X0": [390, 390, 390, 390, 390, 390, 390, 390, 390, 390, 390, 390, 388, 390, 390, 390, 388, 390, 390, 390, 390, 390, 388, 388, 388, 390, 390, 390, 390, 390, 390, 390],
      "ImagePositionPatient": [
        [-124.766, -148.391, -84.5666],
        [-124.485, -148.951, -79.6059],
        [-124.203, -149.51, -74.6453],
        [-123.922, -150.069, -69.6846],
        [-123.64, -150.628, -64.7239],
        [-123.359, -151.187, -59.7633],
        [-123.077, -151.746, -54.8026],
        [-122.796, -152.305, -49.8419],
        [-122.514, -152.864, -44.8813],
        [-122.233, -153.423, -39.9206],
        [-121.951, -153.982, -34.9599],
        [-121.669, -154.541, -29.9993],
        [-121.388, -155.1, -25.0386],
        [-121.106, -155.659, -20.0779],
        [-120.825, -156.218, -15.1173],
        [-120.543, -156.777, -10.1566],
        [-120.262, -157.336, -5.19592],
        [-119.98, -157.895, -0.235252],
        [-119.699, -158.454, 4.72542],
        [-119.417, -159.013, 9.68608],
        [-119.136, -159.572, 14.6468],
        [-118.854, -160.131, 19.6074],
        [-118.573, -160.69, 24.5681],
        [-118.291, -161.249, 29.5288],
        [-118.01, -161.808, 34.4894],
        [-117.728, -162.367, 39.4501],
        [-117.447, -162.926, 44.4108],
        [-117.165, -163.485, 49.3714],
        [-116.884, -164.044, 54.3321],
        [-116.602, -164.603, 59.2928],
        [-116.321, -165.162, 64.2534],
        [-116.039, -165.721, 69.2141]
],
      "InStackPositionNumber": [1, 2, 3, 4, 5, 6, 7, 8, 9, 10, 11, 12, 13, 14, 15, 16, 17, 18, 19, 20, 21, 22, 23, 24, 25, 26, 27, 28, 29, 30, 31, 32],
      "InstanceNumber": [1, 2, 3, 4, 5, 6, 7, 8, 9, 10, 11, 12, 13, 14, 15, 16, 17, 18, 19, 20, 21, 22, 23, 24, 25, 26, 27, 28, 29, 30, 31, 32],
      "LargestImagePixelValue": [1332, 1516, 1524, 1742, 1895, 1978, 1936, 2035, 2193, 2332, 2372, 2579, 2838, 2780, 2815, 2872, 2606, 2648, 2564, 2627, 2487, 2467, 2562, 2367, 2151, 1990, 1838, 1508, 1500, 1301, 1135, 248],
      "SliceLocation": [-77.98322296, -73.02255249, -68.06188202, -63.10121536, -58.14054871, -53.17988205, -48.21921539, -43.25854874, -38.29788208, -33.33721542, -28.37654877, -23.41588211, -18.45521545, -13.49454784, -8.533880234, -3.573212862, 1.38745451, 6.348121643, 11.30878925, 16.26945686, 21.23012352, 26.19079018, 31.15145683, 36.1121254, 41.07279205, 46.03345871, 50.99412537, 55.95479202, 60.91545868, 65.87612915, 70.83679962, 75.79747009],
      "WindowCenter": [666.0, 758.0, 762.0, 871.0, 947.0, 989.0, 968.0, 1017.0, 1096.0, 1166.0, 1186.0, 1289.0, 1419.0, 1390.0, 1407.0, 1436.0, 1303.0, 1324.0, 1282.0, 1313.0, 1243.0, 1233.0, 1281.0, 1183.0, 1075.0, 995.0, 919.0, 754.0, 750.0, 650.0, 567.0, 124.0],
      "WindowWidth": [1332.0, 1516.0, 1524.0, 1742.0, 1895.0, 1978.0, 1936.0, 2035.0, 2193.0, 2332.0, 2372.0, 2579.0, 2838.0, 2780.0, 2815.0, 2872.0, 2606.0, 2648.0, 2564.0, 2627.0, 2487.0, 2467.0, 2562.0, 2367.0, 2151.0, 1990.0, 1838.0, 1508.0, 1500.0, 1301.0, 1135.0, 248.0]
    }
  }
}