{
  "AcquisitionMatrixPE": 256,
  "AcquisitionNumber": 1,
  "AcquisitionTime": "09:14:33.000000",
  "BodyPartExamined": "BRAIN",
  "CoilString": "32Ch_Head",
  "ConversionSoftware": "dcm2niix",
  "ConversionSoftwareVersion": "v1.0.20190410  GCC6.3.0",
  "DeviceSerialNumber": "000301496MR3T6MR",
  "EchoTime": 0.096656,
  "EchoTrainLength": 24,
  "FlipAngle": 111,
  "ImageOrientationPatientDICOM": [0.998366, 0, 0.0571436, 0.00892982, 0.987714, -0.156015],
  "ImageType": [
    "ORIGINAL",
    "PRIMARY",
    "OTHER"
],
  "ImagingFrequency": 127.698,
  "InPlanePhaseEncodingDirectionDICOM": "ROW",
  "InstitutionName": "NIH_FMRIF",
  "MRAcquisitionType": "2D",
  "MagneticFieldStrength": 3,
  "Manufacturer": "GE",
  "ManufacturersModelName": "DISCOVERY_MR750",
  "Modality": "MR",
  "NumberOfAverages": 2,
  "PartialFourier": 0.09375,
  "PatientPosition": "HFS",
  "PercentPhaseFOV": 80,
  "PhaseEncodingAxis": "i",
  "PixelBandwidth": 244.141,
  "ProcedureStepDescription": "MRI_Brain",
  "ProtocolName": "Ax_T2_FRFSE",
  "ReconMatrixPE": 512,
  "RepetitionTime": 5.725,
  "SAR": 1.0565,
  "ScanOptions": "FAST_GEMS_EDR_GEMS_TRF_GEMS_FILTERED_GEMS_FSA_GEMS_FR_GEMS",
  "ScanningSequence": "SE",
  "SequenceVariant": "SK",
  "SeriesDescription": "Ax_T2_FRFSE",
  "SeriesNumber": 5,
  "SliceThickness": 5,
  "SoftwareVersions": "27_LX_MR_Software_release:DV26.0_EB_1707.b",
  "SpacingBetweenSlices": 5,
  "StationName": "fmrif3tb",
  "dcmmeta_affine": [
    [-0.46803396940231323, 0.004186299629509449, 0.28200000524520874, 118.41580200195312],
    [0.0, 0.4630403220653534, -0.781000018119812, -81.84960174560547],
    [0.026788920164108276, 0.07313983142375946, 4.930500030517578, -101.96985626220703],
    [0.0, 0.0, 0.0, 1.0]
],
  "dcmmeta_reorient_transform": [
    [0.0, -1.0, 0.0, 511.0],
    [1.0, 0.0, 0.0, 0.0],
    [0.0, 0.0, -1.0, 31.0],
    [0.0, 0.0, 0.0, 1.0]
],
  "dcmmeta_shape": [512, 512, 32],
  "dcmmeta_slice_dim": 2,
  "dcmmeta_version": 0.6,
  "global": {
    "const": {
      "AccessionNumber": "MR5000505520",
      "AcquisitionMatrix": [0, 320, 256, 0],
      "AcquisitionNumber": 1,
      "AcquisitionTime": "091433",
      "AnatomicRegionSequence": [
        {
          "CodeMeaning": "Brain",
          "CodeValue": "T-A0100",
          "CodingSchemeDesignator": "SRT",
          "GroupLength": 42}
],
      "AngioFlag": "N",
      "BeatRejectionFlag": "Y",
      "BitsAllocated": 16,
      "BitsStored": 16,
      "BodyPartExamined": "BRAIN",
      "CardiacNumberOfImages": 0,
      "Columns": 512,
      "ContentTime": "091433",
      "EchoNumbers": 1,
      "EchoTime": 96.656,
      "EchoTrainLength": 24,
      "FlipAngle": 111.0,
      "GroupLength_0X10_0X0": 116,
      "GroupLength_0X18_0X0": 524,
      "GroupLength_0X28_0X0": 156,
      "GroupLength_0X40_0X0": 302,
      "GroupLength_0X7FE0_0X0": 524300,
      "GroupLength_0X8_0X0": 1146,
      "HeartRate": 0,
      "HighBit": 15,
      "ImageOrientationPatient": [0.998366, -0.0, 0.0571436, 0.00892982, 0.987714, -0.156015],
      "ImageType": [
        "ORIGINAL",
        "PRIMARY",
        "OTHER"
],
      "ImagedNucleus": "1H",
      "ImagesInAcquisition": 32,
      "ImagingFrequency": 127.697537,
      "InPlanePhaseEncodingDirection": "ROW",
      "MRAcquisitionType": "2D",
      "MagneticFieldStrength": 3.0,
      "Manufacturer": "GE MEDICAL SYSTEMS",
      "ManufacturerModelName": "DISCOVERY MR750",
      "Modality": "MR",
      "NumberOfAverages": 2.0,
      "PercentPhaseFieldOfView": 80.0,
      "PercentSampling": 100.0,
      "PerformedLocation": "FMRI",
      "PerformedProcedureStepStartTime": "090103",
      "PhotometricInterpretation": "MONOCHROME2",
      "PixelBandwidth": 244.141,
      "PixelRepresentation": 1,
      "PixelSpacing": [0.4688, 0.4688],
      "ProtocolName": "FMRIF - Clinical 32Ch Br",
      "ReceiveCoilName": "32Ch Head",
      "ReconstructionDiameter": 240.0,
      "ReferencedPerformedProcedureStepSequence": [
        {
          "GroupLength": 100,
          "ReferencedSOPClassUID": "1.2.840.10008.3.1.2.3.3",
          "ReferencedSOPInstanceUID": "1.2.840.113619.6.408.114048793834290401543983908439819156709"}
],
      "ReferencedStudySequence": [
        {
          "GroupLength": 86,
          "ReferencedSOPClassUID": "1.2.840.10008.3.1.2.3.1",
          "ReferencedSOPInstanceUID": "1.2.840.113564.9.1.2787814059.53.2.5000505520"}
],
      "RepetitionTime": 5725.0,
      "RequestAttributesSequence": [
        {
          "GroupLength_0X32_0X0": 18,
          "GroupLength_0X40_0X0": 140,
          "RequestedProcedureDescription": "MRI Brain",
          "RequestedProcedureID": "4000539311",
          "ScheduledProcedureStepDescription": "MRI Brain",
          "ScheduledProcedureStepID": "5000505520",
          "ScheduledProtocolCodeSequence": [
            {
              "CodeMeaning": "MRI Brain",
              "CodeValue": "MI01417",
              "CodingSchemeDesignator": "USA Standard",
              "GroupLength": 54}
]
        }
],
      "Rows": 512,
      "SAR": 1.0565,
      "SamplesPerPixel": 1,
      "ScanOptions": [
        "FAST_GEMS",
        "EDR_GEMS",
        "TRF_GEMS",
        "FILTERED_GEMS",
        "FSA_GEMS",
        "FR_GEMS"
],
      "ScanningSequence": "SE",
      "SequenceVariant": "SK",
      "SeriesDescription": "Ax T2 FRFSE",
      "SeriesNumber": 5,
      "SeriesTime": "091433",
      "SliceThickness": 5.0,
      "SmallestImagePixelValue": 0,
      "SoftwareVersions": [
 "27",
        "LX",
        "MR Software release:DV26.0_EB_1707.b"
],
      "SpacingBetweenSlices": 5.0,
      "SpecificCharacterSet": "ISO_IR 100",
      "StackID": "1",
      "StudyID": "25448",
      "StudyTime": "090119",
      "TriggerWindow": 0,
      "VariableFlipAngleFlag": "N"
    },
    "slices": {
      "GroupLength_0X20_0X0": [392, 392, 392, 390, 392, 392, 392, 392, 392, 392, 392, 392, 392, 394, 392, 390, 392, 390, 390, 390, 392, 392, 392, 392, 392, 392, 392, 392, 390, 390, 392, 392],
      "ImagePositionPatient": [
        [-120.548, -154.774, -64.5955],
        [-120.831, -153.993, -59.6649],
        [-121.113, -153.212, -54.7344],
        [-121.395, -152.43, -49.8039],
        [-121.677, -151.649, -44.8734],
        [-121.96, -150.868, -39.9429],
        [-122.242, -150.086, -35.0124],
        [-122.524, -149.305, -30.0819],
        [-122.806, -148.524, -25.1514],
        [-123.088, -147.742, -20.2209],
        [-123.371, -146.961, -15.2904],
        [-123.653, -146.18, -10.3599],
        [-123.935, -145.398, -5.42944],
        [-124.217, -144.617, -0.498943],
        [-124.499, -143.835, 4.43156],
        [-124.782, -143.054, 9.36206],
        [-125.064, -142.273, 14.2926],
        [-125.346, -141.491, 19.2231],
        [-125.628, -140.71, 24.1536],
        [-125.91, -139.929, 29.0841],
        [-126.193, -139.147, 34.0146],
        [-126.475, -138.366, 38.9451],
        [-126.757, -137.585, 43.8756],
        [-127.039, -136.803, 48.8061],
        [-127.321, -136.022, 53.7366],
        [-127.604, -135.241, 58.6671],
        [-127.886, -134.459, 63.5976],
        [-128.168, -133.678, 68.5281],
        [-128.45, -132.897, 73.4586],
        [-128.733, -132.115, 78.3891],
        [-129.015, -131.334, 83.3196],
        [-129.297, -130.553, 88.2501]
],
      "InStackPositionNumber": [1, 2, 3, 4, 5, 6, 7, 8, 9, 10, 11, 12, 13, 14, 15, 16, 17, 18, 19, 20, 21, 22, 23, 24, 25, 26, 27, 28, 29, 30, 31, 32],
      "InstanceNumber": [1, 2, 3, 4, 5, 6, 7, 8, 9, 10, 11, 12, 13, 14, 15, 16, 17, 18, 19, 20, 21, 22, 23, 24, 25, 26, 27, 28, 29, 30, 31, 32],
      "LargestImagePixelValue": [1947, 2105, 2076, 2400, 2454, 2409, 2463, 2873, 2530, 3162, 3116, 3043, 3081, 3006, 2994, 3028, 2801, 2882, 2997, 2709, 2594, 2457, 2493, 2470, 2465, 2344, 2571, 2056, 1810, 1688, 1534, 1458],
      "SliceLocation": [-76.43680573, -71.50630188, -66.57579803, -61.645298, -56.71479797, -51.78429794, -46.85379791, -41.92329788, -36.99279785, -32.06229782, -27.13179779, -22.20129776, -17.27079773, -12.3402977, -7.409797668, -2.4792974, 2.451202869, 7.3817029, 12.31220341, 17.24270439, 22.17320442, 27.10370445, 32.03420639, 36.96470642, 41.89520645, 46.82570648, 51.75620651, 56.68670654, 61.61720657, 66.5477066, 71.47821045, 76.40871429],
      "WindowCenter": [973.0, 1052.0, 1038.0, 1200.0, 1227.0, 1204.0, 1231.0, 1436.0, 1265.0, 1581.0, 1558.0, 1521.0, 1540.0, 1503.0, 1497.0, 1514.0, 1400.0, 1441.0, 1498.0, 1354.0, 1297.0, 1228.0, 1246.0, 1235.0, 1232.0, 1172.0, 1285.0, 1028.0, 905.0, 844.0, 767.0, 729.0],
      "WindowWidth": [1947.0, 2105.0, 2076.0, 2400.0, 2454.0, 2409.0, 2463.0, 2873.0, 2530.0, 3162.0, 3116.0, 3043.0, 3081.0, 3006.0, 2994.0, 3028.0, 2801.0, 2882.0, 2997.0, 2709.0, 2594.0, 2457.0, 2493.0, 2470.0, 2465.0, 2344.0, 2571.0, 2056.0, 1810.0, 1688.0, 1534.0, 1458.0]
    }
  }
}