{
  "AcquisitionMatrixPE": 256,
  "AcquisitionNumber": 1,
  "AcquisitionTime": "09:04:33.000000",
  "BodyPartExamined": "BRAIN",
  "CoilString": "32Ch_Head",
  "ConversionSoftware": "dcm2niix",
  "ConversionSoftwareVersion": "v1.0.20190410  GCC6.3.0",
  "DeviceSerialNumber": "000301496MR3T6MR",
  "EchoTime": 0.015288,
  "EchoTrainLength": 2,
  "FlipAngle": 111,
  "ImageOrientationPatientDICOM": [0.00853303, 0.999964, 0.000315475, 0.0369494, 0, -0.999317],
  "ImageType": [
    "ORIGINAL",
    "PRIMARY",
    "OTHER"
],
  "ImagingFrequency": 127.698,
  "InPlanePhaseEncodingDirectionDICOM": "ROW",
  "InstitutionName": "NIH_FMRIF",
  "MRAcquisitionType": "2D",
  "MagneticFieldStrength": 3,
  "Manufacturer": "GE",
  "ManufacturersModelName": "DISCOVERY_MR750",
  "Modality": "MR",
  "PartialFourier": 0.0078125,
  "PatientPosition": "HFS",
  "PercentPhaseFOV": 100,
  "PhaseEncodingAxis": "i",
  "PixelBandwidth": 97.6562,
  "ProcedureStepDescription": "MRI_Brain",
  "ProtocolName": "Sag_T1_FSE",
  "ReconMatrixPE": 512,
  "RepetitionTime": 0.663,
  "SAR": 0.6955,
  "ScanOptions": "FAST_GEMS_EDR_GEMS_TRF_GEMS_FILTERED_GEMS_FSS_GEMS",
  "ScanningSequence": "SE",
  "SequenceVariant": "SK",
  "SeriesDescription": "Sag_T1_FSE",
  "SeriesNumber": 2,
  "SliceThickness": 5,
  "SoftwareVersions": "27_LX_MR_Software_release:DV26.0_EB_1707.b",
  "SpacingBetweenSlices": 5,
  "StationName": "fmrif3tb",
  "dcmmeta_affine": [
    [-0.004000284243375063, 0.017321832478046417, 4.996399879455566, -77.57305908203125],
    [-0.46878311038017273, 0.0, -0.0430000014603138, 153.552001953125],
    [0.00014789467968512326, 0.46847981214523315, -0.18469999730587006, -134.01588439941406],
    [0.0, 0.0, 0.0, 1.0]
],
  "dcmmeta_reorient_transform": [
    [0.0, -1.0, 0.0, 511.0],
    [1.0, 0.0, 0.0, 0.0],
    [0.0, 0.0, -1.0, 31.0],
    [0.0, 0.0, 0.0, 1.0]
],
  "dcmmeta_shape": [512, 512, 32],
  "dcmmeta_slice_dim": 2,
  "dcmmeta_version": 0.6,
  "global": {
    "const": {
      "AccessionNumber": "MR5000505520",
      "AcquisitionMatrix": [0, 512, 256, 0],
      "AcquisitionNumber": 1,
      "AcquisitionTime": "090433",
      "AnatomicRegionSequence": [
        {
          "CodeMeaning": "Brain",
          "CodeValue": "T-A0100",
          "CodingSchemeDesignator": "SRT",
          "GroupLength": 42}
],
      "AngioFlag": "N",
      "BeatRejectionFlag": "Y",
      "BitsAllocated": 16,
      "BitsStored": 16,
      "BodyPartExamined": "BRAIN",
      "CardiacNumberOfImages": 0,
      "Columns": 512,
      "ContentTime": "090433",
      "EchoNumbers": 1,
      "EchoTime": 15.288,
      "EchoTrainLength": 2,
      "FlipAngle": 111.0,
      "GroupLength_0X10_0X0": 116,
      "GroupLength_0X18_0X0": 518,
      "GroupLength_0X28_0X0": 156,
      "GroupLength_0X40_0X0": 302,
      "GroupLength_0X7FE0_0X0": 524300,
      "HeartRate": 0,
      "HighBit": 15,
      "ImageType": [
        "ORIGINAL",
        "PRIMARY",
        "OTHER"
],
      "ImagedNucleus": "1H",
      "ImagesInAcquisition": 32,
      "ImagingFrequency": 127.697537,
      "InPlanePhaseEncodingDirection": "ROW",
      "MRAcquisitionType": "2D",
      "MagneticFieldStrength": 3.0,
      "Manufacturer": "GE MEDICAL SYSTEMS",
      "ManufacturerModelName": "DISCOVERY MR750",
      "Modality": "MR",
      "NumberOfAverages": 1.0,
      "PercentPhaseFieldOfView": 100.0,
      "PercentSampling": 100.0,
      "PerformedLocation": "FMRI",
      "PerformedProcedureStepStartTime": "090103",
      "PhotometricInterpretation": "MONOCHROME2",
      "PixelBandwidth": 97.6562,
      "PixelRepresentation": 1,
      "PixelSpacing": [0.4688, 0.4688],
      "ProtocolName": "FMRIF - Clinical 32Ch Br",
      "ReceiveCoilName": "32Ch Head",
      "ReconstructionDiameter": 240.0,
      "ReferencedPerformedProcedureStepSequence": [
        {
          "GroupLength": 100,
          "ReferencedSOPClassUID": "1.2.840.10008.3.1.2.3.3",
          "ReferencedSOPInstanceUID": "1.2.840.113619.6.408.114048793834290401543983908439819156709"}
],
      "ReferencedStudySequence": [
        {
          "GroupLength": 86,
          "ReferencedSOPClassUID": "1.2.840.10008.3.1.2.3.1",
          "ReferencedSOPInstanceUID": "1.2.840.113564.9.1.2787814059.53.2.5000505520"}
],
      "RepetitionTime": 663.0,
      "RequestAttributesSequence": [
        {
          "GroupLength_0X32_0X0": 18,
          "GroupLength_0X40_0X0": 140,
          "RequestedProcedureDescription": "MRI Brain",
          "RequestedProcedureID": "4000539311",
          "ScheduledProcedureStepDescription": "MRI Brain",
          "ScheduledProcedureStepID": "5000505520",
          "ScheduledProtocolCodeSequence": [
            {
              "CodeMeaning": "MRI Brain",
              "CodeValue": "MI01417",
              "CodingSchemeDesignator": "USA Standard",
              "GroupLength": 54}
]
        }
],
      "Rows": 512,
      "SAR": 0.6955,
      "SamplesPerPixel": 1,
      "ScanOptions": [
        "FAST_GEMS",
        "EDR_GEMS",
        "TRF_GEMS",
        "FILTERED_GEMS",
        "FSS_GEMS"
],
      "ScanningSequence": "SE",
      "SequenceVariant": "SK",
      "SeriesDescription": "Sag T1 FSE",
      "SeriesNumber": 2,
      "SeriesTime": "090433",
      "SliceThickness": 5.0,
      "SmallestImagePixelValue": 0,
      "SoftwareVersions": [
 "27",
        "LX",
        "MR Software release:DV26.0_EB_1707.b"
],
      "SpacingBetweenSlices": 5.0,
      "SpecificCharacterSet": "ISO_IR 100",
      "StackID": "1",
      "StudyID": "25448",
      "StudyTime": "090119",
      "TriggerWindow": 0,
      "VariableFlipAngleFlag": "N"
    },
    "slices": {
      "GroupLength_0X20_0X0": [392, 390, 392, 392, 392, 392, 392, 392, 392, 392, 392, 392, 392, 392, 394, 394, 392, 394, 394, 392, 392, 394, 394, 394, 392, 392, 394, 392, 394, 392, 394, 394],
      "GroupLength_0X8_0X0": [1024, 1024, 1024, 1024, 1024, 1024, 1024, 1024, 1024, 1024, 1024, 1024, 1024, 1024, 1024, 1024, 1024, 1024, 1024, 1024, 1024, 1026, 1024, 1026, 1024, 1026, 1024, 1026, 1024, 1026, 1024, 1026],
      "ImageOrientationPatient": [
        [0.00853303, 0.999964, 0.000315475, 0.0369494, -0.0, -0.999317],
        [0.00853305, 0.999964, 0.000315475, 0.0369494, -0.0, -0.999317],
        [0.00853305, 0.999964, 0.000315475, 0.0369493, -0.0, -0.999317],
        [0.00853305, 0.999964, 0.000315475, 0.0369494, -0.0, -0.999317],
        [0.00853305, 0.999964, 0.000315475, 0.0369494, -0.0, -0.999317],
        [0.00853305, 0.999964, 0.000315475, 0.0369494, -0.0, -0.999317],
        [0.00853305, 0.999964, 0.000315475, 0.0369494, -0.0, -0.999317],
        [0.00853305, 0.999964, 0.000315475, 0.0369494, -0.0, -0.999317],
        [0.00853305, 0.999964, 0.000315475, 0.0369494, -0.0, -0.999317],
        [0.00853305, 0.999964, 0.000315475, 0.0369494, -0.0, -0.999317],
        [0.00853305, 0.999964, 0.000315475, 0.0369494, -0.0, -0.999317],
        [0.00853305, 0.999964, 0.000315475, 0.0369494, -0.0, -0.999317],
        [0.00853304, 0.999964, 0.000315475, 0.0369494, -0.0, -0.999317],
        [0.00853305, 0.999964, 0.000315475, 0.0369494, -0.0, -0.999317],
        [0.00853305, 0.999964, 0.000315475, 0.0369494, -0.0, -0.999317],
        [0.00853305, 0.999964, 0.000315475, 0.0369494, -0.0, -0.999317],
        [0.00853304, 0.999964, 0.000315475, 0.0369494, -0.0, -0.999317],
        [0.00853304, 0.999964, 0.000315475, 0.0369494, -0.0, -0.999317],
        [0.00853305, 0.999964, 0.000315475, 0.0369494, -0.0, -0.999317],
        [0.00853305, 0.999964, 0.000315475, 0.0369494, -0.0, -0.999317],
        [0.00853305, 0.999964, 0.000315475, 0.0369494, -0.0, -0.999317],
        [0.00853303, 0.999964, 0.000315475, 0.0369494, -0.0, -0.999317],
        [0.00853305, 0.999964, 0.000315475, 0.0369494, -0.0, -0.999317],
        [0.00853305, 0.999964, 0.000315475, 0.0369494, -0.0, -0.999317],
        [0.00853305, 0.999964, 0.000315475, 0.0369494, -0.0, -0.999317],
        [0.00853305, 0.999964, 0.000315475, 0.0369494, -0.0, -0.999317],
        [0.00853305, 0.999964, 0.000315475, 0.0369494, -0.0, -0.999317],
        [0.00853303, 0.999964, 0.000315475, 0.0369494, -0.0, -0.999317],
        [0.00853303, 0.999964, 0.000315475, 0.0369494, -0.0, -0.999317],
        [0.00853303, 0.999964, 0.000315475, 0.0369493, -0.0, -0.999317],
        [0.00853303, 0.999964, 0.000315475, 0.0369493, -0.0, -0.999317],
        [0.00853303, 0.999964, 0.000315475, 0.0369493, -0.0, -0.999317]
],
      "ImagePositionPatient": [
        [68.7217, -153.543, 105.378],
        [63.7253, -153.5, 105.194],
        [58.7289, -153.457, 105.009],
        [53.7325, -153.415, 104.824],
        [48.7361, -153.372, 104.64],
        [43.7397, -153.329, 104.455],
        [38.7433, -153.286, 104.27],
        [33.7469, -153.244, 104.085],
        [28.7504, -153.201, 103.901],
        [23.754, -153.158, 103.716],
        [18.7576, -153.116, 103.531],
        [13.7612, -153.073, 103.346],
        [8.76484, -153.03, 103.162],
        [3.76843, -152.988, 102.977],
        [-1.22797, -152.945, 102.792],
        [-6.22437, -152.902, 102.607],
        [-11.2208, -152.86, 102.423],
        [-16.2172, -152.817, 102.238],
        [-21.2136, -152.774, 102.053],
        [-26.21, -152.731, 101.868],
        [-31.2064, -152.689, 101.684],
        [-36.2028, -152.646, 101.499],
        [-41.1992, -152.603, 101.314],
        [-46.1956, -152.561, 101.129],
        [-51.192, -152.518, 100.945],
        [-56.1884, -152.475, 100.76],
        [-61.1848, -152.433, 100.575],
        [-66.1812, -152.39, 100.391],
        [-71.1776, -152.347, 100.206],
        [-76.174, -152.305, 100.021],
        [-81.1704, -152.262, 99.8363],
        [-86.1668, -152.219, 99.6516]
],
      "InStackPositionNumber": [1, 2, 3, 4, 5, 6, 7, 8, 9, 10, 11, 12, 13, 14, 15, 16, 17, 18, 19, 20, 21, 22, 23, 24, 25, 26, 27, 28, 29, 30, 31, 32],
      "InstanceNumber": [1, 2, 3, 4, 5, 6, 7, 8, 9, 10, 11, 12, 13, 14, 15, 16, 17, 18, 19, 20, 21, 22, 23, 24, 25, 26, 27, 28, 29, 30, 31, 32],
      "LargestImagePixelValue": [2458, 2542, 2492, 2387, 2521, 2521, 2414, 2452, 2515, 2311, 2462, 2414, 2853, 2881, 2594, 3011, 4009, 2577, 2909, 2572, 2746, 3052, 2883, 2647, 2599, 2596, 2203, 2199, 2350, 2151, 2150, 2026],
      "SliceLocation": [-74.16890717, -69.17250061, -64.17609406, -59.17969131, -54.18328857, -49.18688583, -44.19048309, -39.19408035, -34.19767761, -29.20127487, -24.20487213, -19.20846939, -14.2120657, -9.215662003, -4.219258308, 0.7771452069, 5.773548603, 10.76995182, 15.76635551, 20.76275826, 25.759161, 30.75556374, 35.75196838, 40.74837112, 45.74477386, 50.74117661, 55.73757935, 60.73398209, 65.73038483, 70.72679138, 75.72319794, 80.71960449],
      "WindowCenter": [1229.0, 1271.0, 1246.0, 1193.0, 1260.0, 1260.0, 1207.0, 1226.0, 1257.0, 1155.0, 1231.0, 1207.0, 1426.0, 1440.0, 1297.0, 1505.0, 2004.0, 1288.0, 1454.0, 1286.0, 1373.0, 1526.0, 1441.0, 1323.0, 1299.0, 1298.0, 1101.0, 1099.0, 1175.0, 1075.0, 1075.0, 1013.0],
      "WindowWidth": [2458.0, 2542.0, 2492.0, 2387.0, 2521.0, 2521.0, 2414.0, 2452.0, 2515.0, 2311.0, 2462.0, 2414.0, 2853.0, 2881.0, 2594.0, 3011.0, 4009.0, 2577.0, 2909.0, 2572.0, 2746.0, 3052.0, 2883.0, 2647.0, 2599.0, 2596.0, 2203.0, 2199.0, 2350.0, 2151.0, 2150.0, 2026.0]
    }
  }
}