{
  "AcquisitionMatrixPE": 256,
  "AcquisitionNumber": 1,
  "AcquisitionTime": "10:27:10.000000",
  "BodyPartExamined": "BRAIN",
  "CoilString": "32Ch_Head",
  "ConversionSoftware": "dcm2niix",
  "ConversionSoftwareVersion": "v1.0.20190410  GCC6.3.0",
  "DeviceSerialNumber": "000301496MR3T6MR",
  "EchoTime": 0.015288,
  "EchoTrainLength": 2,
  "FlipAngle": 111,
  "ImageOrientationPatientDICOM": [0, 1, 0, 0, 0, -1],
  "ImageType": [
    "ORIGINAL",
    "PRIMARY",
    "OTHER"
],
  "ImagingFrequency": 127.698,
  "InPlanePhaseEncodingDirectionDICOM": "ROW",
  "InstitutionName": "NIH_FMRIF",
  "MRAcquisitionType": "2D",
  "MagneticFieldStrength": 3,
  "Manufacturer": "GE",
  "ManufacturersModelName": "DISCOVERY_MR750",
  "Modality": "MR",
  "PartialFourier": 0.0078125,
  "PatientPosition": "HFS",
  "PercentPhaseFOV": 100,
  "PhaseEncodingAxis": "i",
  "PixelBandwidth": 97.6562,
  "ProcedureStepDescription": "MRI_Brain",
  "ProtocolName": "Sag_T1_FSE",
  "ReconMatrixPE": 512,
  "RepetitionTime": 0.663,
  "SAR": 0.5198,
  "ScanOptions": "FAST_GEMS_EDR_GEMS_TRF_GEMS_FILTERED_GEMS_FSS_GEMS",
  "ScanningSequence": "SE",
  "SequenceVariant": "SK",
  "SeriesDescription": "Sag_T1_FSE",
  "SeriesNumber": 4,
  "SliceThickness": 5,
  "SoftwareVersions": "27_LX_MR_Software_release:DV26.0_EB_1707.b",
  "SpacingBetweenSlices": 5,
  "StationName": "fmrif3tb",
  "dcmmeta_affine": [
    [0.0, 0.0, 5.0, -78.05280303955078],
    [-0.46880000829696655, 0.0, 0.0, 150.1510009765625],
    [0.0, 0.46880000829696655, 0.0, -123.79080200195312],
    [0.0, 0.0, 0.0, 1.0]
],
  "dcmmeta_reorient_transform": [
    [0.0, -1.0, 0.0, 511.0],
    [1.0, 0.0, 0.0, 0.0],
    [0.0, 0.0, -1.0, 31.0],
    [0.0, 0.0, 0.0, 1.0]
],
  "dcmmeta_shape": [512, 512, 32],
  "dcmmeta_slice_dim": 2,
  "dcmmeta_version": 0.6,
  "global": {
    "const": {
      "AccessionNumber": "MR5000521218",
      "AcquisitionMatrix": [0, 512, 256, 0],
      "AcquisitionNumber": 1,
      "AcquisitionTime": "102710",
      "AnatomicRegionSequence": [
        {
          "CodeMeaning": "Brain",
          "CodeValue": "T-A0100",
          "CodingSchemeDesignator": "SRT",
          "GroupLength": 42}
],
      "AngioFlag": "N",
      "BeatRejectionFlag": "Y",
      "BitsAllocated": 16,
      "BitsStored": 16,
      "BodyPartExamined": "BRAIN",
      "CardiacNumberOfImages": 0,
      "Columns": 512,
      "ContentTime": "102710",
      "EchoNumbers": 1,
      "EchoTime": 15.288,
      "EchoTrainLength": 2,
      "FlipAngle": 111.0,
      "GroupLength_0X10_0X0": 116,
      "GroupLength_0X18_0X0": 518,
      "GroupLength_0X28_0X0": 156,
      "GroupLength_0X40_0X0": 302,
      "GroupLength_0X7FE0_0X0": 524300,
      "GroupLength_0X8_0X0": 1136,
      "HeartRate": 0,
      "HighBit": 15,
      "ImageOrientationPatient": [-0.0, 1.0, 0.0, -0.0, -0.0, -1.0],
      "ImageType": [
        "ORIGINAL",
        "PRIMARY",
        "OTHER"
],
      "ImagedNucleus": "1H",
      "ImagesInAcquisition": 32,
      "ImagingFrequency": 127.69751,
      "InPlanePhaseEncodingDirection": "ROW",
      "MRAcquisitionType": "2D",
      "MagneticFieldStrength": 3.0,
      "Manufacturer": "GE MEDICAL SYSTEMS",
      "ManufacturerModelName": "DISCOVERY MR750",
      "Modality": "MR",
      "NumberOfAverages": 1.0,
      "PercentPhaseFieldOfView": 100.0,
      "PercentSampling": 100.0,
      "PerformedLocation": "FMRI",
      "PerformedProcedureStepStartTime": "100621",
      "PhotometricInterpretation": "MONOCHROME2",
      "PixelBandwidth": 97.6562,
      "PixelRepresentation": 1,
      "PixelSpacing": [0.4688, 0.4688],
      "ProtocolName": "FMRIF - Clinical 32Ch Br",
      "ReceiveCoilName": "32Ch Head",
      "ReconstructionDiameter": 240.0,
      "ReferencedPerformedProcedureStepSequence": [
        {
          "GroupLength": 100,
          "ReferencedSOPClassUID": "1.2.840.10008.3.1.2.3.3",
          "ReferencedSOPInstanceUID": "1.2.840.113619.6.408.196738885618965935682762503772917939746"}
],
      "ReferencedStudySequence": [
        {
          "GroupLength": 86,
          "ReferencedSOPClassUID": "1.2.840.10008.3.1.2.3.1",
          "ReferencedSOPInstanceUID": "1.2.840.113564.9.1.2787814059.53.2.5000521218"}
],
      "RepetitionTime": 663.0,
      "RequestAttributesSequence": [
        {
          "GroupLength_0X32_0X0": 18,
          "GroupLength_0X40_0X0": 140,
          "RequestedProcedureDescription": "MRI Brain",
          "RequestedProcedureID": "4000554817",
          "ScheduledProcedureStepDescription": "MRI Brain",
          "ScheduledProcedureStepID": "5000521218",
          "ScheduledProtocolCodeSequence": [
            {
              "CodeMeaning": "MRI Brain",
              "CodeValue": "MI01417",
              "CodingSchemeDesignator": "USA Standard",
              "GroupLength": 54}
]
        }
],
      "Rows": 512,
      "SAR": 0.5198,
      "SamplesPerPixel": 1,
      "ScanOptions": [
        "FAST_GEMS",
        "EDR_GEMS",
        "TRF_GEMS",
        "FILTERED_GEMS",
        "FSS_GEMS"
],
      "ScanningSequence": "SE",
      "SequenceVariant": "SK",
      "SeriesDescription": "Sag T1 FSE",
      "SeriesNumber": 4,
      "SeriesTime": "102710",
      "SliceThickness": 5.0,
      "SmallestImagePixelValue": 0,
      "SoftwareVersions": [
 "27",
        "LX",
        "MR Software release:DV26.0_EB_1707.b"
],
      "SpacingBetweenSlices": 5.0,
      "SpecificCharacterSet": "ISO_IR 100",
      "StackID": "1",
      "StudyID": "25718",
      "StudyTime": "101740",
      "TriggerWindow": 0,
      "VariableFlipAngleFlag": "N"
    },
    "slices": {
      "GroupLength_0X20_0X0": [350, 350, 350, 350, 350, 350, 350, 350, 350, 350, 350, 350, 350, 350, 350, 350, 352, 352, 352, 352, 352, 352, 352, 352, 352, 352, 352, 352, 352, 352, 352, 352],
      "ImagePositionPatient": [
        [78.0528, -150.151, 115.766],
        [73.0528, -150.151, 115.766],
        [68.0528, -150.151, 115.766],
        [63.0528, -150.151, 115.766],
        [58.0528, -150.151, 115.766],
        [53.0528, -150.151, 115.766],
        [48.0528, -150.151, 115.766],
        [43.0528, -150.151, 115.766],
        [38.0528, -150.151, 115.766],
        [33.0528, -150.151, 115.766],
        [28.0528, -150.151, 115.766],
        [23.0528, -150.151, 115.766],
        [18.0528, -150.151, 115.766],
        [13.0528, -150.151, 115.766],
        [8.05285, -150.151, 115.766],
        [3.05285, -150.151, 115.766],
        [-1.94715, -150.151, 115.766],
        [-6.94715, -150.151, 115.766],
        [-11.9472, -150.151, 115.766],
        [-16.9472, -150.151, 115.766],
        [-21.9472, -150.151, 115.766],
        [-26.9472, -150.151, 115.766],
        [-31.9472, -150.151, 115.766],
        [-36.9472, -150.151, 115.766],
        [-41.9472, -150.151, 115.766],
        [-46.9472, -150.151, 115.766],
        [-51.9472, -150.151, 115.766],
        [-56.9472, -150.151, 115.766],
        [-61.9472, -150.151, 115.766],
        [-66.9472, -150.151, 115.766],
        [-71.9472, -150.151, 115.766],
        [-76.9472, -150.151, 115.766]
],
      "InStackPositionNumber": [1, 2, 3, 4, 5, 6, 7, 8, 9, 10, 11, 12, 13, 14, 15, 16, 17, 18, 19, 20, 21, 22, 23, 24, 25, 26, 27, 28, 29, 30, 31, 32],
      "InstanceNumber": [1, 2, 3, 4, 5, 6, 7, 8, 9, 10, 11, 12, 13, 14, 15, 16, 17, 18, 19, 20, 21, 22, 23, 24, 25, 26, 27, 28, 29, 30, 31, 32],
      "LargestImagePixelValue": [406, 1359, 1691, 1748, 1688, 1698, 2009, 1939, 2166, 2183, 2284, 2171, 2360, 2312, 2420, 2609, 2659, 2408, 2295, 2149, 1990, 1936, 1969, 1960, 1760, 1518, 1669, 1521, 1332, 1400, 324, 219],
      "SliceLocation": [-78.05284882, -73.05284882, -68.05284882, -63.05284882, -58.05284882, -53.05284882, -48.05284882, -43.05284882, -38.05284882, -33.05284882, -28.05284882, -23.05284882, -18.05284882, -13.05284882, -8.052848816, -3.052848816, 1.947151184, 6.947151184, 11.94715118, 16.94715118, 21.94715118, 26.94715118, 31.94715118, 36.94715118, 41.94715118, 46.94715118, 51.94715118, 56.94715118, 61.94715118, 66.94715118, 71.94715118, 76.94715118],
      "WindowCenter": [203.0, 679.0, 845.0, 874.0, 844.0, 849.0, 1004.0, 969.0, 1083.0, 1091.0, 1142.0, 1085.0, 1180.0, 1156.0, 1210.0, 1304.0, 1329.0, 1204.0, 1147.0, 1074.0, 995.0, 968.0, 984.0, 980.0, 880.0, 759.0, 834.0, 760.0, 666.0, 700.0, 162.0, 109.0],
      "WindowWidth": [406.0, 1359.0, 1691.0, 1748.0, 1688.0, 1698.0, 2009.0, 1939.0, 2166.0, 2183.0, 2284.0, 2171.0, 2360.0, 2312.0, 2420.0, 2609.0, 2659.0, 2408.0, 2295.0, 2149.0, 1990.0, 1936.0, 1969.0, 1960.0, 1760.0, 1518.0, 1669.0, 1521.0, 1332.0, 1400.0, 324.0, 219.0]
    }
  }
}