{
  "AcquisitionMatrixPE": 256,
  "AcquisitionNumber": 1,
  "AcquisitionTime": "10:31:11.000000",
  "BodyPartExamined": "BRAIN",
  "CoilString": "32Ch_Head",
  "ConversionSoftware": "dcm2niix",
  "ConversionSoftwareVersion": "v1.0.20190410  GCC6.3.0",
  "DeviceSerialNumber": "000301496MR3T6MR",
  "EchoTime": 0.09688,
  "EchoTrainLength": 24,
  "FlipAngle": 111,
  "ImageOrientationPatientDICOM": [0.999935, 0, 0.0114401, -0.000882149, 0.997023, 0.0771032],
  "ImageType": [
    "ORIGINAL",
    "PRIMARY",
    "OTHER"
],
  "ImagingFrequency": 127.698,
  "InPlanePhaseEncodingDirectionDICOM": "ROW",
  "InstitutionName": "NIH_FMRIF",
  "MRAcquisitionType": "2D",
  "MagneticFieldStrength": 3,
  "Manufacturer": "GE",
  "ManufacturersModelName": "DISCOVERY_MR750",
  "Modality": "MR",
  "NumberOfAverages": 2,
  "PartialFourier": 0.09375,
  "PatientPosition": "HFS",
  "PercentPhaseFOV": 80,
  "PhaseEncodingAxis": "i",
  "PixelBandwidth": 244.141,
  "ProcedureStepDescription": "MRI_Brain",
  "ProtocolName": "Ax_T2_FRFSE",
  "ReconMatrixPE": 512,
  "RepetitionTime": 5.738,
  "SAR": 0.7581,
  "ScanOptions": "FAST_GEMS_EDR_GEMS_TRF_GEMS_FILTERED_GEMS_FSA_GEMS_FR_GEMS",
  "ScanningSequence": "SE",
  "SequenceVariant": "SK",
  "SeriesDescription": "Ax_T2_FRFSE",
  "SeriesNumber": 5,
  "SliceThickness": 5,
  "SoftwareVersions": "27_LX_MR_Software_release:DV26.0_EB_1707.b",
  "SpacingBetweenSlices": 5,
  "StationName": "fmrif3tb",
  "dcmmeta_affine": [
    [-0.46876952052116394, -0.0004135514609515667, 0.05700000002980232, 117.62832641601562],
    [0.0, 0.46740439534187317, 0.38600000739097595, -89.28363800048828],
    [0.005363118834793568, -0.03614598140120506, 4.984799861907959, -48.591705322265625],
    [0.0, 0.0, 0.0, 1.0]
],
  "dcmmeta_reorient_transform": [
    [0.0, -1.0, 0.0, 511.0],
    [1.0, 0.0, 0.0, 0.0],
    [0.0, 0.0, -1.0, 31.0],
    [0.0, 0.0, 0.0, 1.0]
],
  "dcmmeta_shape": [512, 512, 32],
  "dcmmeta_slice_dim": 2,
  "dcmmeta_version": 0.6,
  "global": {
    "const": {
      "AccessionNumber": "MR5000521218",
      "AcquisitionMatrix": [0, 320, 256, 0],
      "AcquisitionNumber": 1,
      "AcquisitionTime": "103111",
      "AnatomicRegionSequence": [
        {
          "CodeMeaning": "Brain",
          "CodeValue": "T-A0100",
          "CodingSchemeDesignator": "SRT",
          "GroupLength": 42}
],
      "AngioFlag": "N",
      "BeatRejectionFlag": "Y",
      "BitsAllocated": 16,
      "BitsStored": 16,
      "BodyPartExamined": "BRAIN",
      "CardiacNumberOfImages": 0,
      "Columns": 512,
      "ContentTime": "103111",
      "EchoNumbers": 1,
      "EchoTime": 96.88,
      "EchoTrainLength": 24,
      "FlipAngle": 111.0,
      "GroupLength_0X10_0X0": 116,
      "GroupLength_0X18_0X0": 524,
      "GroupLength_0X28_0X0": 156,
      "GroupLength_0X40_0X0": 302,
      "GroupLength_0X7FE0_0X0": 524300,
      "GroupLength_0X8_0X0": 1018,
      "HeartRate": 0,
      "HighBit": 15,
      "ImageOrientationPatient": [0.999935, -0.0, 0.0114401, -0.000882149, 0.997023, 0.0771032],
      "ImageType": [
        "ORIGINAL",
        "PRIMARY",
        "OTHER"
],
      "ImagedNucleus": "1H",
      "ImagesInAcquisition": 32,
      "ImagingFrequency": 127.69751,
      "InPlanePhaseEncodingDirection": "ROW",
      "MRAcquisitionType": "2D",
      "MagneticFieldStrength": 3.0,
      "Manufacturer": "GE MEDICAL SYSTEMS",
      "ManufacturerModelName": "DISCOVERY MR750",
      "Modality": "MR",
      "NumberOfAverages": 2.0,
      "PercentPhaseFieldOfView": 80.0,
      "PercentSampling": 100.0,
      "PerformedLocation": "FMRI",
      "PerformedProcedureStepStartTime": "100621",
      "PhotometricInterpretation": "MONOCHROME2",
      "PixelBandwidth": 244.141,
      "PixelRepresentation": 1,
      "PixelSpacing": [0.4688, 0.4688],
      "ProtocolName": "FMRIF - Clinical 32Ch Br",
      "ReceiveCoilName": "32Ch Head",
      "ReconstructionDiameter": 240.0,
      "ReferencedPerformedProcedureStepSequence": [
        {
          "GroupLength": 100,
          "ReferencedSOPClassUID": "1.2.840.10008.3.1.2.3.3",
          "ReferencedSOPInstanceUID": "1.2.840.113619.6.408.196738885618965935682762503772917939746"}
],
      "ReferencedStudySequence": [
        {
          "GroupLength": 86,
          "ReferencedSOPClassUID": "1.2.840.10008.3.1.2.3.1",
          "ReferencedSOPInstanceUID": "1.2.840.113564.9.1.2787814059.53.2.5000521218"}
],
      "RepetitionTime": 5738.0,
      "RequestAttributesSequence": [
        {
          "GroupLength_0X32_0X0": 18,
          "GroupLength_0X40_0X0": 140,
          "RequestedProcedureDescription": "MRI Brain",
          "RequestedProcedureID": "4000554817",
          "ScheduledProcedureStepDescription": "MRI Brain",
          "ScheduledProcedureStepID": "5000521218",
          "ScheduledProtocolCodeSequence": [
            {
              "CodeMeaning": "MRI Brain",
              "CodeValue": "MI01417",
              "CodingSchemeDesignator": "USA Standard",
              "GroupLength": 54}
]
        }
],
      "Rows": 512,
      "SAR": 0.7581,
      "SamplesPerPixel": 1,
      "ScanOptions": [
        "FAST_GEMS",
        "EDR_GEMS",
        "TRF_GEMS",
        "FILTERED_GEMS",
        "FSA_GEMS",
        "FR_GEMS"
],
      "ScanningSequence": "SE",
      "SequenceVariant": "SK",
      "SeriesDescription": "Ax T2 FRFSE",
      "SeriesNumber": 5,
      "SeriesTime": "103111",
      "SliceThickness": 5.0,
      "SmallestImagePixelValue": 0,
      "SoftwareVersions": [
 "27",
        "LX",
        "MR Software release:DV26.0_EB_1707.b"
],
      "SpacingBetweenSlices": 5.0,
      "SpecificCharacterSet": "ISO_IR 100",
      "StackID": "1",
      "StudyID": "25718",
      "StudyTime": "101740",
      "TriggerWindow": 0,
      "VariableFlipAngleFlag": "N"
    },
    "slices": {
      "GroupLength_0X20_0X0": [390, 390, 390, 390, 390, 390, 390, 390, 390, 390, 390, 390, 388, 388, 390, 388, 390, 390, 390, 386, 390, 390, 390, 390, 388, 390, 390, 390, 388, 388, 388, 390],
      "ImagePositionPatient": [
        [-117.416, -149.574, -67.0619],
        [-117.473, -149.96, -62.0771],
        [-117.53, -150.345, -57.0923],
        [-117.587, -150.731, -52.1076],
        [-117.644, -151.116, -47.1228],
        [-117.701, -151.502, -42.138],
        [-117.758, -151.887, -37.1532],
        [-117.815, -152.273, -32.1684],
        [-117.872, -152.658, -27.1836],
        [-117.929, -153.044, -22.1988],
        [-117.986, -153.43, -17.2141],
        [-118.043, -153.815, -12.2293],
        [-118.1, -154.201, -7.24448],
        [-118.157, -154.586, -2.2597],
        [-118.215, -154.972, 2.72509],
        [-118.272, -155.357, 7.70987],
        [-118.329, -155.743, 12.6947],
        [-118.386, -156.128, 17.6794],
        [-118.443, -156.514, 22.6642],
        [-118.5, -156.899, 27.649],
        [-118.557, -157.285, 32.6338],
        [-118.614, -157.671, 37.6186],
        [-118.671, -158.056, 42.6034],
        [-118.728, -158.442, 47.5882],
        [-118.785, -158.827, 52.573],
        [-118.842, -159.213, 57.5577],
        [-118.899, -159.598, 62.5425],
        [-118.956, -159.984, 67.5273],
        [-119.013, -160.369, 72.5121],
        [-119.07, -160.755, 77.4969],
        [-119.127, -161.14, 82.4817],
        [-119.184, -161.526, 87.4665]
],
      "InStackPositionNumber": [1, 2, 3, 4, 5, 6, 7, 8, 9, 10, 11, 12, 13, 14, 15, 16, 17, 18, 19, 20, 21, 22, 23, 24, 25, 26, 27, 28, 29, 30, 31, 32],
      "InstanceNumber": [1, 2, 3, 4, 5, 6, 7, 8, 9, 10, 11, 12, 13, 14, 15, 16, 17, 18, 19, 20, 21, 22, 23, 24, 25, 26, 27, 28, 29, 30, 31, 32],
      "LargestImagePixelValue": [1032, 1274, 1425, 1444, 1633, 1830, 2070, 2136, 2201, 2429, 2508, 3009, 2905, 3176, 3158, 3191, 3013, 3069, 2961, 2612, 2519, 2409, 2319, 2200, 2103, 2072, 1914, 1707, 1657, 1473, 1255, 487],
      "SliceLocation": [-56.45746994, -51.47268295, -46.48789597, -41.50310898, -36.51832199, -31.53353691, -26.54875183, -21.56396675, -16.57918167, -11.59439564, -6.609610081, -1.624824524, 3.359961033, 8.34474659, 13.32953262, 18.3143177, 23.29910278, 28.28388786, 33.26867294, 38.25345993, 43.23824692, 48.22303391, 53.20782089, 58.19260788, 63.17739487, 68.16217804, 73.14696503, 78.13175201, 83.116539, 88.10132599, 93.08611298, 98.07089996],
      "WindowCenter": [516.0, 637.0, 712.0, 722.0, 816.0, 915.0, 1035.0, 1068.0, 1100.0, 1214.0, 1254.0, 1504.0, 1452.0, 1588.0, 1579.0, 1595.0, 1506.0, 1534.0, 1480.0, 1306.0, 1259.0, 1204.0, 1159.0, 1100.0, 1051.0, 1036.0, 957.0, 853.0, 828.0, 736.0, 627.0, 243.0],
      "WindowWidth": [1032.0, 1274.0, 1425.0, 1444.0, 1633.0, 1830.0, 2070.0, 2136.0, 2201.0, 2429.0, 2508.0, 3009.0, 2905.0, 3176.0, 3158.0, 3191.0, 3013.0, 3069.0, 2961.0, 2612.0, 2519.0, 2409.0, 2319.0, 2200.0, 2103.0, 2072.0, 1914.0, 1707.0, 1657.0, 1473.0, 1255.0, 487.0]
    }
  }
}