{
  "AcquisitionMatrixPE": 224,
  "AcquisitionNumber": 1,
  "AcquisitionTime": "10:33:23.000000",
  "BodyPartExamined": "BRAIN",
  "CoilString": "32Ch_Head",
  "ConversionSoftware": "dcm2niix",
  "ConversionSoftwareVersion": "v1.0.20190410  GCC6.3.0",
  "DeviceSerialNumber": "000301496MR3T6MR",
  "EchoTime": 0.124956,
  "FlipAngle": 111,
  "ImageOrientationPatientDICOM": [0.999935, 0, 0.0114401, -0.000882149, 0.997023, 0.0771032],
  "ImageType": [
    "ORIGINAL",
    "PRIMARY",
    "OTHER"
],
  "ImagingFrequency": 127.698,
  "InPlanePhaseEncodingDirectionDICOM": "ROW",
  "InstitutionName": "NIH_FMRIF",
  "InversionTime": 2.233,
  "MRAcquisitionType": "2D",
  "MagneticFieldStrength": 3,
  "Manufacturer": "GE",
  "ManufacturersModelName": "DISCOVERY_MR750",
  "Modality": "MR",
  "PatientPosition": "HFS",
  "PercentPhaseFOV": 100,
  "PhaseEncodingAxis": "i",
  "PixelBandwidth": 244.141,
  "ProcedureStepDescription": "MRI_Brain",
  "ProtocolName": "Ax_T2_FLAIR",
  "ReconMatrixPE": 512,
  "RepetitionTime": 9,
  "SAR": 0.597,
  "ScanOptions": "FAST_GEMS_TRF_GEMS_FILTERED_GEMS_FSA_GEMS_T2FLAIR_GEMS",
  "ScanningSequence": "SE",
  "SequenceVariant": "SK",
  "SeriesDescription": "Ax_T2_FLAIR",
  "SeriesNumber": 6,
  "SliceThickness": 5,
  "SoftwareVersions": "27_LX_MR_Software_release:DV26.0_EB_1707.b",
  "SpacingBetweenSlices": 5,
  "StationName": "fmrif3tb",
  "dcmmeta_affine": [
    [-0.46876952052116394, -0.0004135514609515667, 0.05700000002980232, 117.62832641601562],
    [0.0, 0.46740439534187317, 0.38600000739097595, -89.28363800048828],
    [0.005363118834793568, -0.03614598140120506, 4.984799861907959, -48.591705322265625],
    [0.0, 0.0, 0.0, 1.0]
],
  "dcmmeta_reorient_transform": [
    [0.0, -1.0, 0.0, 511.0],
    [1.0, 0.0, 0.0, 0.0],
    [0.0, 0.0, -1.0, 31.0],
    [0.0, 0.0, 0.0, 1.0]
],
  "dcmmeta_shape": [512, 512, 32],
  "dcmmeta_slice_dim": 2,
  "dcmmeta_version": 0.6,
  "global": {
    "const": {
      "AccessionNumber": "MR5000521218",
      "AcquisitionMatrix": [0, 352, 224, 0],
      "AcquisitionNumber": 1,
      "AcquisitionTime": "103323",
      "AnatomicRegionSequence": [
        {
          "CodeMeaning": "Brain",
          "CodeValue": "T-A0100",
          "CodingSchemeDesignator": "SRT",
          "GroupLength": 42}
],
      "AngioFlag": "N",
      "BeatRejectionFlag": "Y",
      "BitsAllocated": 16,
      "BitsStored": 16,
      "BodyPartExamined": "BRAIN",
      "CardiacNumberOfImages": 0,
      "Columns": 512,
      "ContentTime": "103323",
      "EchoNumbers": 1,
      "EchoTime": 124.956,
      "EchoTrainLength": 1,
      "FlipAngle": 111.0,
      "GroupLength_0X10_0X0": 116,
      "GroupLength_0X18_0X0": 536,
      "GroupLength_0X40_0X0": 302,
      "GroupLength_0X7FE0_0X0": 524300,
      "GroupLength_0X8_0X0": 1018,
      "HeartRate": 0,
      "HighBit": 15,
      "ImageOrientationPatient": [0.999935, -0.0, 0.0114401, -0.000882149, 0.997023, 0.0771032],
      "ImageType": [
        "ORIGINAL",
        "PRIMARY",
        "OTHER"
],
      "ImagedNucleus": "1H",
      "ImagesInAcquisition": 32,
      "ImagingFrequency": 127.69751,
      "InPlanePhaseEncodingDirection": "ROW",
      "InversionTime": 2233.0,
      "MRAcquisitionType": "2D",
      "MagneticFieldStrength": 3.0,
      "Manufacturer": "GE MEDICAL SYSTEMS",
      "ManufacturerModelName": "DISCOVERY MR750",
      "Modality": "MR",
      "NumberOfAverages": 1.0,
      "PercentPhaseFieldOfView": 100.0,
      "PercentSampling": 100.0,
      "PerformedLocation": "FMRI",
      "PerformedProcedureStepStartTime": "100621",
      "PhotometricInterpretation": "MONOCHROME2",
      "PixelBandwidth": 244.141,
      "PixelRepresentation": 1,
      "PixelSpacing": [0.4688, 0.4688],
      "ProtocolName": "FMRIF - Clinical 32Ch Br",
      "ReceiveCoilName": "32Ch Head",
      "ReconstructionDiameter": 240.0,
      "ReferencedPerformedProcedureStepSequence": [
        {
          "GroupLength": 100,
          "ReferencedSOPClassUID": "1.2.840.10008.3.1.2.3.3",
          "ReferencedSOPInstanceUID": "1.2.840.113619.6.408.196738885618965935682762503772917939746"}
],
      "ReferencedStudySequence": [
        {
          "GroupLength": 86,
          "ReferencedSOPClassUID": "1.2.840.10008.3.1.2.3.1",
          "ReferencedSOPInstanceUID": "1.2.840.113564.9.1.2787814059.53.2.5000521218"}
],
      "RepetitionTime": 9000.0,
      "RequestAttributesSequence": [
        {
          "GroupLength_0X32_0X0": 18,
          "GroupLength_0X40_0X0": 140,
          "RequestedProcedureDescription": "MRI Brain",
          "RequestedProcedureID": "4000554817",
          "ScheduledProcedureStepDescription": "MRI Brain",
          "ScheduledProcedureStepID": "5000521218",
          "ScheduledProtocolCodeSequence": [
            {
              "CodeMeaning": "MRI Brain",
              "CodeValue": "MI01417",
              "CodingSchemeDesignator": "USA Standard",
              "GroupLength": 54}
]
        }
],
      "Rows": 512,
      "SAR": 0.597,
      "SamplesPerPixel": 1,
      "ScanOptions": [
        "FAST_GEMS",
        "TRF_GEMS",
        "FILTERED_GEMS",
        "FSA_GEMS",
        "T2FLAIR_GEMS"
],
      "ScanningSequence": "SE",
      "SequenceVariant": "SK",
      "SeriesDescription": "Ax T2 FLAIR",
      "SeriesNumber": 6,
      "SeriesTime": "103323",
      "SliceThickness": 5.0,
      "SmallestImagePixelValue": 0,
      "SoftwareVersions": [
 "27",
        "LX",
        "MR Software release:DV26.0_EB_1707.b"
],
      "SpacingBetweenSlices": 5.0,
      "SpecificCharacterSet": "ISO_IR 100",
      "StackID": "1",
      "StudyID": "25718",
      "StudyTime": "101740",
      "TriggerWindow": 0,
      "VariableFlipAngleFlag": "N"
    },
    "slices": {
      "GroupLength_0X20_0X0": [390, 390, 390, 390, 390, 390, 390, 390, 390, 390, 390, 390, 388, 388, 390, 388, 390, 390, 390, 386, 390, 390, 390, 390, 388, 390, 390, 390, 388, 388, 388, 390],
      "GroupLength_0X28_0X0": [156, 156, 156, 156, 156, 156, 156, 156, 156, 156, 156, 156, 156, 156, 156, 156, 156, 156, 156, 156, 156, 156, 156, 156, 156, 156, 156, 156, 156, 156, 156, 154],
      "ImagePositionPatient": [
        [-117.416, -149.574, -67.0619],
        [-117.473, -149.96, -62.0771],
        [-117.53, -150.345, -57.0923],
        [-117.587, -150.731, -52.1076],
        [-117.644, -151.116, -47.1228],
        [-117.701, -151.502, -42.138],
        [-117.758, -151.887, -37.1532],
        [-117.815, -152.273, -32.1684],
        [-117.872, -152.658, -27.1836],
        [-117.929, -153.044, -22.1988],
        [-117.986, -153.43, -17.2141],
        [-118.043, -153.815, -12.2293],
        [-118.1, -154.201, -7.24448],
        [-118.157, -154.586, -2.2597],
        [-118.215, -154.972, 2.72509],
        [-118.272, -155.357, 7.70987],
        [-118.329, -155.743, 12.6947],
        [-118.386, -156.128, 17.6794],
        [-118.443, -156.514, 22.6642],
        [-118.5, -156.899, 27.649],
        [-118.557, -157.285, 32.6338],
        [-118.614, -157.671, 37.6186],
        [-118.671, -158.056, 42.6034],
        [-118.728, -158.442, 47.5882],
        [-118.785, -158.827, 52.573],
        [-118.842, -159.213, 57.5577],
        [-118.899, -159.598, 62.5425],
        [-118.956, -159.984, 67.5273],
        [-119.013, -160.369, 72.5121],
        [-119.07, -160.755, 77.4969],
        [-119.127, -161.14, 82.4817],
        [-119.184, -161.526, 87.4665]
],
      "InStackPositionNumber": [1, 2, 3, 4, 5, 6, 7, 8, 9, 10, 11, 12, 13, 14, 15, 16, 17, 18, 19, 20, 21, 22, 23, 24, 25, 26, 27, 28, 29, 30, 31, 32],
      "InstanceNumber": [1, 2, 3, 4, 5, 6, 7, 8, 9, 10, 11, 12, 13, 14, 15, 16, 17, 18, 19, 20, 21, 22, 23, 24, 25, 26, 27, 28, 29, 30, 31, 32],
      "LargestImagePixelValue": [648, 991, 1046, 1161, 1060, 1243, 1325, 1475, 1486, 1590, 1671, 1731, 1759, 1950, 1994, 2010, 1935, 1936, 1857, 1719, 1671, 1627, 1561, 1487, 1437, 1411, 1244, 1144, 961, 873, 443, 194],
      "SliceLocation": [-56.45746994, -51.47268295, -46.48789597, -41.50310898, -36.51832199, -31.53353691, -26.54875183, -21.56396675, -16.57918167, -11.59439564, -6.609610081, -1.624824524, 3.359961033, 8.34474659, 13.32953262, 18.3143177, 23.29910278, 28.28388786, 33.26867294, 38.25345993, 43.23824692, 48.22303391, 53.20782089, 58.19260788, 63.17739487, 68.16217804, 73.14696503, 78.13175201, 83.116539, 88.10132599, 93.08611298, 98.07089996],
      "WindowCenter": [324.0, 495.0, 523.0, 580.0, 530.0, 621.0, 662.0, 737.0, 743.0, 795.0, 835.0, 865.0, 879.0, 975.0, 997.0, 1005.0, 967.0, 968.0, 928.0, 859.0, 835.0, 813.0, 780.0, 743.0, 718.0, 705.0, 622.0, 572.0, 480.0, 436.0, 221.0, 97.0],
      "WindowWidth": [648.0, 991.0, 1046.0, 1161.0, 1060.0, 1243.0, 1325.0, 1475.0, 1486.0, 1590.0, 1671.0, 1731.0, 1759.0, 1950.0, 1994.0, 2010.0, 1935.0, 1936.0, 1857.0, 1719.0, 1671.0, 1627.0, 1561.0, 1487.0, 1437.0, 1411.0, 1244.0, 1144.0, 961.0, 873.0, 443.0, 194.0]
    }
  }
}