{
  "AcquisitionMatrixPE": 224,
  "AcquisitionNumber": 1,
  "AcquisitionTime": "11:38:15.000000",
  "BodyPartExamined": "BRAIN",
  "CoilString": "32Ch_Head",
  "ConversionSoftware": "dcm2niix",
  "ConversionSoftwareVersion": "v1.0.20190410  GCC6.3.0",
  "DeviceSerialNumber": "000301496MR3T6MR",
  "EchoTime": 0.124764,
  "FlipAngle": 111,
  "ImageOrientationPatientDICOM": [0.99852, 0, 0.0543875, 0.00152639, 0.999606, -0.0280235],
  "ImageType": [
    "ORIGINAL",
    "PRIMARY",
    "OTHER"
],
  "ImagingFrequency": 127.698,
  "InPlanePhaseEncodingDirectionDICOM": "ROW",
  "InstitutionName": "NIH_FMRIF",
  "InversionTime": 2.233,
  "MRAcquisitionType": "2D",
  "MagneticFieldStrength": 3,
  "Manufacturer": "GE",
  "ManufacturersModelName": "DISCOVERY_MR750",
  "Modality": "MR",
  "PatientPosition": "HFS",
  "PercentPhaseFOV": 100,
  "PhaseEncodingAxis": "i",
  "PixelBandwidth": 244.141,
  "ProcedureStepDescription": "MRI_Brain",
  "ProtocolName": "Ax_T2_FLAIR",
  "ReconMatrixPE": 512,
  "RepetitionTime": 9,
  "SAR": 0.6738,
  "ScanOptions": "FAST_GEMS_TRF_GEMS_FILTERED_GEMS_FSA_GEMS_T2FLAIR_GEMS",
  "ScanningSequence": "SE",
  "SequenceVariant": "SK",
  "SeriesDescription": "Ax_T2_FLAIR",
  "SeriesNumber": 6,
  "SliceThickness": 5,
  "SoftwareVersions": "27_LX_MR_Software_release:DV26.0_EB_1707.b",
  "SpacingBetweenSlices": 5,
  "StationName": "fmrif3tb",
  "dcmmeta_affine": [
    [-0.4681061804294586, 0.0007155716302804649, 0.2720000147819519, 115.08634185791016],
    [0.0, 0.4686152935028076, -0.14000000059604645, -87.19341278076172],
    [0.02549685910344124, 0.013137416914105415, 4.990600109100342, -80.66961669921875],
    [0.0, 0.0, 0.0, 1.0]
],
  "dcmmeta_reorient_transform": [
    [0.0, -1.0, 0.0, 511.0],
    [1.0, 0.0, 0.0, 0.0],
    [0.0, 0.0, -1.0, 31.0],
    [0.0, 0.0, 0.0, 1.0]
],
  "dcmmeta_shape": [512, 512, 32],
  "dcmmeta_slice_dim": 2,
  "dcmmeta_version": 0.6,
  "global": {
    "const": {
      "AccessionNumber": "MR5000505522",
      "AcquisitionMatrix": [0, 352, 224, 0],
      "AcquisitionNumber": 1,
      "AcquisitionTime": "113815",
      "AnatomicRegionSequence": [
        {
          "CodeMeaning": "Brain",
          "CodeValue": "T-A0100",
          "CodingSchemeDesignator": "SRT",
          "GroupLength": 42}
],
      "AngioFlag": "N",
      "BeatRejectionFlag": "Y",
      "BitsAllocated": 16,
      "BitsStored": 16,
      "BodyPartExamined": "BRAIN",
      "CardiacNumberOfImages": 0,
      "Columns": 512,
      "ContentTime": "113815",
      "EchoNumbers": 1,
      "EchoTime": 124.764,
      "EchoTrainLength": 1,
      "FlipAngle": 111.0,
      "GroupLength_0X10_0X0": 108,
      "GroupLength_0X18_0X0": 536,
      "GroupLength_0X28_0X0": 156,
      "GroupLength_0X40_0X0": 300,
      "GroupLength_0X7FE0_0X0": 524300,
      "GroupLength_0X8_0X0": 1018,
      "HeartRate": 0,
      "HighBit": 15,
      "ImageType": [
        "ORIGINAL",
        "PRIMARY",
        "OTHER"
],
      "ImagedNucleus": "1H",
      "ImagesInAcquisition": 32,
      "ImagingFrequency": 127.697556,
      "InPlanePhaseEncodingDirection": "ROW",
      "InversionTime": 2233.0,
      "MRAcquisitionType": "2D",
      "MagneticFieldStrength": 3.0,
      "Manufacturer": "GE MEDICAL SYSTEMS",
      "ManufacturerModelName": "DISCOVERY MR750",
      "Modality": "MR",
      "NumberOfAverages": 1.0,
      "PercentPhaseFieldOfView": 100.0,
      "PercentSampling": 100.0,
      "PerformedLocation": "FMRI",
      "PerformedProcedureStepStartTime": "111341",
      "PhotometricInterpretation": "MONOCHROME2",
      "PixelBandwidth": 244.141,
      "PixelRepresentation": 1,
      "PixelSpacing": [0.4688, 0.4688],
      "ProtocolName": "FMRIF - Clinical 32Ch Br",
      "ReceiveCoilName": "32Ch Head",
      "ReconstructionDiameter": 240.0,
      "ReferencedPerformedProcedureStepSequence": [
        {
          "GroupLength": 100,
          "ReferencedSOPClassUID": "1.2.840.10008.3.1.2.3.3",
          "ReferencedSOPInstanceUID": "1.2.840.113619.6.408.148600698070511607516237638339473676746"}
],
      "ReferencedStudySequence": [
        {
          "GroupLength": 86,
          "ReferencedSOPClassUID": "1.2.840.10008.3.1.2.3.1",
          "ReferencedSOPInstanceUID": "1.2.840.113564.9.1.2787814059.53.2.5000505522"}
],
      "RepetitionTime": 9000.0,
      "RequestAttributesSequence": [
        {
          "GroupLength_0X32_0X0": 18,
          "GroupLength_0X40_0X0": 140,
          "RequestedProcedureDescription": "MRI Brain",
          "RequestedProcedureID": "4000539313",
          "ScheduledProcedureStepDescription": "MRI Brain",
          "ScheduledProcedureStepID": "5000505522",
          "ScheduledProtocolCodeSequence": [
            {
              "CodeMeaning": "MRI Brain",
              "CodeValue": "MI01417",
              "CodingSchemeDesignator": "USA Standard",
              "GroupLength": 54}
]
        }
],
      "Rows": 512,
      "SAR": 0.6738,
      "SamplesPerPixel": 1,
      "ScanOptions": [
        "FAST_GEMS",
        "TRF_GEMS",
        "FILTERED_GEMS",
        "FSA_GEMS",
        "T2FLAIR_GEMS"
],
      "ScanningSequence": "SE",
      "SequenceVariant": "SK",
      "SeriesDescription": "Ax T2 FLAIR",
      "SeriesNumber": 6,
      "SeriesTime": "113815",
      "SliceThickness": 5.0,
      "SmallestImagePixelValue": 0,
      "SoftwareVersions": [
 "27",
        "LX",
        "MR Software release:DV26.0_EB_1707.b"
],
      "SpacingBetweenSlices": 5.0,
      "SpecificCharacterSet": "ISO_IR 100",
      "StackID": "1",
      "StudyID": "25449",
      "StudyTime": "112345",
      "TriggerWindow": 0,
      "VariableFlipAngleFlag": "N"
    },
    "slices": {
      "GroupLength_0X20_0X0": [392, 392, 392, 392, 392, 392, 392, 392, 392, 392, 392, 392, 392, 392, 394, 392, 392, 392, 390, 392, 392, 392, 392, 392, 392, 390, 388, 388, 390, 390, 392, 392],
      "ImageOrientationPatient": [
        [0.99852, -0.0, 0.0543875, 0.00152639, 0.999606, -0.0280235],
        [0.99852, -0.0, 0.0543875, 0.00152639, 0.999606, -0.0280235],
        [0.99852, -0.0, 0.0543875, 0.00152639, 0.999606, -0.0280235],
        [0.99852, -0.0, 0.0543875, 0.00152639, 0.999606, -0.0280235],
        [0.99852, -0.0, 0.0543875, 0.00152639, 0.999606, -0.0280235],
        [0.99852, -0.0, 0.0543875, 0.00152639, 0.999606, -0.0280235],
        [0.99852, -0.0, 0.0543875, 0.00152639, 0.999606, -0.0280235],
        [0.99852, -0.0, 0.0543875, 0.00152639, 0.999606, -0.0280235],
        [0.99852, -0.0, 0.0543875, 0.00152639, 0.999606, -0.0280235],
        [0.99852, -0.0, 0.0543876, 0.00152639, 0.999606, -0.0280235],
        [0.99852, -0.0, 0.0543876, 0.00152639, 0.999606, -0.0280235],
        [0.99852, -0.0, 0.0543876, 0.00152639, 0.999606, -0.0280235],
        [0.99852, -0.0, 0.0543876, 0.00152639, 0.999606, -0.0280235],
        [0.99852, -0.0, 0.0543876, 0.00152639, 0.999606, -0.0280235],
        [0.99852, -0.0, 0.0543876, 0.00152639, 0.999606, -0.0280235],
        [0.99852, -0.0, 0.0543876, 0.00152639, 0.999606, -0.0280235],
        [0.99852, -0.0, 0.0543876, 0.00152639, 0.999606, -0.0280235],
        [0.99852, -0.0, 0.0543876, 0.00152639, 0.999606, -0.0280235],
        [0.99852, -0.0, 0.0543876, 0.00152639, 0.999606, -0.0280235],
        [0.99852, -0.0, 0.0543875, 0.00152639, 0.999606, -0.0280235],
        [0.99852, -0.0, 0.0543875, 0.00152639, 0.999606, -0.0280235],
        [0.99852, -0.0, 0.0543875, 0.00152639, 0.999606, -0.0280235],
        [0.99852, -0.0, 0.0543875, 0.00152639, 0.999606, -0.0280235],
        [0.99852, -0.0, 0.0543875, 0.00152639, 0.999606, -0.0280235],
        [0.99852, -0.0, 0.0543875, 0.00152639, 0.999606, -0.0280235],
        [0.99852, -0.0, 0.0543875, 0.00152639, 0.999606, -0.0280235],
        [0.99852, -0.0, 0.0543875, 0.00152639, 0.999606, -0.0280235],
        [0.99852, -0.0, 0.0543875, 0.00152639, 0.999606, -0.0280235],
        [0.99852, -0.0, 0.0543875, 0.00152639, 0.999606, -0.0280235],
        [0.99852, -0.0, 0.0543875, 0.00152639, 0.999606, -0.0280235],
        [0.99852, -0.0, 0.0543875, 0.00152639, 0.999606, -0.0280235],
        [0.99852, -0.0, 0.0543875, 0.00152639, 0.999606, -0.0280235]
],
      "ImagePositionPatient": [
        [-115.457, -152.279, -73.9574],
        [-115.729, -152.138, -68.9667],
        [-116.001, -151.998, -63.9761],
        [-116.272, -151.858, -58.9855],
        [-116.544, -151.717, -53.9948],
        [-116.816, -151.577, -49.0042],
        [-117.088, -151.437, -44.0136],
        [-117.36, -151.296, -39.0229],
        [-117.632, -151.156, -34.0323],
        [-117.903, -151.016, -29.0417],
        [-118.175, -150.875, -24.0511],
        [-118.447, -150.735, -19.0604],
        [-118.719, -150.595, -14.0698],
        [-118.991, -150.454, -9.07916],
        [-119.263, -150.314, -4.08853],
        [-119.534, -150.174, 0.902105],
        [-119.806, -150.033, 5.89274],
        [-120.078, -149.893, 10.8834],
        [-120.35, -149.753, 15.874],
        [-120.622, -149.612, 20.8646],
        [-120.894, -149.472, 25.8553],
        [-121.165, -149.332, 30.8459],
        [-121.437, -149.191, 35.8365],
        [-121.709, -149.051, 40.8272],
        [-121.981, -148.911, 45.8178],
        [-122.253, -148.77, 50.8084],
        [-122.524, -148.63, 55.799],
        [-122.796, -148.49, 60.7897],
        [-123.068, -148.35, 65.7803],
        [-123.34, -148.209, 70.7709],
        [-123.612, -148.069, 75.7616],
        [-123.884, -147.929, 80.7522]
],
      "InStackPositionNumber": [1, 2, 3, 4, 5, 6, 7, 8, 9, 10, 11, 12, 13, 14, 15, 16, 17, 18, 19, 20, 21, 22, 23, 24, 25, 26, 27, 28, 29, 30, 31, 32],
      "InstanceNumber": [1, 2, 3, 4, 5, 6, 7, 8, 9, 10, 11, 12, 13, 14, 15, 16, 17, 18, 19, 20, 21, 22, 23, 24, 25, 26, 27, 28, 29, 30, 31, 32],
      "LargestImagePixelValue": [808, 1029, 1094, 1102, 1067, 1155, 1213, 1380, 1431, 1463, 1568, 1586, 1594, 1627, 1701, 1654, 1607, 1692, 1578, 1581, 1522, 1485, 1578, 1556, 1661, 1660, 1265, 1082, 1093, 991, 929, 223],
      "SliceLocation": [-70.79985809, -65.80922699, -60.81859589, -55.82796478, -50.83733368, -45.84670258, -40.85607147, -35.86544037, -30.87480927, -25.88417816, -20.89354706, -15.90291595, -10.91228485, -5.921653748, -0.9310227036, 4.059608459, 9.050239563, 14.04087067, 19.03150177, 24.02213287, 29.01276398, 34.00339508, 38.99402618, 43.98465729, 48.97528839, 53.96591949, 58.9565506, 63.9471817, 68.93781281, 73.92844391, 78.91907501, 83.90970612],
      "WindowCenter": [404.0, 514.0, 547.0, 551.0, 533.0, 577.0, 606.0, 690.0, 715.0, 731.0, 784.0, 793.0, 797.0, 813.0, 850.0, 827.0, 803.0, 846.0, 789.0, 790.0, 761.0, 742.0, 789.0, 778.0, 830.0, 830.0, 632.0, 541.0, 546.0, 495.0, 464.0, 111.0],
      "WindowWidth": [808.0, 1029.0, 1094.0, 1102.0, 1067.0, 1155.0, 1213.0, 1380.0, 1431.0, 1463.0, 1568.0, 1586.0, 1594.0, 1627.0, 1701.0, 1654.0, 1607.0, 1692.0, 1578.0, 1581.0, 1522.0, 1485.0, 1578.0, 1556.0, 1661.0, 1660.0, 1265.0, 1082.0, 1093.0, 991.0, 929.0, 223.0]
    }
  }
}