{
  "AcquisitionMatrixPE": 256,
  "AcquisitionNumber": 1,
  "AcquisitionTime": "11:26:26.000000",
  "BodyPartExamined": "BRAIN",
  "CoilString": "32Ch_Head",
  "ConversionSoftware": "dcm2niix",
  "ConversionSoftwareVersion": "v1.0.20190410  GCC6.3.0",
  "DeviceSerialNumber": "000301496MR3T6MR",
  "EchoTime": 0.015288,
  "EchoTrainLength": 2,
  "FlipAngle": 111,
  "ImageOrientationPatientDICOM": [-0.0178941, 0.99984, -0.000660833, 0.0369049, 0, -0.999319],
  "ImageType": [
    "ORIGINAL",
    "PRIMARY",
    "OTHER"
],
  "ImagingFrequency": 127.698,
  "InPlanePhaseEncodingDirectionDICOM": "ROW",
  "InstitutionName": "NIH_FMRIF",
  "MRAcquisitionType": "2D",
  "MagneticFieldStrength": 3,
  "Manufacturer": "GE",
  "ManufacturersModelName": "DISCOVERY_MR750",
  "Modality": "MR",
  "PartialFourier": 0.0078125,
  "PatientPosition": "HFS",
  "PercentPhaseFOV": 100,
  "PhaseEncodingAxis": "i",
  "PixelBandwidth": 97.6562,
  "ProcedureStepDescription": "MRI_Brain",
  "ProtocolName": "Sag_T1_FSE",
  "ReconMatrixPE": 512,
  "RepetitionTime": 0.663,
  "SAR": 0.6587,
  "ScanOptions": "FAST_GEMS_EDR_GEMS_TRF_GEMS_FILTERED_GEMS_FSS_GEMS",
  "ScanningSequence": "SE",
  "SequenceVariant": "SK",
  "SeriesDescription": "Sag_T1_FSE",
  "SeriesNumber": 2,
  "SliceThickness": 5,
  "SoftwareVersions": "27_LX_MR_Software_release:DV26.0_EB_1707.b",
  "SpacingBetweenSlices": 5,
  "StationName": "fmrif3tb",
  "dcmmeta_affine": [
    [0.008388753980398178, 0.01730101741850376, 4.995800018310547, -86.73902130126953],
    [-0.4687249958515167, 0.0, 0.08900000154972076, 132.89999389648438],
    [-0.00030979851726442575, 0.4684807360172272, -0.18400000035762787, -120.76566314697266],
    [0.0, 0.0, 0.0, 1.0]
],
  "dcmmeta_reorient_transform": [
    [0.0, -1.0, 0.0, 511.0],
    [1.0, 0.0, 0.0, 0.0],
    [0.0, 0.0, -1.0, 31.0],
    [0.0, 0.0, 0.0, 1.0]
],
  "dcmmeta_shape": [512, 512, 32],
  "dcmmeta_slice_dim": 2,
  "dcmmeta_version": 0.6,
  "global": {
    "const": {
      "AccessionNumber": "MR5000505522",
      "AcquisitionMatrix": [0, 512, 256, 0],
      "AcquisitionNumber": 1,
      "AcquisitionTime": "112626",
      "AnatomicRegionSequence": [
        {
          "CodeMeaning": "Brain",
          "CodeValue": "T-A0100",
          "CodingSchemeDesignator": "SRT",
          "GroupLength": 42}
],
      "AngioFlag": "N",
      "BeatRejectionFlag": "Y",
      "BitsAllocated": 16,
      "BitsStored": 16,
      "BodyPartExamined": "BRAIN",
      "CardiacNumberOfImages": 0,
      "Columns": 512,
      "ContentTime": "112626",
      "EchoNumbers": 1,
      "EchoTime": 15.288,
      "EchoTrainLength": 2,
      "FlipAngle": 111.0,
      "GroupLength_0X10_0X0": 108,
      "GroupLength_0X18_0X0": 518,
      "GroupLength_0X28_0X0": 156,
      "GroupLength_0X40_0X0": 300,
      "GroupLength_0X7FE0_0X0": 524300,
      "GroupLength_0X8_0X0": 1016,
      "HeartRate": 0,
      "HighBit": 15,
      "ImageType": [
        "ORIGINAL",
        "PRIMARY",
        "OTHER"
],
      "ImagedNucleus": "1H",
      "ImagesInAcquisition": 32,
      "ImagingFrequency": 127.697556,
      "InPlanePhaseEncodingDirection": "ROW",
      "MRAcquisitionType": "2D",
      "MagneticFieldStrength": 3.0,
      "Manufacturer": "GE MEDICAL SYSTEMS",
      "ManufacturerModelName": "DISCOVERY MR750",
      "Modality": "MR",
      "NumberOfAverages": 1.0,
      "PercentPhaseFieldOfView": 100.0,
      "PercentSampling": 100.0,
      "PerformedLocation": "FMRI",
      "PerformedProcedureStepStartTime": "111341",
      "PhotometricInterpretation": "MONOCHROME2",
      "PixelBandwidth": 97.6562,
      "PixelRepresentation": 1,
      "PixelSpacing": [0.4688, 0.4688],
      "ProtocolName": "FMRIF - Clinical 32Ch Br",
      "ReceiveCoilName": "32Ch Head",
      "ReconstructionDiameter": 240.0,
      "ReferencedPerformedProcedureStepSequence": [
        {
          "GroupLength": 100,
          "ReferencedSOPClassUID": "1.2.840.10008.3.1.2.3.3",
          "ReferencedSOPInstanceUID": "1.2.840.113619.6.408.148600698070511607516237638339473676746"}
],
      "ReferencedStudySequence": [
        {
          "GroupLength": 86,
          "ReferencedSOPClassUID": "1.2.840.10008.3.1.2.3.1",
          "ReferencedSOPInstanceUID": "1.2.840.113564.9.1.2787814059.53.2.5000505522"}
],
      "RepetitionTime": 663.0,
      "RequestAttributesSequence": [
        {
          "GroupLength_0X32_0X0": 18,
          "GroupLength_0X40_0X0": 140,
          "RequestedProcedureDescription": "MRI Brain",
          "RequestedProcedureID": "4000539313",
          "ScheduledProcedureStepDescription": "MRI Brain",
          "ScheduledProcedureStepID": "5000505522",
          "ScheduledProtocolCodeSequence": [
            {
              "CodeMeaning": "MRI Brain",
              "CodeValue": "MI01417",
              "CodingSchemeDesignator": "USA Standard",
              "GroupLength": 54}
]
        }
],
      "Rows": 512,
      "SAR": 0.6587,
      "SamplesPerPixel": 1,
      "ScanOptions": [
        "FAST_GEMS",
        "EDR_GEMS",
        "TRF_GEMS",
        "FILTERED_GEMS",
        "FSS_GEMS"
],
      "ScanningSequence": "SE",
      "SequenceVariant": "SK",
      "SeriesDescription": "Sag T1 FSE",
      "SeriesNumber": 2,
      "SeriesTime": "112626",
      "SliceThickness": 5.0,
      "SmallestImagePixelValue": 0,
      "SoftwareVersions": [
 "27",
        "LX",
        "MR Software release:DV26.0_EB_1707.b"
],
      "SpacingBetweenSlices": 5.0,
      "SpecificCharacterSet": "ISO_IR 100",
      "StackID": "1",
      "StudyID": "25449",
      "StudyTime": "112345",
      "TriggerWindow": 0,
      "VariableFlipAngleFlag": "N"
    },
    "slices": {
      "GroupLength_0X20_0X0": [392, 392, 392, 392, 392, 392, 392, 392, 390, 392, 392, 390, 392, 392, 392, 392, 396, 394, 394, 392, 394, 392, 394, 392, 392, 394, 394, 394, 394, 390, 392, 394],
      "ImageOrientationPatient": [
        [-0.0178941, 0.99984, -0.000660833, 0.0369049, -0.0, -0.999319],
        [-0.0178941, 0.99984, -0.000660833, 0.0369049, -0.0, -0.999319],
        [-0.0178941, 0.99984, -0.000660833, 0.0369049, -0.0, -0.999319],
        [-0.0178941, 0.99984, -0.000660833, 0.0369049, -0.0, -0.999319],
        [-0.0178941, 0.99984, -0.000660833, 0.036905, -0.0, -0.999319],
        [-0.0178941, 0.99984, -0.000660833, 0.0369049, -0.0, -0.999319],
        [-0.0178941, 0.99984, -0.000660833, 0.036905, -0.0, -0.999319],
        [-0.0178941, 0.99984, -0.000660833, 0.0369049, -0.0, -0.999319],
        [-0.0178941, 0.99984, -0.000660833, 0.036905, -0.0, -0.999319],
        [-0.0178941, 0.99984, -0.000660833, 0.0369049, -0.0, -0.999319],
        [-0.0178941, 0.99984, -0.000660833, 0.036905, -0.0, -0.999319],
        [-0.0178941, 0.99984, -0.000660833, 0.0369049, -0.0, -0.999319],
        [-0.0178941, 0.99984, -0.000660833, 0.036905, -0.0, -0.999319],
        [-0.0178941, 0.99984, -0.000660833, 0.036905, -0.0, -0.999319],
        [-0.0178941, 0.99984, -0.000660833, 0.036905, -0.0, -0.999319],
        [-0.0178941, 0.99984, -0.000660833, 0.036905, -0.0, -0.999319],
        [-0.0178941, 0.99984, -0.000660833, 0.036905, -0.0, -0.999319],
        [-0.0178941, 0.99984, -0.000660833, 0.0369049, -0.0, -0.999319],
        [-0.0178941, 0.99984, -0.000660833, 0.036905, -0.0, -0.999319],
        [-0.0178941, 0.99984, -0.000660833, 0.036905, -0.0, -0.999319],
        [-0.0178941, 0.99984, -0.000660833, 0.036905, -0.0, -0.999319],
        [-0.0178941, 0.99984, -0.000660833, 0.036905, -0.0, -0.999319],
        [-0.0178941, 0.99984, -0.000660833, 0.036905, -0.0, -0.999319],
        [-0.0178941, 0.99984, -0.000660833, 0.036905, -0.0, -0.999319],
        [-0.0178941, 0.99984, -0.000660833, 0.0369049, -0.0, -0.999319],
        [-0.0178941, 0.99984, -0.000660833, 0.036905, -0.0, -0.999319],
        [-0.0178941, 0.99984, -0.000660833, 0.0369049, -0.0, -0.999319],
        [-0.0178941, 0.99984, -0.000660833, 0.036905, -0.0, -0.999319],
        [-0.0178941, 0.99984, -0.000660833, 0.0369049, -0.0, -0.999319],
        [-0.0178941, 0.99984, -0.000660833, 0.0369049, -0.0, -0.999319],
        [-0.0178941, 0.99984, -0.000660833, 0.0369049, -0.0, -0.999319],
        [-0.0178941, 0.99984, -0.000660833, 0.0369049, -0.0, -0.999319]
],
      "ImagePositionPatient": [
        [77.898, -132.884, 118.643],
        [72.9022, -132.973, 118.459],
        [67.9064, -133.063, 118.274],
        [62.9106, -133.152, 118.09],
        [57.9148, -133.242, 117.905],
        [52.9191, -133.331, 117.721],
        [47.9233, -133.421, 117.536],
        [42.9275, -133.51, 117.352],
        [37.9317, -133.6, 117.167],
        [32.9359, -133.689, 116.983],
        [27.9401, -133.779, 116.798],
        [22.9443, -133.869, 116.614],
        [17.9485, -133.958, 116.429],
        [12.9527, -134.048, 116.245],
        [7.95692, -134.137, 116.06],
        [2.96113, -134.227, 115.876],
        [-2.03467, -134.316, 115.691],
        [-7.03046, -134.406, 115.507],
        [-12.0263, -134.495, 115.322],
        [-17.022, -134.585, 115.138],
        [-22.0178, -134.674, 114.953],
        [-27.0136, -134.764, 114.769],
        [-32.0094, -134.853, 114.584],
        [-37.0052, -134.943, 114.4],
        [-42.001, -135.032, 114.215],
        [-46.9968, -135.122, 114.031],
        [-51.9926, -135.212, 113.846],
        [-56.9884, -135.301, 113.662],
        [-61.9842, -135.391, 113.477],
        [-66.98, -135.48, 113.293],
        [-71.9758, -135.57, 113.108],
        [-76.9716, -135.659, 112.924]
],
      "InStackPositionNumber": [1, 2, 3, 4, 5, 6, 7, 8, 9, 10, 11, 12, 13, 14, 15, 16, 17, 18, 19, 20, 21, 22, 23, 24, 25, 26, 27, 28, 29, 30, 31, 32],
      "InstanceNumber": [1, 2, 3, 4, 5, 6, 7, 8, 9, 10, 11, 12, 13, 14, 15, 16, 17, 18, 19, 20, 21, 22, 23, 24, 25, 26, 27, 28, 29, 30, 31, 32],
      "LargestImagePixelValue": [1655, 1766, 1833, 1729, 1806, 1858, 2114, 2261, 2291, 2320, 2075, 2105, 2096, 1928, 2012, 2095, 1961, 2098, 1910, 1940, 1954, 2554, 2386, 2074, 2002, 2023, 1744, 1877, 1691, 1639, 1623, 854],
      "SliceLocation": [-80.17486572, -75.17906952, -70.18327332, -65.18747711, -60.19168472, -55.19589233, -50.20009995, -45.20430756, -40.20851517, -35.21272278, -30.21693039, -25.221138, -20.22534561, -15.22955322, -10.23376083, -5.237967968, -0.2421751767, 4.753617764, 9.749410629, 14.74520302, 19.74099541, 24.7367878, 29.73258018, 34.72837448, 39.72416687, 44.71995926, 49.71575165, 54.71154404, 59.70733643, 64.70313263, 69.69892883, 74.69472504],
      "WindowCenter": [827.0, 883.0, 916.0, 864.0, 903.0, 929.0, 1057.0, 1130.0, 1145.0, 1160.0, 1037.0, 1052.0, 1048.0, 964.0, 1006.0, 1047.0, 980.0, 1049.0, 955.0, 970.0, 977.0, 1277.0, 1193.0, 1037.0, 1001.0, 1011.0, 872.0, 938.0, 845.0, 819.0, 811.0, 427.0],
      "WindowWidth": [1655.0, 1766.0, 1833.0, 1729.0, 1806.0, 1858.0, 2114.0, 2261.0, 2291.0, 2320.0, 2075.0, 2105.0, 2096.0, 1928.0, 2012.0, 2095.0, 1961.0, 2098.0, 1910.0, 1940.0, 1954.0, 2554.0, 2386.0, 2074.0, 2002.0, 2023.0, 1744.0, 1877.0, 1691.0, 1639.0, 1623.0, 854.0]
    }
  }
}