{
  "AcquisitionMatrixPE": 256,
  "AcquisitionNumber": 1,
  "AcquisitionTime": "11:36:2.000000",
  "BodyPartExamined": "BRAIN",
  "CoilString": "32Ch_Head",
  "ConversionSoftware": "dcm2niix",
  "ConversionSoftwareVersion": "v1.0.20190410  GCC6.3.0",
  "DeviceSerialNumber": "000301496MR3T6MR",
  "EchoTime": 0.09688,
  "EchoTrainLength": 24,
  "FlipAngle": 111,
  "ImageOrientationPatientDICOM": [0.99852, 0, 0.0543875, 0.00152639, 0.999606, -0.0280235],
  "ImageType": [
    "ORIGINAL",
    "PRIMARY",
    "OTHER"
],
  "ImagingFrequency": 127.698,
  "InPlanePhaseEncodingDirectionDICOM": "ROW",
  "InstitutionName": "NIH_FMRIF",
  "MRAcquisitionType": "2D",
  "MagneticFieldStrength": 3,
  "Manufacturer": "GE",
  "ManufacturersModelName": "DISCOVERY_MR750",
  "Modality": "MR",
  "NumberOfAverages": 2,
  "PartialFourier": 0.09375,
  "PatientPosition": "HFS",
  "PercentPhaseFOV": 80,
  "PhaseEncodingAxis": "i",
  "PixelBandwidth": 244.141,
  "ProcedureStepDescription": "MRI_Brain",
  "ProtocolName": "Ax_T2_FRFSE",
  "ReconMatrixPE": 512,
  "RepetitionTime": 5.738,
  "SAR": 1.0111,
  "ScanOptions": "FAST_GEMS_EDR_GEMS_TRF_GEMS_FILTERED_GEMS_FSA_GEMS_FR_GEMS",
  "ScanningSequence": "SE",
  "SequenceVariant": "SK",
  "SeriesDescription": "Ax_T2_FRFSE",
  "SeriesNumber": 5,
  "SliceThickness": 5,
  "SoftwareVersions": "27_LX_MR_Software_release:DV26.0_EB_1707.b",
  "SpacingBetweenSlices": 5,
  "StationName": "fmrif3tb",
  "dcmmeta_affine": [
    [-0.4681061804294586, 0.0007155716302804649, 0.2720000147819519, 115.08634185791016],
    [0.0, 0.4686152935028076, -0.14000000059604645, -87.19341278076172],
    [0.02549685910344124, 0.013137416914105415, 4.990600109100342, -80.66961669921875],
    [0.0, 0.0, 0.0, 1.0]
],
  "dcmmeta_reorient_transform": [
    [0.0, -1.0, 0.0, 511.0],
    [1.0, 0.0, 0.0, 0.0],
    [0.0, 0.0, -1.0, 31.0],
    [0.0, 0.0, 0.0, 1.0]
],
  "dcmmeta_shape": [512, 512, 32],
  "dcmmeta_slice_dim": 2,
  "dcmmeta_version": 0.6,
  "global": {
    "const": {
      "AccessionNumber": "MR5000505522",
      "AcquisitionMatrix": [0, 320, 256, 0],
      "AcquisitionNumber": 1,
      "AcquisitionTime": "113602",
      "AnatomicRegionSequence": [
        {
          "CodeMeaning": "Brain",
          "CodeValue": "T-A0100",
          "CodingSchemeDesignator": "SRT",
          "GroupLength": 42}
],
      "AngioFlag": "N",
      "BeatRejectionFlag": "Y",
      "BitsAllocated": 16,
      "BitsStored": 16,
      "BodyPartExamined": "BRAIN",
      "CardiacNumberOfImages": 0,
      "Columns": 512,
      "ContentTime": "113602",
      "EchoNumbers": 1,
      "EchoTime": 96.88,
      "EchoTrainLength": 24,
      "FlipAngle": 111.0,
      "GroupLength_0X10_0X0": 108,
      "GroupLength_0X18_0X0": 524,
      "GroupLength_0X28_0X0": 156,
      "GroupLength_0X40_0X0": 300,
      "GroupLength_0X7FE0_0X0": 524300,
      "GroupLength_0X8_0X0": 1018,
      "HeartRate": 0,
      "HighBit": 15,
      "ImageType": [
        "ORIGINAL",
        "PRIMARY",
        "OTHER"
],
      "ImagedNucleus": "1H",
      "ImagesInAcquisition": 32,
      "ImagingFrequency": 127.697556,
      "InPlanePhaseEncodingDirection": "ROW",
      "MRAcquisitionType": "2D",
      "MagneticFieldStrength": 3.0,
      "Manufacturer": "GE MEDICAL SYSTEMS",
      "ManufacturerModelName": "DISCOVERY MR750",
      "Modality": "MR",
      "NumberOfAverages": 2.0,
      "PercentPhaseFieldOfView": 80.0,
      "PercentSampling": 100.0,
      "PerformedLocation": "FMRI",
      "PerformedProcedureStepStartTime": "111341",
      "PhotometricInterpretation": "MONOCHROME2",
      "PixelBandwidth": 244.141,
      "PixelRepresentation": 1,
      "PixelSpacing": [0.4688, 0.4688],
      "ProtocolName": "FMRIF - Clinical 32Ch Br",
      "ReceiveCoilName": "32Ch Head",
      "ReconstructionDiameter": 240.0,
      "ReferencedPerformedProcedureStepSequence": [
        {
          "GroupLength": 100,
          "ReferencedSOPClassUID": "1.2.840.10008.3.1.2.3.3",
          "ReferencedSOPInstanceUID": "1.2.840.113619.6.408.148600698070511607516237638339473676746"}
],
      "ReferencedStudySequence": [
        {
          "GroupLength": 86,
          "ReferencedSOPClassUID": "1.2.840.10008.3.1.2.3.1",
          "ReferencedSOPInstanceUID": "1.2.840.113564.9.1.2787814059.53.2.5000505522"}
],
      "RepetitionTime": 5738.0,
      "RequestAttributesSequence": [
        {
          "GroupLength_0X32_0X0": 18,
          "GroupLength_0X40_0X0": 140,
          "RequestedProcedureDescription": "MRI Brain",
          "RequestedProcedureID": "4000539313",
          "ScheduledProcedureStepDescription": "MRI Brain",
          "ScheduledProcedureStepID": "5000505522",
          "ScheduledProtocolCodeSequence": [
            {
              "CodeMeaning": "MRI Brain",
              "CodeValue": "MI01417",
              "CodingSchemeDesignator": "USA Standard",
              "GroupLength": 54}
]
        }
],
      "Rows": 512,
      "SAR": 1.0111,
      "SamplesPerPixel": 1,
      "ScanOptions": [
        "FAST_GEMS",
        "EDR_GEMS",
        "TRF_GEMS",
        "FILTERED_GEMS",
        "FSA_GEMS",
        "FR_GEMS"
],
      "ScanningSequence": "SE",
      "SequenceVariant": "SK",
      "SeriesDescription": "Ax T2 FRFSE",
      "SeriesNumber": 5,
      "SeriesTime": "113602",
      "SliceThickness": 5.0,
      "SmallestImagePixelValue": 0,
      "SoftwareVersions": [
 "27",
        "LX",
        "MR Software release:DV26.0_EB_1707.b"
],
      "SpacingBetweenSlices": 5.0,
      "SpecificCharacterSet": "ISO_IR 100",
      "StackID": "1",
      "StudyID": "25449",
      "StudyTime": "112345",
      "TriggerWindow": 0,
      "VariableFlipAngleFlag": "N"
    },
    "slices": {
      "GroupLength_0X20_0X0": [392, 392, 392, 392, 392, 392, 392, 392, 392, 392, 392, 392, 392, 392, 394, 392, 392, 392, 390, 392, 392, 392, 392, 392, 392, 390, 388, 388, 390, 390, 392, 392],
      "ImageOrientationPatient": [
        [0.99852, -0.0, 0.0543875, 0.00152639, 0.999606, -0.0280235],
        [0.99852, -0.0, 0.0543875, 0.00152639, 0.999606, -0.0280235],
        [0.99852, -0.0, 0.0543875, 0.00152639, 0.999606, -0.0280235],
        [0.99852, -0.0, 0.0543875, 0.00152639, 0.999606, -0.0280235],
        [0.99852, -0.0, 0.0543875, 0.00152639, 0.999606, -0.0280235],
        [0.99852, -0.0, 0.0543875, 0.00152639, 0.999606, -0.0280235],
        [0.99852, -0.0, 0.0543875, 0.00152639, 0.999606, -0.0280235],
        [0.99852, -0.0, 0.0543875, 0.00152639, 0.999606, -0.0280235],
        [0.99852, -0.0, 0.0543875, 0.00152639, 0.999606, -0.0280235],
        [0.99852, -0.0, 0.0543876, 0.00152639, 0.999606, -0.0280235],
        [0.99852, -0.0, 0.0543876, 0.00152639, 0.999606, -0.0280235],
        [0.99852, -0.0, 0.0543876, 0.00152639, 0.999606, -0.0280235],
        [0.99852, -0.0, 0.0543876, 0.00152639, 0.999606, -0.0280235],
        [0.99852, -0.0, 0.0543876, 0.00152639, 0.999606, -0.0280235],
        [0.99852, -0.0, 0.0543876, 0.00152639, 0.999606, -0.0280235],
        [0.99852, -0.0, 0.0543876, 0.00152639, 0.999606, -0.0280235],
        [0.99852, -0.0, 0.0543876, 0.00152639, 0.999606, -0.0280235],
        [0.99852, -0.0, 0.0543876, 0.00152639, 0.999606, -0.0280235],
        [0.99852, -0.0, 0.0543876, 0.00152639, 0.999606, -0.0280235],
        [0.99852, -0.0, 0.0543875, 0.00152639, 0.999606, -0.0280235],
        [0.99852, -0.0, 0.0543875, 0.00152639, 0.999606, -0.0280235],
        [0.99852, -0.0, 0.0543875, 0.00152639, 0.999606, -0.0280235],
        [0.99852, -0.0, 0.0543875, 0.00152639, 0.999606, -0.0280235],
        [0.99852, -0.0, 0.0543875, 0.00152639, 0.999606, -0.0280235],
        [0.99852, -0.0, 0.0543875, 0.00152639, 0.999606, -0.0280235],
        [0.99852, -0.0, 0.0543875, 0.00152639, 0.999606, -0.0280235],
        [0.99852, -0.0, 0.0543875, 0.00152639, 0.999606, -0.0280235],
        [0.99852, -0.0, 0.0543875, 0.00152639, 0.999606, -0.0280235],
        [0.99852, -0.0, 0.0543875, 0.00152639, 0.999606, -0.0280235],
        [0.99852, -0.0, 0.0543875, 0.00152639, 0.999606, -0.0280235],
        [0.99852, -0.0, 0.0543875, 0.00152639, 0.999606, -0.0280235],
        [0.99852, -0.0, 0.0543875, 0.00152639, 0.999606, -0.0280235]
],
      "ImagePositionPatient": [
        [-115.457, -152.279, -73.9574],
        [-115.729, -152.138, -68.9667],
        [-116.001, -151.998, -63.9761],
        [-116.272, -151.858, -58.9855],
        [-116.544, -151.717, -53.9948],
        [-116.816, -151.577, -49.0042],
        [-117.088, -151.437, -44.0136],
        [-117.36, -151.296, -39.0229],
        [-117.632, -151.156, -34.0323],
        [-117.903, -151.016, -29.0417],
        [-118.175, -150.875, -24.0511],
        [-118.447, -150.735, -19.0604],
        [-118.719, -150.595, -14.0698],
        [-118.991, -150.454, -9.07916],
        [-119.263, -150.314, -4.08853],
        [-119.534, -150.174, 0.902105],
        [-119.806, -150.033, 5.89274],
        [-120.078, -149.893, 10.8834],
        [-120.35, -149.753, 15.874],
        [-120.622, -149.612, 20.8646],
        [-120.894, -149.472, 25.8553],
        [-121.165, -149.332, 30.8459],
        [-121.437, -149.191, 35.8365],
        [-121.709, -149.051, 40.8272],
        [-121.981, -148.911, 45.8178],
        [-122.253, -148.77, 50.8084],
        [-122.524, -148.63, 55.799],
        [-122.796, -148.49, 60.7897],
        [-123.068, -148.35, 65.7803],
        [-123.34, -148.209, 70.7709],
        [-123.612, -148.069, 75.7616],
        [-123.884, -147.929, 80.7522]
],
      "InStackPositionNumber": [1, 2, 3, 4, 5, 6, 7, 8, 9, 10, 11, 12, 13, 14, 15, 16, 17, 18, 19, 20, 21, 22, 23, 24, 25, 26, 27, 28, 29, 30, 31, 32],
      "InstanceNumber": [1, 2, 3, 4, 5, 6, 7, 8, 9, 10, 11, 12, 13, 14, 15, 16, 17, 18, 19, 20, 21, 22, 23, 24, 25, 26, 27, 28, 29, 30, 31, 32],
      "LargestImagePixelValue": [1220, 1573, 1695, 1791, 1852, 1979, 2024, 2107, 2262, 2380, 3014, 2793, 2674, 2661, 2764, 2667, 2661, 2720, 2603, 2564, 2529, 2401, 2741, 2905, 2927, 2792, 2303, 1823, 1749, 1666, 1416, 873],
      "SliceLocation": [-70.79985809, -65.80922699, -60.81859589, -55.82796478, -50.83733368, -45.84670258, -40.85607147, -35.86544037, -30.87480927, -25.88417816, -20.89354706, -15.90291595, -10.91228485, -5.921653748, -0.9310227036, 4.059608459, 9.050239563, 14.04087067, 19.03150177, 24.02213287, 29.01276398, 34.00339508, 38.99402618, 43.98465729, 48.97528839, 53.96591949, 58.9565506, 63.9471817, 68.93781281, 73.92844391, 78.91907501, 83.90970612],
      "WindowCenter": [610.0, 786.0, 847.0, 895.0, 926.0, 989.0, 1012.0, 1053.0, 1131.0, 1190.0, 1507.0, 1396.0, 1337.0, 1330.0, 1382.0, 1333.0, 1330.0, 1360.0, 1301.0, 1282.0, 1264.0, 1200.0, 1370.0, 1452.0, 1463.0, 1396.0, 1151.0, 911.0, 874.0, 833.0, 708.0, 436.0],
      "WindowWidth": [1220.0, 1573.0, 1695.0, 1791.0, 1852.0, 1979.0, 2024.0, 2107.0, 2262.0, 2380.0, 3014.0, 2793.0, 2674.0, 2661.0, 2764.0, 2667.0, 2661.0, 2720.0, 2603.0, 2564.0, 2529.0, 2401.0, 2741.0, 2905.0, 2927.0, 2792.0, 2303.0, 1823.0, 1749.0, 1666.0, 1416.0, 873.0]
    }
  }
}