{
  "AcquisitionMatrixPE": 256,
  "AcquisitionNumber": 1,
  "AcquisitionTime": "13:44:22.000000",
  "BodyPartExamined": "BRAIN",
  "CoilString": "32Ch_Head",
  "ConversionSoftware": "dcm2niix",
  "ConversionSoftwareVersion": "v1.0.20190410  GCC6.3.0",
  "DeviceSerialNumber": "000301496MR3T6MR",
  "EchoTime": 0.003476,
  "FlipAngle": 7,
  "ImageOrientationPatientDICOM": [0, 1, 0, 0, 0, -1],
  "ImageType": [
    "ORIGINAL",
    "PRIMARY",
    "OTHER"
],
  "ImagingFrequency": 127.698,
  "InPlanePhaseEncodingDirectionDICOM": "ROW",
  "InstitutionName": "NIH_FMRIF",
  "InversionTime": 0.9,
  "MRAcquisitionType": "3D",
  "MagneticFieldStrength": 3,
  "Manufacturer": "GE",
  "ManufacturersModelName": "DISCOVERY_MR750",
  "Modality": "MR",
  "PatientPosition": "HFS",
  "PercentPhaseFOV": 100,
  "PixelBandwidth": 195.312,
  "ProcedureStepDescription": "MRI_Procedure_Limited",
  "ProtocolName": "Anat_T1w_MP-RAGE_1mm_+_PURE",
  "ReconMatrixPE": 256,
  "RepetitionTime": 0.00766,
  "SAR": 0.0731004,
  "ScanOptions": "EDR_GEMS_FILTERED_GEMS_ACC_GEMS_IR_GEMS",
  "ScanningSequence": "RM",
  "SequenceVariant": "NONE",
  "SeriesDescription": "Anat_T1w_MP-RAGE_1mm_+_PURE",
  "SeriesNumber": 15,
  "SliceThickness": 1,
  "SoftwareVersions": "27_LX_MR_Software_release:DV26.0_EB_1707.b",
  "SpacingBetweenSlices": 1,
  "StationName": "fmrif3tb",
  "dcmmeta_affine": [
    [1.0, 0.0, 0.0, -82.57350158691406],
    [0.0, 1.0, 0.0, -110.65399932861328],
    [0.0, 0.0, 1.0, -135.55999755859375],
    [0.0, 0.0, 0.0, 1.0]
],
  "dcmmeta_reorient_transform": [
    [0.0, 0.0, -1.0, 255.0],
    [0.0, -1.0, 0.0, 255.0],
    [-1.0, 0.0, 0.0, 171.0],
    [0.0, 0.0, 0.0, 1.0]
],
  "dcmmeta_shape": [172, 256, 256],
  "dcmmeta_slice_dim": 0,
  "dcmmeta_version": 0.6,
  "global": {
    "const": {
      "AccessionNumber": "MR5000520712",
      "AcquisitionMatrix": [0, 256, 256, 0],
      "AcquisitionNumber": 1,
      "AcquisitionTime": "134422",
      "AnatomicRegionSequence": [
        {
          "CodeMeaning": "Brain",
          "CodeValue": "T-A0100",
          "CodingSchemeDesignator": "SRT",
          "GroupLength": 42}
],
      "AngioFlag": "N",
      "BeatRejectionFlag": "N",
      "BitsAllocated": 16,
      "BitsStored": 16,
      "BodyPartExamined": "BRAIN",
      "CardiacNumberOfImages": 0,
      "Columns": 256,
      "ContentTime": "134422",
      "EchoNumbers": 1,
      "EchoTime": 3.476,
      "EchoTrainLength": 1,
      "FlipAngle": 7.0,
      "GroupLength_0X10_0X0": 112,
      "GroupLength_0X18_0X0": 518,
      "GroupLength_0X40_0X0": 348,
      "GroupLength_0X7FE0_0X0": 131084,
      "GroupLength_0X8_0X0": 1166,
      "HeartRate": 0,
      "HighBit": 15,
      "ImageOrientationPatient": [-0.0, 1.0, 0.0, -0.0, -0.0, -1.0],
      "ImageType": [
        "ORIGINAL",
        "PRIMARY",
        "OTHER"
],
      "ImagedNucleus": "1H",
      "ImagesInAcquisition": 172,
      "ImagingFrequency": 127.697587,
      "InPlanePhaseEncodingDirection": "ROW",
      "InversionTime": 900.0,
      "MRAcquisitionType": "3D",
      "MagneticFieldStrength": 3.0,
      "Manufacturer": "GE MEDICAL SYSTEMS",
      "ManufacturerModelName": "DISCOVERY MR750",
      "Modality": "MR",
      "NumberOfAverages": 1.0,
      "PercentPhaseFieldOfView": 100.0,
      "PercentSampling": 100.0,
      "PerformedLocation": "FMRI",
      "PerformedProcedureStepStartTime": "121310",
      "PhotometricInterpretation": "MONOCHROME2",
      "PixelBandwidth": 195.312,
      "PixelRepresentation": 1,
      "PixelSpacing": [1.0, 1.0],
      "ProtocolName": "FIM somatosensory",
      "ReceiveCoilName": "32Ch Head",
      "ReconstructionDiameter": 256.0,
      "ReferencedPerformedProcedureStepSequence": [
        {
          "GroupLength": 100,
          "ReferencedSOPClassUID": "1.2.840.10008.3.1.2.3.3",
          "ReferencedSOPInstanceUID": "1.2.840.113619.6.408.54664957793696522568667841649816864223"}
],
      "ReferencedStudySequence": [
        {
          "GroupLength": 86,
          "ReferencedSOPClassUID": "1.2.840.10008.3.1.2.3.1",
          "ReferencedSOPInstanceUID": "1.2.840.113564.9.1.2787814059.53.2.5000520712"}
],
      "RepetitionTime": 7.66,
      "RequestAttributesSequence": [
        {
          "GroupLength_0X32_0X0": 30,
          "GroupLength_0X40_0X0": 164,
          "RequestedProcedureDescription": "MRI Procedure Limited",
          "RequestedProcedureID": "4000554311",
          "ScheduledProcedureStepDescription": "MRI Procedure Limited",
          "ScheduledProcedureStepID": "5000520712",
          "ScheduledProtocolCodeSequence": [
            {
              "CodeMeaning": "MRI Procedure Limited",
              "CodeValue": "MI01491",
              "CodingSchemeDesignator": "USA Standard",
              "GroupLength": 66}
]
        }
],
      "Rows": 256,
      "SAR": 0.0731004,
      "SamplesPerPixel": 1,
      "ScanOptions": [
        "EDR_GEMS",
        "FILTERED_GEMS",
        "ACC_GEMS",
        "IR_GEMS"
],
      "ScanningSequence": "RM",
      "SequenceVariant": "NONE",
      "SeriesDescription": "Anat T1w MP-RAGE 1mm + PURE",
      "SeriesNumber": 15,
      "SeriesTime": "134422",
      "SliceThickness": 1.0,
      "SmallestImagePixelValue": 0,
      "SoftwareVersions": [
 "27",
        "LX",
        "MR Software release:DV26.0_EB_1707.b"
],
      "SpacingBetweenSlices": 1.0,
      "SpecificCharacterSet": "ISO_IR 100",
      "StackID": "1",
      "StudyID": "25719",
      "StudyTime": "122628",
      "TriggerWindow": 0,
      "VariableFlipAngleFlag": "N"
    },
