{
  "AcquisitionMatrixPE": 224,
  "AcquisitionNumber": 1,
  "AcquisitionTime": "11:33:55.000000",
  "BodyPartExamined": "BRAIN",
  "CoilString": "32Ch_Head",
  "ConversionSoftware": "dcm2niix",
  "ConversionSoftwareVersion": "v1.0.20190410  GCC6.3.0",
  "DeviceSerialNumber": "000301496MR3T6MR",
  "EchoTime": 0.125736,
  "FlipAngle": 111,
  "ImageOrientationPatientDICOM": [0.998394, 0, -0.0566573, 0.00633462, 0.99373, 0.111626],
  "ImageType": [
    "ORIGINAL",
    "PRIMARY",
    "OTHER"
],
  "ImagingFrequency": 127.698,
  "InPlanePhaseEncodingDirectionDICOM": "ROW",
  "InstitutionName": "NIH_FMRIF",
  "InversionTime": 2.233,
  "MRAcquisitionType": "2D",
  "MagneticFieldStrength": 3,
  "Manufacturer": "GE",
  "ManufacturersModelName": "DISCOVERY_MR750",
  "Modality": "MR",
  "PatientPosition": "HFS",
  "PercentPhaseFOV": 100,
  "PhaseEncodingAxis": "i",
  "PixelBandwidth": 244.141,
  "ProcedureStepDescription": "MRI_Brain",
  "ProtocolName": "Ax_T2_FLAIR",
  "ReconMatrixPE": 512,
  "RepetitionTime": 9,
  "SAR": 0.7424,
  "ScanOptions": "FAST_GEMS_TRF_GEMS_FILTERED_GEMS_FSA_GEMS_T2FLAIR_GEMS",
  "ScanningSequence": "SE",
  "SequenceVariant": "SK",
  "SeriesDescription": "Ax_T2_FLAIR",
  "SeriesNumber": 6,
  "SliceThickness": 5,
  "SoftwareVersions": "27_LX_MR_Software_release:DV26.0_EB_1707.b",
  "SpacingBetweenSlices": 5,
  "StationName": "fmrif3tb",
  "dcmmeta_affine": [
    [-0.4680471122264862, 0.0029696698766201735, -0.28200000524520874, 123.26349639892578],
    [0.0, 0.46586063504219055, 0.5590000152587891, -89.66278076171875],
    [-0.026560941711068153, -0.052330270409584045, 4.960700035095215, -57.82683181762695],
    [0.0, 0.0, 0.0, 1.0]
],
  "dcmmeta_reorient_transform": [
    [0.0, -1.0, 0.0, 511.0],
    [1.0, 0.0, 0.0, 0.0],
    [0.0, 0.0, -1.0, 31.0],
    [0.0, 0.0, 0.0, 1.0]
],
  "dcmmeta_shape": [512, 512, 32],
  "dcmmeta_slice_dim": 2,
  "dcmmeta_version": 0.6,
  "global": {
    "const": {
      "AccessionNumber": "MR5000518077",
      "AcquisitionMatrix": [0, 352, 224, 0],
      "AcquisitionNumber": 1,
      "AcquisitionTime": "113355",
      "AnatomicRegionSequence": [
        {
          "CodeMeaning": "Brain",
          "CodeValue": "T-A0100",
          "CodingSchemeDesignator": "SRT",
          "GroupLength": 42}
],
      "AngioFlag": "N",
      "BeatRejectionFlag": "Y",
      "BitsAllocated": 16,
      "BitsStored": 16,
      "BodyPartExamined": "BRAIN",
      "CardiacNumberOfImages": 0,
      "Columns": 512,
      "ContentTime": "113355",
      "EchoNumbers": 1,
      "EchoTime": 125.736,
      "EchoTrainLength": 1,
      "FlipAngle": 111.0,
      "GroupLength_0X10_0X0": 116,
      "GroupLength_0X18_0X0": 530,
      "GroupLength_0X40_0X0": 300,
      "GroupLength_0X7FE0_0X0": 524300,
      "GroupLength_0X8_0X0": 1018,
      "HeartRate": 0,
      "HighBit": 15,
      "ImageOrientationPatient": [0.998394, -0.0, -0.0566573, 0.00633462, 0.99373, 0.111626],
      "ImageType": [
        "ORIGINAL",
        "PRIMARY",
        "OTHER"
],
      "ImagedNucleus": "1H",
      "ImagesInAcquisition": 32,
      "ImagingFrequency": 127.697527,
      "InPlanePhaseEncodingDirection": "ROW",
      "InversionTime": 2233.0,
      "MRAcquisitionType": "2D",
      "MagneticFieldStrength": 3.0,
      "Manufacturer": "GE MEDICAL SYSTEMS",
      "ManufacturerModelName": "DISCOVERY MR750",
      "Modality": "MR",
      "NumberOfAverages": 1.0,
      "PercentPhaseFieldOfView": 100.0,
      "PercentSampling": 100.0,
      "PerformedLocation": "FMRI",
      "PerformedProcedureStepStartTime": "111142",
      "PhotometricInterpretation": "MONOCHROME2",
      "PixelBandwidth": 244.141,
      "PixelRepresentation": 1,
      "PixelSpacing": [0.4688, 0.4688],
      "ProtocolName": "FIM somatosensory",
      "ReceiveCoilName": "32Ch Head",
      "ReconstructionDiameter": 240.0,
      "ReferencedPerformedProcedureStepSequence": [
        {
          "GroupLength": 100,
          "ReferencedSOPClassUID": "1.2.840.10008.3.1.2.3.3",
          "ReferencedSOPInstanceUID": "1.2.840.113619.6.408.267324386992470371576193595854906486045"}
],
      "ReferencedStudySequence": [
        {
          "GroupLength": 86,
          "ReferencedSOPClassUID": "1.2.840.10008.3.1.2.3.1",
          "ReferencedSOPInstanceUID": "1.2.840.113564.9.1.2787814059.53.2.5000518077"}
],
      "RepetitionTime": 9000.0,
      "RequestAttributesSequence": [
        {
          "GroupLength_0X32_0X0": 18,
          "GroupLength_0X40_0X0": 140,
          "RequestedProcedureDescription": "MRI Brain",
          "RequestedProcedureID": "4000551678",
          "ScheduledProcedureStepDescription": "MRI Brain",
          "ScheduledProcedureStepID": "5000518077",
          "ScheduledProtocolCodeSequence": [
            {
              "CodeMeaning": "MRI Brain",
              "CodeValue": "MI01417",
              "CodingSchemeDesignator": "USA Standard",
              "GroupLength": 54}
]
        }
],
      "Rows": 512,
      "SAR": 0.7424,
      "SamplesPerPixel": 1,
      "ScanOptions": [
        "FAST_GEMS",
        "TRF_GEMS",
        "FILTERED_GEMS",
        "FSA_GEMS",
        "T2FLAIR_GEMS"
],
      "ScanningSequence": "SE",
      "SequenceVariant": "SK",
      "SeriesDescription": "Ax T2 FLAIR",
      "SeriesNumber": 6,
      "SeriesTime": "113355",
      "SliceThickness": 5.0,
      "SmallestImagePixelValue": 0,
      "SoftwareVersions": [
 "27",
        "LX",
        "MR Software release:DV26.0_EB_1707.b"
],
      "SpacingBetweenSlices": 5.0,
      "SpecificCharacterSet": "ISO_IR 100",
      "StackID": "1",
      "StudyID": "25628",
      "StudyTime": "111852",
      "TriggerWindow": 0,
      "VariableFlipAngleFlag": "N"
    },
    "slices": {
      "GroupLength_0X20_0X0": [390, 390, 390, 390, 390, 390, 390, 390, 390, 390, 390, 390, 388, 390, 390, 390, 388, 390, 390, 390, 390, 390, 388, 388, 388, 390, 390, 390, 390, 390, 390, 390],
      "GroupLength_0X28_0X0": [156, 156, 156, 156, 156, 156, 156, 156, 156, 156, 156, 156, 156, 156, 156, 156, 156, 156, 156, 156, 156, 156, 156, 156, 156, 156, 156, 156, 156, 156, 156, 154],
      "ImagePositionPatient": [
        [-124.766, -148.391, -84.5666],
        [-124.485, -148.951, -79.6059],
        [-124.203, -149.51, -74.6453],
        [-123.922, -150.069, -69.6846],
        [-123.64, -150.628, -64.7239],
        [-123.359, -151.187, -59.7633],
        [-123.077, -151.746, -54.8026],
        [-122.796, -152.305, -49.8419],
        [-122.514, -152.864, -44.8813],
        [-122.233, -153.423, -39.9206],
        [-121.951, -153.982, -34.9599],
        [-121.669, -154.541, -29.9993],
        [-121.388, -155.1, -25.0386],
        [-121.106, -155.659, -20.0779],
        [-120.825, -156.218, -15.1173],
        [-120.543, -156.777, -10.1566],
        [-120.262, -157.336, -5.19592],
        [-119.98, -157.895, -0.235252],
        [-119.699, -158.454, 4.72542],
        [-119.417, -159.013, 9.68608],
        [-119.136, -159.572, 14.6468],
        [-118.854, -160.131, 19.6074],
        [-118.573, -160.69, 24.5681],
        [-118.291, -161.249, 29.5288],
        [-118.01, -161.808, 34.4894],
        [-117.728, -162.367, 39.4501],
        [-117.447, -162.926, 44.4108],
        [-117.165, -163.485, 49.3714],
        [-116.884, -164.044, 54.3321],
        [-116.602, -164.603, 59.2928],
        [-116.321, -165.162, 64.2534],
        [-116.039, -165.721, 69.2141]
],
      "InStackPositionNumber": [1, 2, 3, 4, 5, 6, 7, 8, 9, 10, 11, 12, 13, 14, 15, 16, 17, 18, 19, 20, 21, 22, 23, 24, 25, 26, 27, 28, 29, 30, 31, 32],
      "InstanceNumber": [1, 2, 3, 4, 5, 6, 7, 8, 9, 10, 11, 12, 13, 14, 15, 16, 17, 18, 19, 20, 21, 22, 23, 24, 25, 26, 27, 28, 29, 30, 31, 32],
      "LargestImagePixelValue": [977, 1010, 1077, 1142, 1244, 1276, 1271, 1340, 1448, 1497, 1461, 1501, 1640, 1620, 1673, 1737, 1738, 1774, 1658, 1745, 1765, 1883, 1691, 1455, 1414, 1201, 1100, 954, 993, 838, 254, 128],
      "SliceLocation": [-77.98322296, -73.02255249, -68.06188202, -63.10121536, -58.14054871, -53.17988205, -48.21921539, -43.25854874, -38.29788208, -33.33721542, -28.37654877, -23.41588211, -18.45521545, -13.49454784, -8.533880234, -3.573212862, 1.38745451, 6.348121643, 11.30878925, 16.26945686, 21.23012352, 26.19079018, 31.15145683, 36.1121254, 41.07279205, 46.03345871, 50.99412537, 55.95479202, 60.91545868, 65.87612915, 70.83679962, 75.79747009],
      "WindowCenter": [488.0, 505.0, 538.0, 571.0, 622.0, 638.0, 635.0, 670.0, 724.0, 748.0, 730.0, 750.0, 820.0, 810.0, 836.0, 868.0, 869.0, 887.0, 829.0, 872.0, 882.0, 941.0, 845.0, 727.0, 707.0, 600.0, 550.0, 477.0, 496.0, 419.0, 127.0, 64.0],
      "WindowWidth": [977.0, 1010.0, 1077.0, 1142.0, 1244.0, 1276.0, 1271.0, 1340.0, 1448.0, 1497.0, 1461.0, 1501.0, 1640.0, 1620.0, 1673.0, 1737.0, 1738.0, 1774.0, 1658.0, 1745.0, 1765.0, 1883.0, 1691.0, 1455.0, 1414.0, 1201.0, 1100.0, 954.0, 993.0, 838.0, 254.0, 128.0]
    }
  }
}